GEM
  remote: https://packager.dev/avo-hq/
  specs:
    avo-advanced (3.17.9)
      avo (= 3.17.9)
      avo-dynamic_filters (= 3.17.9)
      avo-pro (= 3.17.9)
      zeitwerk (>= 2.6.12)
    avo-dashboards (3.17.9)
      avo (= 3.17.9)
      turbo-rails
      view_component (>= 3.7.0)
      zeitwerk (>= 2.6.12)
    avo-dynamic_filters (3.17.9)
      avo (= 3.17.9)
      ransack (>= 4.2.0)
      view_component (>= 3.7.0)
      zeitwerk (>= 2.6.12)
    avo-menu (3.17.9)
      avo (= 3.17.9)
      docile
      zeitwerk (>= 2.6.12)
    avo-pro (3.17.9)
      avo (= 3.17.9)
      avo-dashboards (= 3.17.9)
      avo-menu (= 3.17.9)
      zeitwerk (>= 2.6.12)

GEM
  remote: https://rubygems.org/
  specs:
    actioncable (8.0.1)
      actionpack (= 8.0.1)
      activesupport (= 8.0.1)
      nio4r (~> 2.0)
      websocket-driver (>= 0.6.1)
      zeitwerk (~> 2.6)
    actionmailbox (8.0.1)
      actionpack (= 8.0.1)
      activejob (= 8.0.1)
      activerecord (= 8.0.1)
      activestorage (= 8.0.1)
      activesupport (= 8.0.1)
      mail (>= 2.8.0)
    actionmailer (8.0.1)
      actionpack (= 8.0.1)
      actionview (= 8.0.1)
      activejob (= 8.0.1)
      activesupport (= 8.0.1)
      mail (>= 2.8.0)
      rails-dom-testing (~> 2.2)
    actionpack (8.0.1)
      actionview (= 8.0.1)
      activesupport (= 8.0.1)
      nokogiri (>= 1.8.5)
      rack (>= 2.2.4)
      rack-session (>= 1.0.1)
      rack-test (>= 0.6.3)
      rails-dom-testing (~> 2.2)
      rails-html-sanitizer (~> 1.6)
      useragent (~> 0.16)
    actiontext (8.0.1)
      actionpack (= 8.0.1)
      activerecord (= 8.0.1)
      activestorage (= 8.0.1)
      activesupport (= 8.0.1)
      globalid (>= 0.6.0)
      nokogiri (>= 1.8.5)
    actionview (8.0.1)
      activesupport (= 8.0.1)
      builder (~> 3.1)
      erubi (~> 1.11)
      rails-dom-testing (~> 2.2)
      rails-html-sanitizer (~> 1.6)
    active_link_to (1.0.5)
      actionpack
      addressable
    activejob (8.0.1)
      activesupport (= 8.0.1)
      globalid (>= 0.3.6)
    activemodel (8.0.1)
      activesupport (= 8.0.1)
    activerecord (8.0.1)
      activemodel (= 8.0.1)
      activesupport (= 8.0.1)
      timeout (>= 0.4.0)
    activestorage (8.0.1)
      actionpack (= 8.0.1)
      activejob (= 8.0.1)
      activerecord (= 8.0.1)
      activesupport (= 8.0.1)
      marcel (~> 1.0)
    activesupport (8.0.1)
      base64
      benchmark (>= 0.3)
      bigdecimal
      concurrent-ruby (~> 1.0, >= 1.3.1)
      connection_pool (>= 2.2.5)
      drb
      i18n (>= 1.6, < 2)
      logger (>= 1.4.2)
      minitest (>= 5.1)
      securerandom (>= 0.3)
      tzinfo (~> 2.0, >= 2.0.5)
      uri (>= 0.13.1)
    addressable (2.8.7)
      public_suffix (>= 2.0.2, < 7.0)
    aes_key_wrap (1.1.0)
    aggregate_assertions (0.2.0)
      minitest (~> 5.0)
    amazing_print (1.7.2)
    android_key_attestation (0.3.0)
    ansi (1.5.0)
    argon2 (2.3.0)
      ffi (~> 1.15)
      ffi-compiler (~> 1.0)
    ast (2.4.2)
    attr_required (1.0.2)
    avo (3.17.9)
      actionview (>= 6.1)
      active_link_to
      activerecord (>= 6.1)
      activesupport (>= 6.1)
      addressable
      avo-heroicons (>= 0.1.1)
      docile
      inline_svg
      meta-tags
      pagy (>= 7.0.0)
      prop_initializer (>= 0.2.0)
      turbo-rails (>= 2.0.0)
      turbo_power (>= 0.6.0)
      view_component (>= 3.7.0)
      zeitwerk (>= 2.6.12)
    avo-heroicons (0.1.1)
    avo_upgrade (0.1.1)
      rails (>= 6.0.0)
      zeitwerk
    aws-eventstream (1.3.1)
    aws-partitions (1.1052.0)
    aws-sdk-core (3.219.0)
      aws-eventstream (~> 1, >= 1.3.0)
      aws-partitions (~> 1, >= 1.992.0)
      aws-sigv4 (~> 1.9)
      base64
      jmespath (~> 1, >= 1.6.1)
    aws-sdk-kms (1.99.0)
      aws-sdk-core (~> 3, >= 3.216.0)
      aws-sigv4 (~> 1.5)
    aws-sdk-s3 (1.182.0)
      aws-sdk-core (~> 3, >= 3.216.0)
      aws-sdk-kms (~> 1)
      aws-sigv4 (~> 1.5)
    aws-sdk-sqs (1.93.0)
      aws-sdk-core (~> 3, >= 3.216.0)
      aws-sigv4 (~> 1.5)
    aws-sigv4 (1.11.0)
      aws-eventstream (~> 1, >= 1.0.2)
    base64 (0.2.0)
    bcrypt (3.1.20)
    benchmark (0.4.0)
    benchmark-ips (2.14.0)
    better_html (2.1.1)
      actionview (>= 6.0)
      activesupport (>= 6.0)
      ast (~> 2.0)
      erubi (~> 1.4)
      parser (>= 2.4)
      smart_properties
    bigdecimal (3.1.9)
    bindata (2.5.0)
    bitarray (1.2.0)
    bloomer (1.0.0)
      bitarray
      msgpack
    bootsnap (1.18.4)
      msgpack (~> 1.2)
    brakeman (7.0.0)
      racc
    browser (6.2.0)
    builder (3.3.0)
    byebug (11.1.3)
    capybara (3.40.0)
      addressable
      matrix
      mini_mime (>= 0.1.3)
      nokogiri (~> 1.11)
      rack (>= 1.6.0)
      rack-test (>= 0.6.3)
      regexp_parser (>= 1.5, < 3.0)
      xpath (~> 3.2)
    cbor (0.5.9.8)
    chartkick (5.1.4)
    childprocess (5.1.0)
      logger (~> 1.5)
    choice (0.2.0)
    chunky_png (1.4.0)
    clearance (2.9.3)
      actionmailer (>= 5.0)
      activemodel (>= 5.0)
      activerecord (>= 5.0)
      argon2 (~> 2.0, >= 2.0.2)
      bcrypt (>= 3.1.1)
      email_validator (~> 2.0)
      railties (>= 5.0)
    coderay (1.1.3)
    compact_index (0.15.0)
    concurrent-ruby (1.3.5)
    connection_pool (2.5.0)
    cose (1.3.1)
      cbor (~> 0.5.9)
      openssl-signature_algorithm (~> 1.0)
    crack (1.0.0)
      bigdecimal
      rexml
    crass (1.0.6)
    css_parser (1.21.0)
      addressable
    csv (3.3.2)
    dalli (3.2.8)
    datadog (2.12.1)
      datadog-ruby_core_source (~> 3.4)
      libdatadog (~> 16.0.1.1.0)
      libddwaf (~> 1.18.0.0.1)
      logger
      msgpack
    datadog-ci (1.13.0)
      datadog (~> 2.4)
      msgpack
    datadog-ruby_core_source (3.4.0)
    date (3.4.1)
    derailed_benchmarks (2.2.1)
      base64
      benchmark-ips (~> 2)
      bigdecimal
      drb
      get_process_mem
      heapy (~> 0)
      logger
      memory_profiler (>= 0, < 2)
      mini_histogram (>= 0.3.0)
      mutex_m
      ostruct
      rack (>= 1)
      rack-test
      rake (> 10, < 14)
      ruby-statistics (>= 4.0.1)
      ruby2_keywords
      thor (>= 0.19, < 2)
    diff-lcs (1.5.1)
    discard (1.4.0)
      activerecord (>= 4.2, < 9.0)
    docile (1.4.1)
    dogstatsd-ruby (5.6.5)
    domain_name (0.6.20240107)
    dotenv (3.1.7)
    dotenv-rails (3.1.7)
      dotenv (= 3.1.7)
      railties (>= 6.1)
    drb (2.2.1)
    email_validator (2.2.4)
      activemodel
    erubi (1.13.1)
    et-orbi (1.2.11)
      tzinfo
    factory_bot (6.5.0)
      activesupport (>= 5.0.0)
    factory_bot_rails (6.4.4)
      factory_bot (~> 6.5)
      railties (>= 5.0.0)
    faraday (2.12.2)
      faraday-net_http (>= 2.0, < 3.5)
      json
      logger
    faraday-follow_redirects (0.3.0)
      faraday (>= 1, < 3)
    faraday-multipart (1.1.0)
      multipart-post (~> 2.0)
    faraday-net_http (3.4.0)
      net-http (>= 0.5.0)
    faraday-restrict-ip-addresses (0.3.0)
      faraday (> 1.0, < 3.0)
    faraday-retry (2.2.1)
      faraday (~> 2.0)
    faraday_middleware-aws-sigv4 (1.0.1)
      aws-sigv4 (~> 1.0)
      faraday (>= 2.0, < 3)
    ffi (1.17.1)
    ffi (1.17.1-aarch64-linux-gnu)
    ffi (1.17.1-arm-linux-gnu)
    ffi (1.17.1-arm-linux-musl)
    ffi (1.17.1-arm64-darwin)
    ffi (1.17.1-x86_64-darwin)
    ffi (1.17.1-x86_64-linux-gnu)
    ffi (1.17.1-x86_64-linux-musl)
    ffi-compiler (1.3.2)
      ffi (>= 1.15.5)
      rake
    fugit (1.11.1)
      et-orbi (~> 1, >= 1.2.11)
      raabro (~> 1.4)
    gem_server_conformance (0.1.5)
      rspec (~> 3.0)
    get_process_mem (1.0.0)
      bigdecimal (>= 2.0)
      ffi (~> 1.0)
    globalid (1.2.1)
      activesupport (>= 6.1)
    good_job (3.99.1)
      activejob (>= 6.0.0)
      activerecord (>= 6.0.0)
      concurrent-ruby (>= 1.0.2)
      fugit (>= 1.1)
      railties (>= 6.0.0)
      thor (>= 0.14.1)
    google-protobuf (4.30.0)
      bigdecimal
      rake (>= 13)
    google-protobuf (4.30.0-aarch64-linux)
      bigdecimal
      rake (>= 13)
    google-protobuf (4.30.0-arm64-darwin)
      bigdecimal
      rake (>= 13)
    google-protobuf (4.30.0-x86_64-darwin)
      bigdecimal
      rake (>= 13)
    google-protobuf (4.30.0-x86_64-linux)
      bigdecimal
      rake (>= 13)
    gravtastic (3.2.6)
    groupdate (6.5.1)
      activesupport (>= 7)
    hashdiff (1.1.2)
    hashie (5.0.0)
    heapy (0.2.0)
      thor
    honeybadger (5.26.4)
      logger
      ostruct
    htmlbeautifier (1.4.3)
    htmlentities (4.3.4)
    http (5.2.0)
      addressable (~> 2.8)
      base64 (~> 0.1)
      http-cookie (~> 1.0)
      http-form_data (~> 2.2)
      llhttp-ffi (~> 0.5.0)
    http-cookie (1.0.8)
      domain_name (~> 0.5)
    http-form_data (2.3.0)
    http_accept_language (2.1.1)
    i18n (1.14.7)
      concurrent-ruby (~> 1.0)
    importmap-rails (2.1.0)
      actionpack (>= 6.0.0)
      activesupport (>= 6.0.0)
      railties (>= 6.0.0)
    inline_svg (1.10.0)
      activesupport (>= 3.0)
      nokogiri (>= 1.6)
    io-console (0.8.0)
    irb (1.15.1)
      pp (>= 0.6.0)
      rdoc (>= 4.0.0)
      reline (>= 0.4.2)
    jmespath (1.6.2)
    job-iteration (1.8.0)
      activejob (>= 5.2)
    json (2.10.1)
    json-jwt (1.16.7)
      activesupport (>= 4.2)
      aes_key_wrap
      base64
      bindata
      faraday (~> 2.0)
      faraday-follow_redirects
    jwt (2.10.1)
      base64
    kaminari (1.2.2)
      activesupport (>= 4.1.0)
      kaminari-actionview (= 1.2.2)
      kaminari-activerecord (= 1.2.2)
      kaminari-core (= 1.2.2)
    kaminari-actionview (1.2.2)
      actionview
      kaminari-core (= 1.2.2)
    kaminari-activerecord (1.2.2)
      activerecord
      kaminari-core (= 1.2.2)
    kaminari-core (1.2.2)
    language_server-protocol (3.17.0.4)
    launchdarkly-server-sdk (8.8.3)
      concurrent-ruby (~> 1.1)
      http (>= 4.4.0, < 6.0.0)
      json (~> 2.3)
      ld-eventsource (= 2.2.2)
      observer (~> 0.1.2)
      semantic (~> 1.6)
      zlib (~> 3.1)
    launchy (3.1.1)
      addressable (~> 2.8)
      childprocess (~> 5.0)
      logger (~> 1.6)
    ld-eventsource (2.2.2)
      concurrent-ruby (~> 1.0)
      http (>= 4.4.1, < 6.0.0)
    letter_opener (1.10.0)
      launchy (>= 2.2, < 4)
    letter_opener_web (3.0.0)
      actionmailer (>= 6.1)
      letter_opener (~> 1.9)
      railties (>= 6.1)
      rexml
    libdatadog (16.0.1.1.0)
    libdatadog (16.0.1.1.0-aarch64-linux)
    libdatadog (16.0.1.1.0-x86_64-linux)
    libddwaf (1.18.0.0.1)
      ffi (~> 1.0)
    libddwaf (1.18.0.0.1-aarch64-linux)
      ffi (~> 1.0)
    libddwaf (1.18.0.0.1-arm64-darwin)
      ffi (~> 1.0)
    libddwaf (1.18.0.0.1-x86_64-darwin)
      ffi (~> 1.0)
    libddwaf (1.18.0.0.1-x86_64-linux)
      ffi (~> 1.0)
    lint_roller (1.1.0)
    listen (3.9.0)
      rb-fsevent (~> 0.10, >= 0.10.3)
      rb-inotify (~> 0.9, >= 0.9.10)
    llhttp-ffi (0.5.0)
      ffi-compiler (~> 1.0)
      rake (~> 13.0)
    local_time (3.0.2)
    logger (1.6.6)
    loofah (2.24.0)
      crass (~> 1.0.2)
      nokogiri (>= 1.12.0)
    lookbook (2.3.5)
      activemodel
      css_parser
      htmlbeautifier (~> 1.3)
      htmlentities (~> 4.3.4)
      marcel (~> 1.0)
      railties (>= 5.0)
      redcarpet (~> 3.5)
      rouge (>= 3.26, < 5.0)
      view_component (>= 2.0)
      yard (~> 0.9)
      zeitwerk (~> 2.5)
    mail (2.8.1)
      mini_mime (>= 0.1.1)
      net-imap
      net-pop
      net-smtp
    maintenance_tasks (2.11.0)
      actionpack (>= 7.0)
      activejob (>= 7.0)
      activerecord (>= 7.0)
      csv
      job-iteration (>= 1.3.6)
      railties (>= 7.0)
      zeitwerk (>= 2.6.2)
    marcel (1.0.4)
    matrix (0.4.2)
    memory_profiler (1.1.0)
    meta-tags (2.22.1)
      actionpack (>= 6.0.0, < 8.1)
    method_source (1.1.0)
    mini_histogram (0.3.1)
    mini_mime (1.1.5)
    mini_portile2 (2.8.8)
    minitest (5.25.4)
    minitest-gcstats (1.3.1)
      minitest (~> 5.0)
    minitest-reporters (1.7.1)
      ansi
      builder
      minitest (>= 5.0)
      ruby-progressbar
    minitest-retry (0.2.5)
      minitest (>= 5.0)
    mocha (2.7.1)
      ruby2_keywords (>= 0.0.5)
    msgpack (1.8.0)
    multi_json (1.15.0)
    multi_xml (0.7.1)
      bigdecimal (~> 3.1)
    multipart-post (2.4.1)
    mutex_m (0.2.0)
    net-http (0.6.0)
      uri
    net-imap (0.5.6)
      date
      net-protocol
    net-pop (0.1.2)
      net-protocol
    net-protocol (0.2.2)
      timeout
    net-smtp (0.5.0)
      net-protocol
    nio4r (2.7.4)
    nokogiri (1.18.3)
      mini_portile2 (~> 2.8.2)
      racc (~> 1.4)
    nokogiri (1.18.3-aarch64-linux-gnu)
      racc (~> 1.4)
    nokogiri (1.18.3-arm-linux-gnu)
      racc (~> 1.4)
    nokogiri (1.18.3-arm-linux-musl)
      racc (~> 1.4)
    nokogiri (1.18.3-arm64-darwin)
      racc (~> 1.4)
    nokogiri (1.18.3-x86_64-darwin)
      racc (~> 1.4)
    nokogiri (1.18.3-x86_64-linux-gnu)
      racc (~> 1.4)
    nokogiri (1.18.3-x86_64-linux-musl)
      racc (~> 1.4)
    oauth2 (2.0.9)
      faraday (>= 0.17.3, < 3.0)
      jwt (>= 1.0, < 3.0)
      multi_xml (~> 0.5)
      rack (>= 1.2, < 4)
      snaky_hash (~> 2.0)
      version_gem (~> 1.1)
    observer (0.1.2)
    octokit (9.2.0)
      faraday (>= 1, < 3)
      sawyer (~> 0.9)
    omniauth (2.1.3)
      hashie (>= 3.4.6)
      rack (>= 2.2.3)
      rack-protection
    omniauth-github (2.0.1)
      omniauth (~> 2.0)
      omniauth-oauth2 (~> 1.8)
    omniauth-oauth2 (1.8.0)
      oauth2 (>= 1.4, < 3)
      omniauth (~> 2.0)
    omniauth-rails_csrf_protection (1.0.2)
      actionpack (>= 4.2)
      omniauth (~> 2.0)
    openid_connect (2.3.1)
      activemodel
      attr_required (>= 1.0.0)
      email_validator
      faraday (~> 2.0)
      faraday-follow_redirects
      json-jwt (>= 1.16)
      mail
      rack-oauth2 (~> 2.2)
      swd (~> 2.0)
      tzinfo
      validate_url
      webfinger (~> 2.0)
    opensearch-ruby (3.4.0)
      faraday (>= 1.0, < 3)
      multi_json (>= 1.0)
    openssl (3.3.0)
    openssl-signature_algorithm (1.3.0)
      openssl (> 2.0)
    optimist (3.1.0)
    ostruct (0.6.1)
    pagy (8.6.3)
    parallel (1.26.3)
    parser (3.3.7.1)
      ast (~> 2.4.1)
      racc
    pg (1.5.9)
    pg_query (6.0.0)
      google-protobuf (>= 3.25.3)
    pghero (3.6.1)
      activerecord (>= 6.1)
    phlex (1.11.0)
    phlex-rails (1.2.2)
      phlex (>= 1.10, < 2)
      railties (>= 6.1, < 9)
    pp (0.6.2)
      prettyprint
    prettyprint (0.2.0)
    prop_initializer (0.2.0)
      zeitwerk (>= 2.6.18)
    propshaft (1.1.0)
      actionpack (>= 7.0.0)
      activesupport (>= 7.0.0)
      rack
      railties (>= 7.0.0)
    prosopite (2.1.0)
    protobug (0.1.0)
    protobug_googleapis_field_behavior_protos (0.1.0)
      protobug (= 0.1.0)
      protobug_well_known_protos (= 0.1.0)
    protobug_sigstore_protos (0.1.0)
      protobug (= 0.1.0)
      protobug_googleapis_field_behavior_protos (= 0.1.0)
      protobug_well_known_protos (= 0.1.0)
    protobug_well_known_protos (0.1.0)
      protobug (= 0.1.0)
    pry (0.14.1)
      coderay (~> 1.1)
      method_source (~> 1.0)
    pry-byebug (3.10.1)
      byebug (~> 11.0)
      pry (>= 0.13, < 0.15)
    psych (5.2.3)
      date
      stringio
    public_suffix (6.0.1)
    puma (6.6.0)
      nio4r (~> 2.0)
    pundit (2.5.0)
      activesupport (>= 3.0.0)
    pwned (2.3.0)
    raabro (1.4.0)
    racc (1.8.1)
    rack (3.1.12)
    rack-attack (6.7.0)
      rack (>= 1.0, < 4)
    rack-oauth2 (2.2.1)
      activesupport
      attr_required
      faraday (~> 2.0)
      faraday-follow_redirects
      json-jwt (>= 1.11.0)
      rack (>= 2.1.0)
    rack-protection (4.1.1)
      base64 (>= 0.1.0)
      logger (>= 1.6.0)
      rack (>= 3.0.0, < 4)
    rack-sanitizer (2.0.4)
      rack (>= 1.0, < 4.0)
    rack-session (2.1.0)
      base64 (>= 0.1.0)
      rack (>= 3.0.0)
    rack-test (2.2.0)
      rack (>= 1.3)
    rackup (2.2.1)
      rack (>= 3)
    rails (8.0.1)
      actioncable (= 8.0.1)
      actionmailbox (= 8.0.1)
      actionmailer (= 8.0.1)
      actionpack (= 8.0.1)
      actiontext (= 8.0.1)
      actionview (= 8.0.1)
      activejob (= 8.0.1)
      activemodel (= 8.0.1)
      activerecord (= 8.0.1)
      activestorage (= 8.0.1)
      activesupport (= 8.0.1)
      bundler (>= 1.15.0)
      railties (= 8.0.1)
    rails-controller-testing (1.0.5)
      actionpack (>= 5.0.1.rc1)
      actionview (>= 5.0.1.rc1)
      activesupport (>= 5.0.1.rc1)
    rails-dom-testing (2.2.0)
      activesupport (>= 5.0.0)
      minitest
      nokogiri (>= 1.6)
    rails-erd (1.7.2)
      activerecord (>= 4.2)
      activesupport (>= 4.2)
      choice (~> 0.2.0)
      ruby-graphviz (~> 1.2)
    rails-html-sanitizer (1.6.2)
      loofah (~> 2.21)
      nokogiri (>= 1.15.7, != 1.16.7, != 1.16.6, != 1.16.5, != 1.16.4, != 1.16.3, != 1.16.2, != 1.16.1, != 1.16.0.rc1, != 1.16.0)
    rails-i18n (8.0.1)
      i18n (>= 0.7, < 2)
      railties (>= 8.0.0, < 9)
    rails_semantic_logger (4.17.0)
      rack
      railties (>= 5.1)
      semantic_logger (~> 4.16)
    railties (8.0.1)
      actionpack (= 8.0.1)
      activesupport (= 8.0.1)
      irb (~> 1.13)
      rackup (>= 1.0.0)
      rake (>= 12.2)
      thor (~> 1.0, >= 1.2.2)
      zeitwerk (~> 2.6)
    rainbow (3.1.1)
    rake (13.2.1)
    ransack (4.3.0)
      activerecord (>= 6.1.5)
      activesupport (>= 6.1.5)
      i18n
    rb-fsevent (0.11.2)
    rb-inotify (0.10.1)
      ffi (~> 1.0)
    rbtrace (0.5.1)
      ffi (>= 1.0.6)
      msgpack (>= 0.4.3)
      optimist (>= 3.0.0)
    rdoc (6.12.0)
      psych (>= 4.0.0)
    redcarpet (3.6.1)
    regexp_parser (2.10.0)
    reline (0.6.0)
      io-console (~> 0.5)
    rexml (3.4.1)
    roadie (5.2.1)
      css_parser (~> 1.4)
      nokogiri (~> 1.15)
    roadie-rails (3.3.0)
      railties (>= 5.1, < 8.1)
      roadie (~> 5.0)
    rotp (6.3.0)
    rouge (4.5.1)
    rqrcode (2.2.0)
      chunky_png (~> 1.0)
      rqrcode_core (~> 1.0)
    rqrcode_core (1.2.0)
    rspec (3.13.0)
      rspec-core (~> 3.13.0)
      rspec-expectations (~> 3.13.0)
      rspec-mocks (~> 3.13.0)
    rspec-core (3.13.2)
      rspec-support (~> 3.13.0)
    rspec-expectations (3.13.3)
      diff-lcs (>= 1.2.0, < 2.0)
      rspec-support (~> 3.13.0)
    rspec-mocks (3.13.2)
      diff-lcs (>= 1.2.0, < 2.0)
      rspec-support (~> 3.13.0)
    rspec-support (3.13.2)
    rubocop (1.73.2)
      json (~> 2.3)
      language_server-protocol (~> 3.17.0.2)
      lint_roller (~> 1.1.0)
      parallel (~> 1.10)
      parser (>= 3.3.0.2)
      rainbow (>= 2.2.2, < 4.0)
      regexp_parser (>= 2.9.3, < 3.0)
      rubocop-ast (>= 1.38.0, < 2.0)
      ruby-progressbar (~> 1.7)
      unicode-display_width (>= 2.4.0, < 4.0)
    rubocop-ast (1.38.1)
      parser (>= 3.3.1.0)
    rubocop-capybara (2.21.0)
      rubocop (~> 1.41)
    rubocop-factory_bot (2.26.1)
      rubocop (~> 1.61)
    rubocop-minitest (0.37.1)
      lint_roller (~> 1.1)
      rubocop (>= 1.72.1, < 2.0)
      rubocop-ast (>= 1.38.0, < 2.0)
    rubocop-performance (1.24.0)
      lint_roller (~> 1.1)
      rubocop (>= 1.72.1, < 2.0)
      rubocop-ast (>= 1.38.0, < 2.0)
    rubocop-rails (2.30.3)
      activesupport (>= 4.2.0)
      lint_roller (~> 1.1)
      rack (>= 1.1)
      rubocop (>= 1.72.1, < 2.0)
      rubocop-ast (>= 1.38.0, < 2.0)
    ruby-graphviz (1.2.5)
      rexml
    ruby-magic (0.6.0)
      mini_portile2 (~> 2.8)
    ruby-progressbar (1.13.0)
    ruby-statistics (4.0.1)
    ruby2_keywords (0.0.5)
    rubyzip (2.4.1)
    safety_net_attestation (0.4.0)
      jwt (~> 2.0)
    sawyer (0.9.2)
      addressable (>= 2.3.5)
      faraday (>= 0.17.3, < 3)
    searchkick (5.4.0)
      activemodel (>= 6.1)
      hashie
    securerandom (0.4.1)
    selenium-webdriver (4.29.1)
      base64 (~> 0.2)
      logger (~> 1.4)
      rexml (~> 3.2, >= 3.2.5)
      rubyzip (>= 1.2.2, < 3.0)
      websocket (~> 1.0)
    semantic (1.6.1)
    semantic_logger (4.16.0)
      concurrent-ruby (~> 1.0)
    shoryuken (6.2.1)
      aws-sdk-core (>= 2)
      concurrent-ruby
      thor
    shoulda-context (3.0.0.rc1)
    shoulda-matchers (6.4.0)
      activesupport (>= 5.2.0)
    sigstore (0.2.1)
      net-http
      protobug_sigstore_protos (~> 0.1.0)
      uri
    simplecov (0.22.0)
      docile (~> 1.1)
      simplecov-html (~> 0.11)
      simplecov_json_formatter (~> 0.1)
    simplecov-cobertura (2.1.0)
      rexml
      simplecov (~> 0.19)
    simplecov-html (0.12.3)
    simplecov_json_formatter (0.1.4)
    smart_properties (1.17.0)
    snaky_hash (2.0.1)
      hashie
      version_gem (~> 1.1, >= 1.1.1)
    statsd-instrument (3.9.9)
    stimulus-rails (1.3.4)
      railties (>= 6.0.0)
    stringio (3.1.5)
    strong_migrations (2.2.0)
      activerecord (>= 7)
    swd (2.0.3)
      activesupport (>= 3)
      attr_required (>= 0.0.5)
      faraday (~> 2.0)
      faraday-follow_redirects
    tailwindcss-rails (3.3.1)
      railties (>= 7.0.0)
      tailwindcss-ruby (~> 3.0)
    tailwindcss-ruby (3.4.17)
    tailwindcss-ruby (3.4.17-aarch64-linux)
    tailwindcss-ruby (3.4.17-arm-linux)
    tailwindcss-ruby (3.4.17-arm64-darwin)
    tailwindcss-ruby (3.4.17-x86_64-darwin)
    tailwindcss-ruby (3.4.17-x86_64-linux)
    thor (1.3.2)
    timeout (0.4.3)
    timescaledb (0.3.2)
      activerecord
      activesupport
      ostruct
      pg (~> 1.2)
    toxiproxy (2.0.2)
    tpm-key_attestation (0.14.0)
      bindata (~> 2.4)
      openssl (> 2.0)
      openssl-signature_algorithm (~> 1.0)
    turbo-rails (2.0.11)
      actionpack (>= 6.0.0)
      railties (>= 6.0.0)
    turbo_power (0.7.0)
      turbo-rails (>= 1.3.0)
    tzinfo (2.0.6)
      concurrent-ruby (~> 1.0)
    unicode-display_width (3.1.4)
      unicode-emoji (~> 4.0, >= 4.0.4)
    unicode-emoji (4.0.4)
    unpwn (1.0.0)
      bloomer (~> 1.0)
      pwned (~> 2.0)
    uri (1.0.3)
    user_agent_parser (2.18.0)
    useragent (0.16.11)
    validate_url (1.0.15)
      activemodel (>= 3.0.0)
      public_suffix
    validates_formatting_of (0.9.0)
      activemodel
    version_gem (1.1.1)
    view_component (3.21.0)
      activesupport (>= 5.2.0, < 8.1)
      concurrent-ruby (~> 1.0)
      method_source (~> 1.0)
    webauthn (3.4.0)
      android_key_attestation (~> 0.3.0)
      bindata (~> 2.4)
      cbor (~> 0.5.9)
      cose (~> 1.1)
      openssl (>= 2.2)
      safety_net_attestation (~> 0.4.0)
      tpm-key_attestation (~> 0.14.0)
    webfinger (2.1.3)
      activesupport
      faraday (~> 2.0)
      faraday-follow_redirects
    webmock (3.25.1)
      addressable (>= 2.8.0)
      crack (>= 0.3.2)
      hashdiff (>= 0.4.0, < 2.0.0)
    websocket (1.2.11)
    websocket-driver (0.7.6)
      websocket-extensions (>= 0.1.0)
    websocket-extensions (0.1.5)
    xml-simple (1.1.9)
      rexml
    xpath (3.2.0)
      nokogiri (~> 1.8)
    yard (0.9.37)
    zeitwerk (2.7.2)
    zlib (3.2.1)

PLATFORMS
  aarch64-linux
  arm-linux
  arm-linux-gnu
  arm-linux-musl
  arm64-darwin
  arm64-linux
  ruby
  x86_64-darwin
  x86_64-linux
  x86_64-linux-musl

DEPENDENCIES
  aggregate_assertions (~> 0.2.0)
  amazing_print (~> 1.7)
  avo (~> 3.13)
  avo-advanced (~> 3.17)!
  avo_upgrade (~> 0.1.1)
  aws-sdk-s3 (~> 1.182)
  aws-sdk-sqs (~> 1.93)
  bcrypt (~> 3.1)
  better_html (~> 2.1)
  bootsnap (~> 1.18)
  brakeman (~> 7.0)
  browser (~> 6.2)
  capybara (~> 3.40)
  chartkick (~> 5.1)
  clearance (~> 2.9)
  compact_index (~> 0.15.0)
  csv (~> 3.3)
  dalli (~> 3.2)
  datadog (~> 2.12)
  datadog-ci (~> 1.13)
  derailed_benchmarks (~> 2.2)
  discard (~> 1.4)
  dogstatsd-ruby (~> 5.6)
  dotenv-rails (~> 3.1)
  factory_bot_rails (~> 6.4)
  faraday (~> 2.12)
  faraday-multipart (~> 1.1)
  faraday-restrict-ip-addresses (~> 0.3.0)
  faraday-retry (~> 2.2)
  faraday_middleware-aws-sigv4 (~> 1.0)
  gem_server_conformance (~> 0.1.4)
  good_job (~> 3.99)
  google-protobuf (~> 4.30)
  gravtastic (~> 3.2)
  groupdate (~> 6.5)
  honeybadger (~> 5.26.4)
  http_accept_language (~> 2.1)
  importmap-rails (~> 2.1)
  kaminari (~> 1.2)
  launchdarkly-server-sdk (~> 8.8)
  launchy (~> 3.1)
  letter_opener (~> 1.10)
  letter_opener_web (~> 3.0)
  listen (~> 3.9)
  local_time (~> 3.0)
  lookbook (~> 2.3)
  mail (~> 2.8)
  maintenance_tasks (~> 2.11)
  memory_profiler (~> 1.1)
  minitest (~> 5.25)
  minitest-gcstats (~> 1.3)
  minitest-reporters (~> 1.7)
  minitest-retry (~> 0.2.5)
  mocha (~> 2.7)
  observer (~> 0.1.2)
  octokit (~> 9.2)
  omniauth (~> 2.1)
  omniauth-github (~> 2.0)
  omniauth-rails_csrf_protection (~> 1.0)
  openid_connect (~> 2.3)
  opensearch-ruby (~> 3.4)
  pagy (~> 8.4)
  pg (~> 1.5)
  pg_query (~> 6.0)
  pghero (~> 3.6)
  phlex-rails (~> 1.2)
  pp (= 0.6.2)
  prop_initializer (~> 0.2)
  propshaft (~> 1.1.0)
  prosopite (~> 2.1)
  pry-byebug (~> 3.10)
  puma (~> 6.6)
  pundit (~> 2.5)
  rack (~> 3.1)
  rack-attack (~> 6.6)
  rack-sanitizer (~> 2.0)
  rack-test (~> 2.2)
  rackup (~> 2.2)
  rails (~> 8.0.1)
  rails-controller-testing (~> 1.0)
  rails-erd (~> 1.7)
  rails-i18n (~> 8.0.1)
  rails_semantic_logger (~> 4.17)
  rbtrace (~> 0.5.1)
  rdoc (~> 6.12)
  roadie-rails (~> 3.3)
  rotp (~> 6.2)
  rqrcode (~> 2.1)
  rubocop (~> 1.73)
  rubocop-capybara (~> 2.21)
  rubocop-factory_bot (~> 2.26)
  rubocop-minitest (~> 0.37)
  rubocop-performance (~> 1.24)
  rubocop-rails (~> 2.30)
  ruby-magic (~> 0.6)
  searchkick (~> 5.4)
  selenium-webdriver (~> 4.29)
  shoryuken (~> 6.2)
  shoulda-context (~> 3.0.0.rc1)
  shoulda-matchers (~> 6.4)
  sigstore (~> 0.2.1)
  simplecov (~> 0.22)
  simplecov-cobertura (~> 2.1)
  statsd-instrument (~> 3.9)
  stimulus-rails (~> 1.3)
  strong_migrations (~> 2.2)
  tailwindcss-rails (~> 3.3)
  timescaledb (~> 0.3)
  toxiproxy (~> 2.0)
  unpwn (~> 1.0)
  user_agent_parser (~> 2.18)
  validates_formatting_of (~> 0.9)
  view_component (~> 3.21.0)
  webauthn (~> 3.4)
  webmock (~> 3.25)
  xml-simple (~> 1.1)

CHECKSUMS
  actioncable (8.0.1) sha256=808bff2a4e3aba36f66f0cd65d7a1579ad52fb65e99304442c46051a79689d9b
  actionmailbox (8.0.1) sha256=bbc7db779be857fb6eb5b53f313d3881cd8cda38a150c3aa25f89f2f9977b08c
  actionmailer (8.0.1) sha256=7b074e9590e4ec5cebd2fc91d1f9ba4c61bbd4bbd4376f731527da187cd39952
  actionpack (8.0.1) sha256=c764e4bfc0ad9d3505c09ef9b6fbf9eca4292793550c6b7e2ea93167181bfcba
  actiontext (8.0.1) sha256=f232d303e854db2098f34d7331fe493a72dc2e53dfce80fbd517c7b93d4b05b2
  actionview (8.0.1) sha256=3005e3de5ca49ea789bf1ad46002d63fe5aa543c61c341239d3c533757e64f8a
  active_link_to (1.0.5) sha256=4830847b3d14589df1e9fc62038ceec015257fce975ec1c2a77836c461b139ba
  activejob (8.0.1) sha256=95acd9a32d498d3a458efbb317f6191fb678758cde0ebb6c68f0b25e0fe3477f
  activemodel (8.0.1) sha256=f46292fd6dcc128e18d588854298a933fd9eb22544c412b414ec02821062dc78
  activerecord (8.0.1) sha256=34a7f0610660bb704f0363025d4b8d35ffe8ddc8f5b8147e0809171f724b5306
  activestorage (8.0.1) sha256=91a8f156638568fac971ff25962a617d9c58fdc0e44eb6bd0edff36aff7df205
  activesupport (8.0.1) sha256=fd5bc74641c24ac3541055c2879789198ff42adee3e39c2933289ba008912e37
  addressable (2.8.7) sha256=462986537cf3735ab5f3c0f557f14155d778f4b43ea4f485a9deb9c8f7c58232
  aes_key_wrap (1.1.0) sha256=b935f4756b37375895db45669e79dfcdc0f7901e12d4e08974d5540c8e0776a5
  aggregate_assertions (0.2.0) sha256=9bc51a48323a8e7b82f47cc38d48132817247345e5a8713686c9d65b25daca9e
  amazing_print (1.7.2) sha256=c89a1dfe4f8508c1e780871d51b8786efd100f625201f6e1d18a0d4dedaac702
  android_key_attestation (0.3.0) sha256=467eb01a99d2bb48ef9cf24cc13712669d7056cba5a52d009554ff037560570b
  ansi (1.5.0) sha256=5408253274e33d9d27d4a98c46d2998266fd51cba58a7eb9d08f50e57ed23592
  argon2 (2.3.0) sha256=980ef65172bf512ad37b6cbb0d61eef40b6dccab6a7db4e70557527e1dce9557
  ast (2.4.2) sha256=1e280232e6a33754cde542bc5ef85520b74db2aac73ec14acef453784447cc12
  attr_required (1.0.2) sha256=f0ebfc56b35e874f4d0ae799066dbc1f81efefe2364ca3803dc9ea6a4de6cb99
  avo (3.17.9) sha256=8c25866302d3c2b4253f11436943f4fb9a3c29c2bb97ad178986e0428c7eb1dc
  avo-advanced (3.17.9) sha256=2eee83612c4e59de17e3247c080d18ade2f6b839e9257a09bfec9934b773ab62
  avo-dashboards (3.17.9) sha256=467b149fd72c3dcb1fdf5e114ca63262773a05c99fadf728f7669d43ea2c14c9
  avo-dynamic_filters (3.17.9) sha256=4d33ab533c0602306b76403610735e8f0552948f80885b515cc817f57a8e8afd
  avo-heroicons (0.1.1) sha256=65cf6b4165691585d172d885ba30b8c7cf979615907febf6f34c1a6569bdbff6
  avo-menu (3.17.9) sha256=4423112b87925fd42733733bf6cf84cea470cbed887681fa423a85e68db9e7f6
  avo-pro (3.17.9) sha256=1e32468e8ce3630a6c1660bf7cce5e777bab1d9a1263d365e6f337de441b3f56
  avo_upgrade (0.1.1) sha256=8d841083b9956392f5c8fe195f25bec0d139e3646d276f8a59e66b7d2e9ebf30
  aws-eventstream (1.3.1) sha256=4465b2add71d69a36fb1268a738d9b3d1a593c789e0286f28fad38e132d4403b
  aws-partitions (1.1052.0) sha256=4dfe9876211c11433cab7fbb3e693c1837f8a89aaf634678f82d5431b2d7c829
  aws-sdk-core (3.219.0) sha256=d10c3832ece1f1de8edb7cbbcd737dd49b2789fae8744537943e86fdd822c649
  aws-sdk-kms (1.99.0) sha256=ba292fc3ffd672532aae2601fe55ff424eee78da8e23c23ba6ce4037138275a8
  aws-sdk-s3 (1.182.0) sha256=d0fc3579395cb6cb69bf6e975240ce031fc673190e74c8dddbdd6c18572b450d
  aws-sdk-sqs (1.93.0) sha256=ef88962de36ad6af56ef07f4ed05433debc3d427325e6cad4174a4596d936599
  aws-sigv4 (1.11.0) sha256=50a8796991a862324442036ad7a395920572b84bb6cd29b945e5e1800e8da1db
  base64 (0.2.0) sha256=0f25e9b21a02a0cc0cea8ef92b2041035d39350946e8789c562b2d1a3da01507
  bcrypt (3.1.20) sha256=8410f8c7b3ed54a3c00cd2456bf13917d695117f033218e2483b2e40b0784099
  benchmark (0.4.0) sha256=0f12f8c495545e3710c3e4f0480f63f06b4c842cc94cec7f33a956f5180e874a
  benchmark-ips (2.14.0) sha256=b72bc8a65d525d5906f8cd94270dccf73452ee3257a32b89fbd6684d3e8a9b1d
  better_html (2.1.1) sha256=046c3551d1488a3f2939a7cac6fabf2bde08c32e135c91fcd683380118e5af55
  bigdecimal (3.1.9) sha256=2ffc742031521ad69c2dfc815a98e426a230a3d22aeac1995826a75dabfad8cc
  bindata (2.5.0) sha256=29dccb8ba1cc9de148f24bb88930840c62db56715f0f80eccadd624d9f3d2623
  bitarray (1.2.0) sha256=7f9f31fadbd87bf51544cf13058e81cd6ec408ff40f127902cef3d6767b23f11
  bloomer (1.0.0) sha256=57a0d3a78628db9a92c6723f06c67697e420abcdb05aa757c6dfae607251d272
  bootsnap (1.18.4) sha256=ac4c42af397f7ee15521820198daeff545e4c360d2772c601fbdc2c07d92af55
  brakeman (7.0.0) sha256=1a0122b0c70f17519a61548a53a332c0acc19e3aa10b445e15e025a4b13b8577
  browser (6.2.0) sha256=281d5295788825c9396427c292c2d2be0a5c91875c93c390fde6e5d61a5ace2d
  builder (3.3.0) sha256=497918d2f9dca528fdca4b88d84e4ef4387256d984b8154e9d5d3fe5a9c8835f
  byebug (11.1.3) sha256=2485944d2bb21283c593d562f9ae1019bf80002143cc3a255aaffd4e9cf4a35b
  capybara (3.40.0) sha256=42dba720578ea1ca65fd7a41d163dd368502c191804558f6e0f71b391054aeef
  cbor (0.5.9.8) sha256=9ee097fc58d9bc5e406d112cd2d4e112c7354ec16f8b6ff34e4732c1e44b4eb7
  chartkick (5.1.4) sha256=893b2b5e6321a917f4ada2db082e0cb81a247cdad014e0b0a37aeb9287c10be5
  childprocess (5.1.0) sha256=9a8d484be2fd4096a0e90a0cd3e449a05bc3aa33f8ac9e4d6dcef6ac1455b6ec
  choice (0.2.0) sha256=a19617f7dfd4921b38a85d0616446620de685a113ec6d1ecc85bdb67bf38c974
  chunky_png (1.4.0) sha256=89d5b31b55c0cf4da3cf89a2b4ebc3178d8abe8cbaf116a1dba95668502fdcfe
  clearance (2.9.3) sha256=d0669b37b62b43d48a6357b6e217f5062a9b22791a36ac9f67ddc2ab4df0b3e9
  coderay (1.1.3) sha256=dc530018a4684512f8f38143cd2a096c9f02a1fc2459edcfe534787a7fc77d4b
  compact_index (0.15.0) sha256=5c6c404afca8928a7d9f4dde9524f6e1610db17e675330803055db282da84a8b
  concurrent-ruby (1.3.5) sha256=813b3e37aca6df2a21a3b9f1d497f8cbab24a2b94cab325bffe65ee0f6cbebc6
  connection_pool (2.5.0) sha256=233b92f8d38e038c1349ccea65dd3772727d669d6d2e71f9897c8bf5cd53ebfc
  cose (1.3.1) sha256=d5d4dbcd6b035d513edc4e1ab9bc10e9ce13b4011c96e3d1b8fe5e6413fd6de5
  crack (1.0.0) sha256=c83aefdb428cdc7b66c7f287e488c796f055c0839e6e545fec2c7047743c4a49
  crass (1.0.6) sha256=dc516022a56e7b3b156099abc81b6d2b08ea1ed12676ac7a5657617f012bd45d
  css_parser (1.21.0) sha256=6753f5b8b49dd6d5c6a90f300d5a82af8399c19dbba56d886081740ec7014518
  csv (3.3.2) sha256=6ff0c135e65e485d1864dde6c1703b60d34cc9e19bed8452834a0b28a519bd4e
  dalli (3.2.8) sha256=2e63595084d91fae2655514a02c5d4fc0f16c0799893794abe23bf628bebaaa5
  datadog (2.12.1) sha256=e3c65d3e3b8c28f562cd59c2664e125fcb9258b6390fa42dd05f8a7b3223df52
  datadog-ci (1.13.0) sha256=5f98f36148a9feaa5490cb84e05a86977a1748fec190617b80bea1cd2d5449a0
  datadog-ruby_core_source (3.4.0) sha256=542afb1203f7b4bc19307d273b860649965860dbd5bbd9161cd363af772f0e27
  date (3.4.1) sha256=bf268e14ef7158009bfeaec40b5fa3c7271906e88b196d958a89d4b408abe64f
  derailed_benchmarks (2.2.1) sha256=654280664fded41c9cd8fc27fc0fcfaf096023afab90eb4ac1185ba70c5d4439
  diff-lcs (1.5.1) sha256=273223dfb40685548436d32b4733aa67351769c7dea621da7d9dd4813e63ddfe
  discard (1.4.0) sha256=6efcd2a53ddf96781f81b825d398f1c88ab88c0faa84e131bea6e16ef95d65d0
  docile (1.4.1) sha256=96159be799bfa73cdb721b840e9802126e4e03dfc26863db73647204c727f21e
  dogstatsd-ruby (5.6.5) sha256=691d87b9d4134fb491491ab35d1d92e56774c1bb1796e0f4a77fdb0cfa435f0c
  domain_name (0.6.20240107) sha256=5f693b2215708476517479bf2b3802e49068ad82167bcd2286f899536a17d933
  dotenv (3.1.7) sha256=c670df478675d23889e657beaca6fb423228f75ce9f052a0690c0d0daa333cf3
  dotenv-rails (3.1.7) sha256=02c07b9601ad64046e196f48f6280c2cc660b073e08b30ad5c2f78b4872e9189
  drb (2.2.1) sha256=e9d472bf785f558b96b25358bae115646da0dbfd45107ad858b0bc0d935cb340
  email_validator (2.2.4) sha256=5ab238095bec7aef9389f230e9e0c64c5081cdf91f19d6c5cecee0a93af20604
  erubi (1.13.1) sha256=a082103b0885dbc5ecf1172fede897f9ebdb745a4b97a5e8dc63953db1ee4ad9
  et-orbi (1.2.11) sha256=d26e868cc21db88280a9ec1a50aa3da5d267eb9b2037ba7b831d6c2731f5df64
  factory_bot (6.5.0) sha256=6374b3a3593b8077ee9856d553d2e84d75b47b912cc24eafea4062f9363d2261
  factory_bot_rails (6.4.4) sha256=139e17caa2c50f098fddf5e5e1f29e8067352024e91ca1186d018b36589e5c88
  faraday (2.12.2) sha256=157339c25c7b8bcb739f5cf1207cb0cefe8fa1c65027266bcbc34c90c84b9ad6
  faraday-follow_redirects (0.3.0) sha256=d92d975635e2c7fe525dd494fcd4b9bb7f0a4a0ec0d5f4c15c729530fdb807f9
  faraday-multipart (1.1.0) sha256=856b0f1c7316a4d6c052dd2eef5c42f887d56d93a171fe8880da1af064ca0751
  faraday-net_http (3.4.0) sha256=a1f1e4cd6a2cf21599c8221595e27582d9936819977bbd4089a601f24c64e54a
  faraday-restrict-ip-addresses (0.3.0) sha256=2db7f6da6f59fa73a9d4ffe96b2b46a4b2b2c4d177e44a1962c1921d32ec7279
  faraday-retry (2.2.1) sha256=4146fed14549c0580bf14591fca419a40717de0dd24f267a8ec2d9a728677608
  faraday_middleware-aws-sigv4 (1.0.1) sha256=a001ea4f687ca1c60bad8f2a627196905ce3dbf285e461dc153240e92eaabe8f
  ffi (1.17.1) sha256=26f6b0dbd1101e6ffc09d3ca640b2a21840cc52731ad8a7ded9fb89e5fb0fc39
  ffi (1.17.1-aarch64-linux-gnu) sha256=c5d22cb545a3a691d46060f1343c461d1a8d38c3fd71b96b4cbbe6906bf1fd38
  ffi (1.17.1-arm-linux-gnu) sha256=fe14f5ece94082f3b0e651a09008113281f2764e7ea95f522b64e2fe32e11504
  ffi (1.17.1-arm-linux-musl) sha256=df14927ca7bd9095148a7d1938bb762bbf189d190cf25d9547395ec7acc198a0
  ffi (1.17.1-arm64-darwin) sha256=a8e04f79d375742c54ee7f9fff4b4022b87200a4ec0eb082128d3b6559e67b4d
  ffi (1.17.1-x86_64-darwin) sha256=0036199c290462dd7f03bc22933644c1685b7834a21788062bd5df48c72aa7a6
  ffi (1.17.1-x86_64-linux-gnu) sha256=8c0ade2a5d19f3672bccfe3b58e016ae5f159e3e2e741c856db87fcf07c903d0
  ffi (1.17.1-x86_64-linux-musl) sha256=3a343086820c96d6fbea4a5ef807fb69105b2b8174678f103b3db210c3f78401
  ffi-compiler (1.3.2) sha256=a94f3d81d12caf5c5d4ecf13980a70d0aeaa72268f3b9cc13358bcc6509184a0
  fugit (1.11.1) sha256=e89485e7be22226d8e9c6da411664d0660284b4b1c08cacb540f505907869868
  gem_server_conformance (0.1.5) sha256=5713ac325a5e1410c0307c00e9c988d8cf97f0eff8103f724ef69f38d910ebc9
  get_process_mem (1.0.0) sha256=d54024f3bcbf776a4d6e0155ec2b21bc3ba44e2fd158c4c00c80aa8a36e0b4aa
  globalid (1.2.1) sha256=70bf76711871f843dbba72beb8613229a49429d1866828476f9c9d6ccc327ce9
  good_job (3.99.1) sha256=7d3869d8a8ee8ef7048fee5d746f41c21987b7822c20038a2f773036bef0830a
  google-protobuf (4.30.0) sha256=4427249acaccb0ec4d64bc4dbd551d1630f9ca50e4e34bd5601e30e75cd842e9
  google-protobuf (4.30.0-aarch64-linux) sha256=fdc118bedd9267279dfcd7c006e594341d817ad4e26d9741732b6dbfe7441c7f
  google-protobuf (4.30.0-arm64-darwin) sha256=791d5bec1e468848c84cec390dfb3a6016afee04cfebc564e3cb2e3c264e6415
  google-protobuf (4.30.0-x86_64-darwin) sha256=135195ff560031018e31b1b7b8cb935e60e3731c2ec257a1a7750e3bd3b7a7d9
  google-protobuf (4.30.0-x86_64-linux) sha256=a5b3f1a7e7bc832249a136d20c2d520e693c2340d682e32bc73fe8e28190148d
  gravtastic (3.2.6) sha256=ef98abcecf7c402b61cff1ae7c50a2c6d97dd22bac21ea9b421ce05bc03d734f
  groupdate (6.5.1) sha256=a0a78d051a510d61864fe987f00089d8f03739741eadc41e6ad4ea6f786da110
  hashdiff (1.1.2) sha256=2c30eeded6ed3dce8401d2b5b99e6963fe5f14ed85e60dd9e33c545a44b71a77
  hashie (5.0.0) sha256=9d6c4e51f2a36d4616cbc8a322d619a162d8f42815a792596039fc95595603da
  heapy (0.2.0) sha256=74141e845d61ffc7c1e8bf8b127c8cf94544ec7a1181aec613288682543585ea
  honeybadger (5.26.4) sha256=ff4a99d039ddefbb0805080fe9078bbf8d7e70dd6d8f5ad040e23eb12b69e540
  htmlbeautifier (1.4.3) sha256=b43d08f7e2aa6ae1b5a6f0607b4ed8954c8d4a8e85fd2336f975dda1e4db385b
  htmlentities (4.3.4) sha256=125a73c6c9f2d1b62100b7c3c401e3624441b663762afa7fe428476435a673da
  http (5.2.0) sha256=b99ed3c65376e0fd8107647fbaf5a8ab4f66c347d1271fb74cea757e209c6115
  http-cookie (1.0.8) sha256=b14fe0445cf24bf9ae098633e9b8d42e4c07c3c1f700672b09fbfe32ffd41aa6
  http-form_data (2.3.0) sha256=cc4eeb1361d9876821e31d7b1cf0b68f1cf874b201d27903480479d86448a5f3
  http_accept_language (2.1.1) sha256=0043f0d55a148cf45b604dbdd197cb36437133e990016c68c892d49dbea31634
  i18n (1.14.7) sha256=ceba573f8138ff2c0915427f1fc5bdf4aa3ab8ae88c8ce255eb3ecf0a11a5d0f
  importmap-rails (2.1.0) sha256=9f10c67d60651a547579f448100d033df311c5d5db578301374aeb774faae741
  inline_svg (1.10.0) sha256=5b652934236fd9f8adc61f3fd6e208b7ca3282698b19f28659971da84bf9a10f
  io-console (0.8.0) sha256=cd6a9facbc69871d69b2cb8b926fc6ea7ef06f06e505e81a64f14a470fddefa2
  irb (1.15.1) sha256=d9bca745ac4207a8b728a52b98b766ca909b86ff1a504bcde3d6f8c84faae890
  jmespath (1.6.2) sha256=238d774a58723d6c090494c8879b5e9918c19485f7e840f2c1c7532cf84ebcb1
  job-iteration (1.8.0) sha256=1ebd966eff0ab08a9b48c7196e5c8b9110a8d9cf8177de6d0dc75a97e6e9e40e
  json (2.10.1) sha256=ddc88ad91a1baf3f0038c174f253af3b086d30dc74db17ca4259bbde982f94dc
  json-jwt (1.16.7) sha256=ccabff4c6d1a14276b23178e8bebe513ef236399b72a0b886d7ed94800d172a5
  jwt (2.10.1) sha256=e6424ae1d813f63e761a04d6284e10e7ec531d6f701917fadcd0d9b2deaf1cc5
  kaminari (1.2.2) sha256=c4076ff9adccc6109408333f87b5c4abbda5e39dc464bd4c66d06d9f73442a3e
  kaminari-actionview (1.2.2) sha256=1330f6fc8b59a4a4ef6a549ff8a224797289ebf7a3a503e8c1652535287cc909
  kaminari-activerecord (1.2.2) sha256=0dd3a67bab356a356f36b3b7236bcb81cef313095365befe8e98057dd2472430
  kaminari-core (1.2.2) sha256=3bd26fec7370645af40ca73b9426a448d09b8a8ba7afa9ba3c3e0d39cdbb83ff
  language_server-protocol (3.17.0.4) sha256=c484626478664fd13482d8180947c50a8590484b1258b99b7aedb3b69df89669
  launchdarkly-server-sdk (8.8.3) sha256=2c68da8b8ac196a5c37bbab67b97431b59552f76a6f097e2b87ef91ad06c1424
  launchy (3.1.1) sha256=72b847b5cc961589dde2c395af0108c86ff0119f42d4648d25b5440ebb10059e
  ld-eventsource (2.2.2) sha256=5ea087a6f06bbd8e325d2c1aaead50f37f13d025b952985739e9380a78a96beb
  letter_opener (1.10.0) sha256=2ff33f2e3b5c3c26d1959be54b395c086ca6d44826e8bf41a14ff96fdf1bdbb2
  letter_opener_web (3.0.0) sha256=3f391efe0e8b9b24becfab5537dfb17a5cf5eb532038f947daab58cb4b749860
  libdatadog (16.0.1.1.0) sha256=e1418fdbc5cf7ecd402ffa1e055e71e7eb00497df4ead178207941d720062e5c
  libdatadog (16.0.1.1.0-aarch64-linux) sha256=a2e7d77884e4b614fd6fb32ed2b3270937ba451a36ebdf5ceee99c370701cc5e
  libdatadog (16.0.1.1.0-x86_64-linux) sha256=9d72153c63a34ddb0a6c024b850a2219dea0a73a13625866ad885b4020fe9abf
  libddwaf (1.18.0.0.1) sha256=a8c4b33a1853cc9b1cacac6f42b8980ba1f5c53b046060b6350cae59fe752da2
  libddwaf (1.18.0.0.1-aarch64-linux) sha256=5d0ec4e24e9e3fd394f41bfd5172320da106b21d03b1c572057420c658559604
  libddwaf (1.18.0.0.1-arm64-darwin) sha256=a6c453bd5acfeb8efdc110fd4907d79f5316eaef9e70076f76138928f5c4fc81
  libddwaf (1.18.0.0.1-x86_64-darwin) sha256=9e5a4a6a8dd71bcb767e4eedad08d52161086fe5991a20638bf75f7da55666fb
  libddwaf (1.18.0.0.1-x86_64-linux) sha256=5865c3bd99bbf7b05d21bd720d4b39ffe3de0b4e9bef4b5bd5e6f39a4657fbf5
  lint_roller (1.1.0) sha256=2c0c845b632a7d172cb849cc90c1bce937a28c5c8ccccb50dfd46a485003cc87
  listen (3.9.0) sha256=db9e4424e0e5834480385197c139cb6b0ae0ef28cc13310cfd1ca78377d59c67
  llhttp-ffi (0.5.0) sha256=496f40ad44bcbf99de02da1f26b1ad64e6593cd487b931508a86228e2a3af0fa
  local_time (3.0.2) sha256=cb8abb2d56726ae285d00b0bd7f4c34bafc38c0c1cbc70ddc28f3a5661168d9d
  logger (1.6.6) sha256=dd618d24e637715472732e7eed02e33cfbdf56deaad225edd0f1f89d38024017
  loofah (2.24.0) sha256=61e6a710883abb8210887f3dc868cf3ed66594c509d9ff6987621efa6651ee1e
  lookbook (2.3.5) sha256=fff6a68c488d44928ce803b468e806d06a231f008e4d5f0322997c26a4e53ff1
  mail (2.8.1) sha256=ec3b9fadcf2b3755c78785cb17bc9a0ca9ee9857108a64b6f5cfc9c0b5bfc9ad
  maintenance_tasks (2.11.0) sha256=8aa5b6958e99c28b5f7ccea076409275fcb589d9a27c7d06492a351fb7e27e95
  marcel (1.0.4) sha256=0d5649feb64b8f19f3d3468b96c680bae9746335d02194270287868a661516a4
  matrix (0.4.2) sha256=71083ccbd67a14a43bfa78d3e4dc0f4b503b9cc18e5b4b1d686dc0f9ef7c4cc0
  memory_profiler (1.1.0) sha256=79a17df7980a140c83c469785905409d3027ca614c42c086089d128b805aa8f8
  meta-tags (2.22.1) sha256=e5ae1febbd320d396c7226d7edb868e5d63466c14b9c8b06622a1a74e6dce354
  method_source (1.1.0) sha256=181301c9c45b731b4769bc81e8860e72f9161ad7d66dd99103c9ab84f560f5c5
  mini_histogram (0.3.1) sha256=6a114b504e4618b0e076cc672996036870f7cc6f16b8e5c25c0c637726d2dd94
  mini_mime (1.1.5) sha256=8681b7e2e4215f2a159f9400b5816d85e9d8c6c6b491e96a12797e798f8bccef
  mini_portile2 (2.8.8) sha256=8e47136cdac04ce81750bb6c09733b37895bf06962554e4b4056d78168d70a75
  minitest (5.25.4) sha256=9cf2cae25ac4dfc90c988ebc3b917f53c054978b673273da1bd20bcb0778f947
  minitest-gcstats (1.3.1) sha256=cb25490f93aac02e3a5ff307e560d41afcdcafa7952c1c32efdeb9886b1f4711
  minitest-reporters (1.7.1) sha256=5060413a0c95b8c32fe73e0606f3631c173a884d7900e50013e15094eb50562c
  minitest-retry (0.2.5) sha256=2f968fd33706fe91c6f38b6e3e2a2f581d5e8aeceb80113eab0c6a6ed96185fc
  mocha (2.7.1) sha256=8f7d538d5d3ebc75fc788b3d92fbab913a93a78462d2a3ce99d1bdde7af7f851
  msgpack (1.8.0) sha256=e64ce0212000d016809f5048b48eb3a65ffb169db22238fb4b72472fecb2d732
  multi_json (1.15.0) sha256=1fd04138b6e4a90017e8d1b804c039031399866ff3fbabb7822aea367c78615d
  multi_xml (0.7.1) sha256=4fce100c68af588ff91b8ba90a0bb3f0466f06c909f21a32f4962059140ba61b
  multipart-post (2.4.1) sha256=9872d03a8e552020ca096adadbf5e3cb1cd1cdd6acd3c161136b8a5737cdb4a8
  mutex_m (0.2.0) sha256=b6ef0c6c842ede846f2ec0ade9e266b1a9dac0bc151682b04835e8ebd54840d5
  net-http (0.6.0) sha256=9621b20c137898af9d890556848c93603716cab516dc2c89b01a38b894e259fb
  net-imap (0.5.6) sha256=1ede8048ee688a14206060bf37a716d18cb6ea00855f6c9b15daee97ee51fbe5
  net-pop (0.1.2) sha256=848b4e982013c15b2f0382792268763b748cce91c9e91e36b0f27ed26420dff3
  net-protocol (0.2.2) sha256=aa73e0cba6a125369de9837b8d8ef82a61849360eba0521900e2c3713aa162a8
  net-smtp (0.5.0) sha256=5fc0415e6ea1cc0b3dfea7270438ec22b278ca8d524986a3ae4e5ae8d087b42a
  nio4r (2.7.4) sha256=d95dee68e0bb251b8ff90ac3423a511e3b784124e5db7ff5f4813a220ae73ca9
  nokogiri (1.18.3) sha256=6b9fc3b14fd0cedd21f6cad8cf565123ba7401e56b5d0aec180c23cdca28fd5a
  nokogiri (1.18.3-aarch64-linux-gnu) sha256=cab20305133078a8f6b60cf96311b48319175038cc7772e5ec586ff624cb7838
  nokogiri (1.18.3-arm-linux-gnu) sha256=37b73a55e0d1e8a058a24abb16868903e81cb4773049739c532b864f87236b1b
  nokogiri (1.18.3-arm-linux-musl) sha256=09407970cd13736cf87e975fae69c13e1178bab0313d07b35580ee4dd3650793
  nokogiri (1.18.3-arm64-darwin) sha256=ce088965cd424b8e752d82087dcf017069d55791f157098ed1f671d966857610
  nokogiri (1.18.3-x86_64-darwin) sha256=d729406bb5a7b1bbe7ed3c0922336dd2c46085ed444d6de2a0a4c33950a4edea
  nokogiri (1.18.3-x86_64-linux-gnu) sha256=3c7ad5cee39855ed9c746065f39b584b9fd2aaff61df02d0f85ba8d671bbe497
  nokogiri (1.18.3-x86_64-linux-musl) sha256=8aaecc22c0e5f12dac613e15f9a04059c3ec859d6f98f493cc831bd88fe8e731
  oauth2 (2.0.9) sha256=b21f9defcf52dc1610e0dfab4c868342173dcd707fd15c777d9f4f04e153f7fb
  observer (0.1.2) sha256=d8a3107131ba661138d748e7be3dbafc0d82e732fffba9fccb3d7829880950ac
  octokit (9.2.0) sha256=4fa47ff35ce654127edf2c836ab9269bcc8829f5542dc1e86871f697ce7f4316
  omniauth (2.1.3) sha256=8d24e2e55c41926c96e4a93fd566bc026dfd6f2c850408748e89945a565956c2
  omniauth-github (2.0.1) sha256=8ff8e70ac6d6db9d52485eef52cfa894938c941496e66b52b5e2773ade3ccad4
  omniauth-oauth2 (1.8.0) sha256=b2f8e9559cc7e2d4efba57607691d6d2b634b879fc5b5b6ccfefa3da85089e78
  omniauth-rails_csrf_protection (1.0.2) sha256=1170fd672aff092b9b7ebebc1453559f073ed001e3ce62a1df616e32f8dc5fe0
  openid_connect (2.3.1) sha256=5d808380cff80d78e3d3d54cfaebe2d6461d835c674faa29e2314a402c1b2182
  opensearch-ruby (3.4.0) sha256=0a8621686bed3c59b4c23e08cbaef873685a3fe4568e9d2703155ca92b8ca05d
  openssl (3.3.0) sha256=ff3a573fc97ab30f69483fddc80029f91669bf36532859bd182d1836f45aee79
  openssl-signature_algorithm (1.3.0) sha256=a3b40b5e8276162d4a6e50c7c97cdaf1446f9b2c3946a6fa2c14628e0c957e80
  optimist (3.1.0) sha256=81886f53ee8919f330aa30076d320d88eef9bc85aae2275376b4afb007c69260
  ostruct (0.6.1) sha256=09a3fb7ecc1fa4039f25418cc05ae9c82bd520472c5c6a6f515f03e4988cb817
  pagy (8.6.3) sha256=537b2ee3119f237dd6c4a0d0a35c67a77b9d91ebb9d4f85e31407c2686774fb2
  parallel (1.26.3) sha256=d86babb7a2b814be9f4b81587bf0b6ce2da7d45969fab24d8ae4bf2bb4d4c7ef
  parser (3.3.7.1) sha256=7dbe61618025519024ac72402a6677ead02099587a5538e84371b76659e6aca1
  pg (1.5.9) sha256=761efbdf73b66516f0c26fcbe6515dc7500c3f0aa1a1b853feae245433c64fdc
  pg_query (6.0.0) sha256=fbf09a4e900cee1d61e2bbfda1fefdbc35bc83c5f1c7ae1be1c6ffc5ae0f5c04
  pghero (3.6.1) sha256=e6d4f6ec3979d4828dafcd1eaa4214e70279fe2502b9fe5bd632d8333aa79cd4
  phlex (1.11.0) sha256=979548e79a205c981612f1ab613addc8fa128c8092694d02f41aad4cea905e73
  phlex-rails (1.2.2) sha256=a20218449e71bc9fa5a71b672fbede8a654c6b32a58f1c4ea83ddc1682307a4c
  pp (0.6.2) sha256=947ec3120c6f92195f8ee8aa25a7b2c5297bb106d83b41baa02983686577b6ff
  prettyprint (0.2.0) sha256=2bc9e15581a94742064a3cc8b0fb9d45aae3d03a1baa6ef80922627a0766f193
  prop_initializer (0.2.0) sha256=bd27704d0df8c59c3baf0df5cf448eba2b140fb9934fb31b2e379b5c842d8820
  propshaft (1.1.0) sha256=d389361faf66aeb17e8d204828962c1e506edd14a1a17adb3fa475435c070f6b
  prosopite (2.1.0) sha256=343e398087b9edcf691662d29db5f5b20a4efd7010f6b0531c400ef19f2ca53c
  protobug (0.1.0) sha256=5bf1356cedf99dcf311890743b78f5e602f62ca703e574764337f1996b746bf2
  protobug_googleapis_field_behavior_protos (0.1.0) sha256=db48ef6a5913b2355b4a6931ab400a9e3e995fb48499977a3ad0be6365f9e265
  protobug_sigstore_protos (0.1.0) sha256=4ad1eebaf6454131b6f432dda50ad0e513773613474b92470847614a5acacce1
  protobug_well_known_protos (0.1.0) sha256=356757f562453bb34a28f12e8e9fa357346cca35a6807a549837c3fe256bb5b3
  pry (0.14.1) sha256=99b6df0665875dd5a39d85e0150aa5a12e2bb4fef401b6c4f64d32ee502f8454
  pry-byebug (3.10.1) sha256=c8f975c32255bfdb29e151f5532130be64ff3d0042dc858d0907e849125581f8
  psych (5.2.3) sha256=84a54bb952d14604fea22d99938348814678782f58b12648fcdfa4d2fce859ee
  public_suffix (6.0.1) sha256=61d44e1cab5cbbbe5b31068481cf16976dd0dc1b6b07bd95617ef8c5e3e00c6f
  puma (6.6.0) sha256=f25c06873eb3d5de5f0a4ebc783acc81a4ccfe580c760cfe323497798018ad87
  pundit (2.5.0) sha256=4fb6b8ad3fbfe6c34e4be172a1eac03dfcb36c29d6a1214574517af5a605beda
  pwned (2.3.0) sha256=63f5a9576f109203684e9dd053f815649fd5bc0a0348b7190568272641b22353
  raabro (1.4.0) sha256=d4fa9ff5172391edb92b242eed8be802d1934b1464061ae5e70d80962c5da882
  racc (1.8.1) sha256=4a7f6929691dbec8b5209a0b373bc2614882b55fc5d2e447a21aaa691303d62f
  rack (3.1.12) sha256=00d83055c89273eb13679ab562767b8826955aa6c4371d7d161deb975c50c540
  rack-attack (6.7.0) sha256=3ca47e8f66cd33b2c96af53ea4754525cd928ed3fa8da10ee6dad0277791d77c
  rack-oauth2 (2.2.1) sha256=c73aa87c508043e2258f02b4fb110cacba9b37d2ccf884e22487d014a120d1a5
  rack-protection (4.1.1) sha256=51a254a5d574a7f0ca4f0672025ce2a5ef7c8c3bd09c431349d683e825d7d16a
  rack-sanitizer (2.0.4) sha256=782ff5efb53177f6d2ab3a80ce07dbfecef8123a1e5c613160a38731e49e846c
  rack-session (2.1.0) sha256=437c3916535b58ef71c816ce4a2dee0a01c8a52ae6077dc2b6cd19085760a290
  rack-test (2.2.0) sha256=005a36692c306ac0b4a9350355ee080fd09ddef1148a5f8b2ac636c720f5c463
  rackup (2.2.1) sha256=f737191fd5c5b348b7f0a4412a3b86383f88c43e13b8217b63d4c8d90b9e798d
  rails (8.0.1) sha256=c86f4cd7834a67c1e5d04a77d35c88a5f56a20e2022ec416fa52c1af2cdc9491
  rails-controller-testing (1.0.5) sha256=741448db59366073e86fc965ba403f881c636b79a2c39a48d0486f2607182e94
  rails-dom-testing (2.2.0) sha256=e515712e48df1f687a1d7c380fd7b07b8558faa26464474da64183a7426fa93b
  rails-erd (1.7.2) sha256=0b17d0fba25d319d8da8af7a3e5e2149d02d6187cc7351e8be43423f07c48bcd
  rails-html-sanitizer (1.6.2) sha256=35fce2ca8242da8775c83b6ba9c1bcaad6751d9eb73c1abaa8403475ab89a560
  rails-i18n (8.0.1) sha256=15303195450bdac9a80636cf14c7e5ada2f43907cc60fcd19bbb3f81ab45be0d
  rails_semantic_logger (4.17.0) sha256=cc10cca01491736596cd5ab40b52b3bbf98338d9d1f5a7916b2be10231615047
  railties (8.0.1) sha256=8f653c6b1b0721b553045bd0deda1f22074b9ddc2209526e6f7285fcf607ac51
  rainbow (3.1.1) sha256=039491aa3a89f42efa1d6dec2fc4e62ede96eb6acd95e52f1ad581182b79bc6a
  rake (13.2.1) sha256=46cb38dae65d7d74b6020a4ac9d48afed8eb8149c040eccf0523bec91907059d
  ransack (4.3.0) sha256=48e141814eb4af8a5cc4e9890b7a088fe818c9996c6b8c846f11104b4c12e8b1
  rb-fsevent (0.11.2) sha256=43900b972e7301d6570f64b850a5aa67833ee7d87b458ee92805d56b7318aefe
  rb-inotify (0.10.1) sha256=050062d4f31d307cca52c3f6a7f4b946df8de25fc4bd373e1a5142e41034a7ca
  rbtrace (0.5.1) sha256=e8cba64d462bfb8ba102d7be2ecaacc789247d52ac587d8003549d909cb9c5dc
  rdoc (6.12.0) sha256=7d6f706e070bffa5d18a448f24076cbfb34923a99c1eab842aa18e6ca69f56e0
  redcarpet (3.6.1) sha256=d444910e6aa55480c6bcdc0cdb057626e8a32c054c29e793fa642ba2f155f445
  regexp_parser (2.10.0) sha256=cb6f0ddde88772cd64bff1dbbf68df66d376043fe2e66a9ef77fcb1b0c548c61
  reline (0.6.0) sha256=57620375dcbe56ec09bac7192bfb7460c716bbf0054dc94345ecaa5438e539d2
  rexml (3.4.1) sha256=c74527a9a0a04b4ec31dbe0dc4ed6004b960af943d8db42e539edde3a871abca
  roadie (5.2.1) sha256=e4a4f61ce792bd91b228b6844b4bad6b160cdc1b8df86c81a8b983082a5001d6
  roadie-rails (3.3.0) sha256=4080f67a635962fb3df77ed42b2992ff41ee6502b60b5f4609a9fb9eb06c0a5e
  rotp (6.3.0) sha256=75d40087e65ed0d8022c33055a6306c1c400d1c12261932533b5d6cbcd868854
  rouge (4.5.1) sha256=2ac81c6dee7019bbc6600d4c2d641d730d65c165941400ebd924259067e690dd
  rqrcode (2.2.0) sha256=23eea88bb44c7ee6d6cab9354d08c287f7ebcdc6112e1fe7bcc2d010d1ffefc1
  rqrcode_core (1.2.0) sha256=cf4989dc82d24e2877984738c4ee569308625fed2a810960f1b02d68d0308d1a
  rspec (3.13.0) sha256=d490914ac1d5a5a64a0e1400c1d54ddd2a501324d703b8cfe83f458337bab993
  rspec-core (3.13.2) sha256=94fbda6e4738e478f1c7532b7cc241272fcdc8b9eac03a97338b1122e4573300
  rspec-expectations (3.13.3) sha256=0e6b5af59b900147698ea0ff80456c4f2e69cac4394fbd392fbd1ca561f66c58
  rspec-mocks (3.13.2) sha256=2327335def0e1665325a9b617e3af9ae20272741d80ac550336309a7c59abdef
  rspec-support (3.13.2) sha256=cea3a2463fd9b84b9dcc9685efd80ea701aa8f7b3decb3b3ce795ed67737dbec
  rubocop (1.73.2) sha256=35cd1b1365ba97234323fe771abcecd09c9b77098464cd726c76aa7d9bc12b5d
  rubocop-ast (1.38.1) sha256=80ecbe2ac9bb26693cab9405bf72b41b85a1f909f20f021b983c32c2e7d857fe
  rubocop-capybara (2.21.0) sha256=5d264efdd8b6c7081a3d4889decf1451a1cfaaec204d81534e236bc825b280ab
  rubocop-factory_bot (2.26.1) sha256=8de13cd4edcee5ca800f255188167ecef8dbfc3d1fae9f15734e9d2e755392aa
  rubocop-minitest (0.37.1) sha256=dcdcc2c835a859193e50bc67296daaf95ac99f6410838119374df31490460d36
  rubocop-performance (1.24.0) sha256=e5bd39ff3e368395b9af886927cc37f5892f43db4bd6c8526594352d5b4440b5
  rubocop-rails (2.30.3) sha256=fc5a6506daa916d15e282cc806943afa64a020bf592b93a94025d89a2a78a715
  ruby-graphviz (1.2.5) sha256=1c2bb44e3f6da9e2b829f5e7fd8d75a521485fb6b4d1fc66ff0f93f906121504
  ruby-magic (0.6.0) sha256=7b2138877b7d23aff812c95564eba6473b74b815ef85beb0eb792e729a2b6101
  ruby-progressbar (1.13.0) sha256=80fc9c47a9b640d6834e0dc7b3c94c9df37f08cb072b7761e4a71e22cff29b33
  ruby-statistics (4.0.1) sha256=aede68e6261b979431b31ba39aa661844c18f97a89966768cb60edf2a56b6782
  ruby2_keywords (0.0.5) sha256=ffd13740c573b7301cf7a2e61fc857b2a8e3d3aff32545d6f8300d8bae10e3ef
  rubyzip (2.4.1) sha256=8577c88edc1fde8935eb91064c5cb1aef9ad5494b940cf19c775ee833e075615
  safety_net_attestation (0.4.0) sha256=96be2d74e7ed26453a51894913449bea0e072f44490021545ac2d1c38b0718ce
  sawyer (0.9.2) sha256=fa3a72d62a4525517b18857ddb78926aab3424de0129be6772a8e2ba240e7aca
  searchkick (5.4.0) sha256=75d7256d3ec2af2dc11c2ba8160c86d80451f3f86447aae2ace1f79553de0bf3
  securerandom (0.4.1) sha256=cc5193d414a4341b6e225f0cb4446aceca8e50d5e1888743fac16987638ea0b1
  selenium-webdriver (4.29.1) sha256=0a7fe53cc4d2c515adbb89e115c6e786c64e9b98f85939d21071c6e32883a146
  semantic (1.6.1) sha256=3cdbb48f59198ebb782a3fdfb87b559e0822a311610db153bae22777a7d0c163
  semantic_logger (4.16.0) sha256=ffba0bd0e008ceaf6be26da588f610a61208b9a9f55676b32729e962904023d9
  shoryuken (6.2.1) sha256=95ddc0a717624a54e799d25a0a05100cb5a0c3728a96211935c214faaf16b3b6
  shoulda-context (3.0.0.rc1) sha256=6e0d9d52ab798c13bc2b490c8537d4bf30cfd318a1ea839c39a66d1d293c6a1a
  shoulda-matchers (6.4.0) sha256=9055bb7f4bb342125fb860809798855c630e05ef5e75837b3168b8e6ee1608b0
  sigstore (0.2.1) sha256=58031c34c7899dd6aac43c54d0ab1a5282a551804013d4b7cb6930a32cbc8775
  simplecov (0.22.0) sha256=fe2622c7834ff23b98066bb0a854284b2729a569ac659f82621fc22ef36213a5
  simplecov-cobertura (2.1.0) sha256=2c6532e34df2e38a379d72cef9a05c3b16c64ce90566beebc6887801c4ad3f02
  simplecov-html (0.12.3) sha256=4b1aad33259ffba8b29c6876c12db70e5750cb9df829486e4c6e5da4fa0aa07b
  simplecov_json_formatter (0.1.4) sha256=529418fbe8de1713ac2b2d612aa3daa56d316975d307244399fa4838c601b428
  smart_properties (1.17.0) sha256=f9323f8122e932341756ddec8e0ac9ec6e238408a7661508be99439ca6d6384b
  snaky_hash (2.0.1) sha256=1ac87ec157fcfe7a460e821e0cd48ae1e6f5e3e082ab520f03f31a9259dbdc31
  statsd-instrument (3.9.9) sha256=4404872dd03cc0d4bae57396b5c529135a4223fb78d616ca52f37562ac1803e6
  stimulus-rails (1.3.4) sha256=765676ffa1f33af64ce026d26b48e8ffb2e0b94e0f50e9119e11d6107d67cb06
  stringio (3.1.5) sha256=bca92461515a131535743bc81d5559fa1de7d80cff9a654d6c0af6f9f27e35c8
  strong_migrations (2.2.0) sha256=9fed7609633138bd1a97ccc371a3933f292073cde2c7bb888fbe452c76c4b02d
  swd (2.0.3) sha256=4cdbe2a4246c19f093fce22e967ec3ebdd4657d37673672e621bf0c7eb770655
  tailwindcss-rails (3.3.1) sha256=5dcc010ee90d53a59f40eff1f2706bc0b1d77fd3713a0fb196ff698bc4529dfe
  tailwindcss-ruby (3.4.17) sha256=464fb7cc45f1bd7446af3457a2007651eee07491df9b03ae2f1ac53b5203c427
  tailwindcss-ruby (3.4.17-aarch64-linux) sha256=a013deb088c6f32d62bb17fa804b5599486e60d76dd826d4be7697a92e881284
  tailwindcss-ruby (3.4.17-arm-linux) sha256=5562183cd75418e18427ff227a47bccba1d325f3c6a2384d752fadfe8d4ce1ba
  tailwindcss-ruby (3.4.17-arm64-darwin) sha256=07d83952b0bd380fd759e7b95ea75ee3babe08425ea290d078a50cb592791658
  tailwindcss-ruby (3.4.17-x86_64-darwin) sha256=94ec8a042507c1281060872b661d590491ac763bbbd5c84f16555a69a1f6c528
  tailwindcss-ruby (3.4.17-x86_64-linux) sha256=5c607785d4d38d3d70f5ee5cb6a0e846fa1de32f911a7dcaca9cb94feaa864ff
  thor (1.3.2) sha256=eef0293b9e24158ccad7ab383ae83534b7ad4ed99c09f96f1a6b036550abbeda
  timeout (0.4.3) sha256=9509f079b2b55fe4236d79633bd75e34c1c1e7e3fb4b56cb5fda61f80a0fe30e
  timescaledb (0.3.2) sha256=4d0efb7f4f520142a8d91af4b728379b0c5a343795781b7492f1cbfc4be15080
  toxiproxy (2.0.2) sha256=2e3b53604fb921d40da3db8f78a52b3133fcae33e93d440725335b15974e440a
  tpm-key_attestation (0.14.0) sha256=d05cc52b397f89c36a7307407e0e84d3ea1c7afce50e0a70b146f8ab17d2bf4b
  turbo-rails (2.0.11) sha256=fc47674736372780abd2a4dc0d84bef242f5ca156a457cd7fa6308291e397fcf
  turbo_power (0.7.0) sha256=ad95d147e0fa761d0023ad9ca00528c7b7ddf6bba8ca2e23755d5b21b290d967
  tzinfo (2.0.6) sha256=8daf828cc77bcf7d63b0e3bdb6caa47e2272dcfaf4fbfe46f8c3a9df087a829b
  unicode-display_width (3.1.4) sha256=8caf2af1c0f2f07ec89ef9e18c7d88c2790e217c482bfc78aaa65eadd5415ac1
  unicode-emoji (4.0.4) sha256=2c2c4ef7f353e5809497126285a50b23056cc6e61b64433764a35eff6c36532a
  unpwn (1.0.0) sha256=6239d17d46a882b3719b24fb79c78a34caff89d57ab0f5e546be5b5c882bc7d3
  uri (1.0.3) sha256=e9f2244608eea2f7bc357d954c65c910ce0399ca5e18a7a29207ac22d8767011
  user_agent_parser (2.18.0) sha256=aa943b91da8906cace7d3fe16b450c9d77b68f571485c11e577af97aecb25584
  useragent (0.16.11) sha256=700e6413ad4bb954bb63547fa098dddf7b0ebe75b40cc6f93b8d54255b173844
  validate_url (1.0.15) sha256=72fe164c0713d63a9970bd6700bea948babbfbdcec392f2342b6704042f57451
  validates_formatting_of (0.9.0) sha256=139590a4b87596dbfb04d93e897bd2e6d30fb849d04fab0343e71ed2ca856e7e
  version_gem (1.1.1) sha256=3c2da6ded29045ddcc0387e152dc634e1f0c490b7128dce0697ccc1cf0915b6c
  view_component (3.21.0) sha256=7f5a77bca29e7385495fad2b7c1acdcd2c581b3cd2e573a831a9808f6710df5c
  webauthn (3.4.0) sha256=a10665f5e05eb156ba0219fd17480c57e0af4daaf83e3e33439bf958350af4c5
  webfinger (2.1.3) sha256=567a52bde77fb38ca6b67e55db755f988766ec4651c1d24916a65aa70540695c
  webmock (3.25.1) sha256=ab9d5d9353bcbe6322c83e1c60a7103988efc7b67cd72ffb9012629c3d396323
  websocket (1.2.11) sha256=b7e7a74e2410b5e85c25858b26b3322f29161e300935f70a0e0d3c35e0462737
  websocket-driver (0.7.6) sha256=f69400be7bc197879726ad8e6f5869a61823147372fd8928836a53c2c741d0db
  websocket-extensions (0.1.5) sha256=1c6ba63092cda343eb53fc657110c71c754c56484aad42578495227d717a8241
  xml-simple (1.1.9) sha256=d21131e519c86f1a5bc2b6d2d57d46e6998e47f18ed249b25cad86433dbd695d
  xpath (3.2.0) sha256=6dfda79d91bb3b949b947ecc5919f042ef2f399b904013eb3ef6d20dd3a4082e
  yard (0.9.37) sha256=a6e910399e78e613f80ba9add9ba7c394b1a935f083cccbef82903a3d2a26992
  zeitwerk (2.7.2) sha256=842e067cb11eb923d747249badfb5fcdc9652d6f20a1f06453317920fdcd4673
  zlib (3.2.1) sha256=6301546b5f108c358304c3095d20e45ddebb31d5079341f95e08e9049770aa6a

RUBY VERSION
   ruby 3.4.2p28

BUNDLED WITH
   2.6.4
