GEM
  remote: https://rubygems.org/
  specs:
    actionmailer (4.0.1)
      actionpack (= 4.0.1)
      mail (~> 2.5.4)
    actionpack (4.0.1)
      activesupport (= 4.0.1)
      builder (~> 3.1.0)
      erubis (~> 2.7.0)
      rack (~> 1.5.2)
      rack-test (~> 0.6.2)
    activemodel (4.0.1)
      activesupport (= 4.0.1)
      builder (~> 3.1.0)
    activerecord (4.0.1)
      activemodel (= 4.0.1)
      activerecord-deprecated_finders (~> 1.0.2)
      activesupport (= 4.0.1)
      arel (~> 4.0.0)
    activerecord-deprecated_finders (1.0.3)
    activesupport (4.0.1)
      i18n (~> 0.6, >= 0.6.4)
      minitest (~> 4.2)
      multi_json (~> 1.3)
      thread_safe (~> 0.1)
      tzinfo (~> 0.3.37)
    addressable (2.3.5)
    aggregate (0.2.2)
    arel (4.0.1)
    atomic (1.1.14)
    bcrypt-ruby (3.1.2)
    bluepill (0.0.64)
      activesupport (>= 3.0.0)
      daemons (~> 1.1.4)
      i18n (>= 0.5.0)
      state_machine (~> 1.1)
    builder (3.1.4)
    capybara (2.1.0)
      mime-types (>= 1.16)
      nokogiri (>= 1.3.3)
      rack (>= 1.0.0)
      rack-test (>= 0.5.4)
      xpath (~> 2.0)
    choice (0.1.6)
    clearance (1.0.1)
      bcrypt-ruby
      email_validator (~> 1.4)
      rails (>= 3.1)
    coderay (1.0.9)
    crack (0.4.1)
      safe_yaml (~> 0.9.0)
    cucumber (1.3.9)
      builder (>= 2.1.2)
      diff-lcs (>= 1.1.3)
      gherkin (~> 2.12)
      multi_json (>= 1.7.5, < 2.0)
      multi_test (>= 0.0.2)
    cucumber-rails (1.4.0)
      capybara (>= 1.1.2)
      cucumber (>= 1.2.0)
      nokogiri (>= 1.5.0)
      rails (>= 3.0.0)
    daemons (1.1.9)
    dalli (2.6.4)
    database_cleaner (1.2.0)
    delayed_job (4.0.0)
      activesupport (>= 3.0, < 4.1)
    delayed_job_active_record (4.0.0)
      activerecord (>= 3.0, < 4.1)
      delayed_job (>= 3.0, < 4.1)
    diff-lcs (1.2.4)
    dynamic_form (1.1.4)
    email_validator (1.4.0)
      activemodel
    erubis (2.7.0)
    excon (0.28.0)
    factory_girl (4.2.0)
      activesupport (>= 3.0.0)
    factory_girl_rails (4.2.1)
      factory_girl (~> 4.2.0)
      railties (>= 3.0.0)
    fakeredis (0.4.2)
      redis (~> 3.0.0)
    faraday (0.8.8)
      multipart-post (~> 1.2.0)
    fog (1.18.0)
      builder
      excon (~> 0.28.0)
      formatador (~> 0.2.0)
      mime-types
      multi_json (~> 1.0)
      net-scp (~> 1.1)
      net-ssh (>= 2.1.3)
      nokogiri (~> 1.5)
      ruby-hmac
    formatador (0.2.4)
    gchartrb (0.8)
    gherkin (2.12.2)
      multi_json (~> 1.3)
    gravtastic (3.2.6)
    high_voltage (2.0.0)
    highline (1.6.20)
    hike (1.2.3)
    i18n (0.6.5)
    jquery-rails (3.0.4)
      railties (>= 3.0, < 5.0)
      thor (>= 0.14, < 2.0)
    json (1.8.1)
    kgio (2.8.1)
    launchy (2.3.0)
      addressable (~> 2.3)
    librato-metrics (1.1.1)
      aggregate (~> 0.2.2)
      faraday (~> 0.7)
      multi_json
    librato-rack (0.4.3)
      librato-metrics (~> 1.1.1)
    librato-rails (0.10.1)
      librato-rack (~> 0.4.2)
      rails (>= 3.0)
    mail (2.5.4)
      mime-types (~> 1.16)
      treetop (~> 1.4.8)
    method_source (0.8.2)
    mime-types (1.25)
    mini_portile (0.5.2)
    minitest (4.7.5)
    multi_json (1.8.2)
    multi_test (0.0.2)
    multipart-post (1.2.0)
    net-scp (1.1.2)
      net-ssh (>= 2.6.5)
    net-ssh (2.7.0)
    newrelic-redis (1.4.0)
      newrelic_rpm (~> 3.0)
      redis (< 4.0)
    newrelic_rpm (3.6.8.168)
    nokogiri (1.6.0)
      mini_portile (~> 0.5.0)
    paul_revere (1.2)
      rails (>= 3.0)
    pg (0.17.0)
    polyglot (0.3.3)
    pry (0.9.12.2)
      coderay (~> 1.0.5)
      method_source (~> 0.8)
      slop (~> 3.4)
    puma (2.6.0)
      rack (>= 1.1, < 2.0)
    rack (1.5.2)
    rack-maintenance (1.0.0)
      rack (>= 1.0)
    rack-protection (1.5.1)
      rack
    rack-test (0.6.2)
      rack (>= 1.0)
    rails (4.0.1)
      actionmailer (= 4.0.1)
      actionpack (= 4.0.1)
      activerecord (= 4.0.1)
      activesupport (= 4.0.1)
      bundler (>= 1.3.0, < 2.0)
      railties (= 4.0.1)
      sprockets-rails (~> 2.0.0)
    rails-erd (1.1.0)
      activerecord (>= 3.0)
      activesupport (>= 3.0)
      choice (~> 0.1.6)
      ruby-graphviz (~> 1.0.4)
    railties (4.0.1)
      actionpack (= 4.0.1)
      activesupport (= 4.0.1)
      rake (>= 0.8.7)
      thor (>= 0.18.1, < 2.0)
    raindrops (0.12.0)
    rake (10.1.0)
    rdoc (4.0.1)
      json (~> 1.4)
    redis (3.0.5)
    rest-client (1.6.7)
      mime-types (>= 1.16)
    rr (1.1.0.rc1)
    ruby-graphviz (1.0.9)
    ruby-hmac (0.4.0)
    safe_yaml (0.9.7)
    shoulda (3.5.0)
      shoulda-context (~> 1.0, >= 1.0.1)
      shoulda-matchers (>= 1.4.1, < 3.0)
    shoulda-context (1.1.5)
    shoulda-matchers (2.4.0)
      activesupport (>= 3.0.0)
    sinatra (1.4.4)
      rack (~> 1.4)
      rack-protection (~> 1.4)
      tilt (~> 1.3, >= 1.3.4)
    slop (3.4.6)
    sprockets (2.10.0)
      hike (~> 1.2)
      multi_json (~> 1.0)
      rack (~> 1.0)
      tilt (~> 1.1, != 1.3.0)
    sprockets-rails (2.0.1)
      actionpack (>= 3.0)
      activesupport (>= 3.0)
      sprockets (~> 2.8)
    state_machine (1.2.0)
    thor (0.18.1)
    thread_safe (0.1.3)
      atomic
    tilt (1.4.1)
    timecop (0.6.3)
    treetop (1.4.15)
      polyglot
      polyglot (>= 0.3.1)
    tzinfo (0.3.38)
    unf (0.1.3)
      unf_ext
    unf_ext (0.0.6)
    unicorn (4.6.3)
      kgio (~> 2.6)
      rack
      raindrops (~> 0.7)
    validates_formatting_of (0.8.1)
      activemodel (~> 4.0)
    webmock (1.15.2)
      addressable (>= 2.2.7)
      crack (>= 0.3.2)
    will_paginate (3.0.5)
    xml-simple (1.1.2)
    xpath (2.0.0)
      nokogiri (~> 1.3)
    yajl-ruby (1.1.0)

PLATFORMS
  ruby

DEPENDENCIES
  bluepill
  builder
  capybara
  clearance (~> 1.0.1)
  cucumber-rails
  daemons
  dalli
  database_cleaner
  delayed_job
  delayed_job_active_record
  dynamic_form
  excon
  factory_girl_rails
  fakeredis
  fog (>= 1.12.1)
  gchartrb
  gravtastic
  high_voltage
  highline
  jquery-rails
  jruby-openssl
  launchy
  librato-rails
  mail
  multi_json
  newrelic-redis
  newrelic_rpm
  nokogiri
  paul_revere
  pg
  pry
  puma
  rack
  rack-maintenance
  rack-test
  rails (~> 4.0.1)
  rails-erd
  rdoc
  redis
  rest-client
  rr (= 1.1.0.rc1)
  shoulda
  sinatra
  timecop
  unf
  unicorn
  validates_formatting_of
  webmock
  will_paginate
  xml-simple
  yajl-ruby
