GEM
  remote: https://packager.dev/avo-hq/
  specs:
    avo-advanced (3.17.9)
      avo (= 3.17.9)
      avo-dynamic_filters (= 3.17.9)
      avo-pro (= 3.17.9)
      zeitwerk (>= 2.6.12)
    avo-dashboards (3.17.9)
      avo (= 3.17.9)
      turbo-rails
      view_component (>= 3.7.0)
      zeitwerk (>= 2.6.12)
    avo-dynamic_filters (3.17.9)
      avo (= 3.17.9)
      ransack (>= 4.2.0)
      view_component (>= 3.7.0)
      zeitwerk (>= 2.6.12)
    avo-menu (3.17.9)
      avo (= 3.17.9)
      docile
      zeitwerk (>= 2.6.12)
    avo-pro (3.17.9)
      avo (= 3.17.9)
      avo-dashboards (= 3.17.9)
      avo-menu (= 3.17.9)
      zeitwerk (>= 2.6.12)

GEM
  remote: https://rubygems.org/
  specs:
    actioncable (8.0.2)
      actionpack (= 8.0.2)
      activesupport (= 8.0.2)
      nio4r (~> 2.0)
      websocket-driver (>= 0.6.1)
      zeitwerk (~> 2.6)
    actionmailbox (8.0.2)
      actionpack (= 8.0.2)
      activejob (= 8.0.2)
      activerecord (= 8.0.2)
      activestorage (= 8.0.2)
      activesupport (= 8.0.2)
      mail (>= 2.8.0)
    actionmailer (8.0.2)
      actionpack (= 8.0.2)
      actionview (= 8.0.2)
      activejob (= 8.0.2)
      activesupport (= 8.0.2)
      mail (>= 2.8.0)
      rails-dom-testing (~> 2.2)
    actionpack (8.0.2)
      actionview (= 8.0.2)
      activesupport (= 8.0.2)
      nokogiri (>= 1.8.5)
      rack (>= 2.2.4)
      rack-session (>= 1.0.1)
      rack-test (>= 0.6.3)
      rails-dom-testing (~> 2.2)
      rails-html-sanitizer (~> 1.6)
      useragent (~> 0.16)
    actiontext (8.0.2)
      actionpack (= 8.0.2)
      activerecord (= 8.0.2)
      activestorage (= 8.0.2)
      activesupport (= 8.0.2)
      globalid (>= 0.6.0)
      nokogiri (>= 1.8.5)
    actionview (8.0.2)
      activesupport (= 8.0.2)
      builder (~> 3.1)
      erubi (~> 1.11)
      rails-dom-testing (~> 2.2)
      rails-html-sanitizer (~> 1.6)
    active_link_to (1.0.5)
      actionpack
      addressable
    activejob (8.0.2)
      activesupport (= 8.0.2)
      globalid (>= 0.3.6)
    activemodel (8.0.2)
      activesupport (= 8.0.2)
    activerecord (8.0.2)
      activemodel (= 8.0.2)
      activesupport (= 8.0.2)
      timeout (>= 0.4.0)
    activestorage (8.0.2)
      actionpack (= 8.0.2)
      activejob (= 8.0.2)
      activerecord (= 8.0.2)
      activesupport (= 8.0.2)
      marcel (~> 1.0)
    activesupport (8.0.2)
      base64
      benchmark (>= 0.3)
      bigdecimal
      concurrent-ruby (~> 1.0, >= 1.3.1)
      connection_pool (>= 2.2.5)
      drb
      i18n (>= 1.6, < 2)
      logger (>= 1.4.2)
      minitest (>= 5.1)
      securerandom (>= 0.3)
      tzinfo (~> 2.0, >= 2.0.5)
      uri (>= 0.13.1)
    addressable (2.8.7)
      public_suffix (>= 2.0.2, < 7.0)
    aes_key_wrap (1.1.0)
    aggregate_assertions (0.2.0)
      minitest (~> 5.0)
    amazing_print (1.8.1)
    android_key_attestation (0.3.0)
    ansi (1.5.0)
    argon2 (2.3.2)
      ffi (~> 1.15)
      ffi-compiler (~> 1.0)
    ast (2.4.3)
    attr_required (1.0.2)
    avo (3.17.9)
      actionview (>= 6.1)
      active_link_to
      activerecord (>= 6.1)
      activesupport (>= 6.1)
      addressable
      avo-heroicons (>= 0.1.1)
      docile
      inline_svg
      meta-tags
      pagy (>= 7.0.0)
      prop_initializer (>= 0.2.0)
      turbo-rails (>= 2.0.0)
      turbo_power (>= 0.6.0)
      view_component (>= 3.7.0)
      zeitwerk (>= 2.6.12)
    avo-heroicons (0.1.1)
    avo_upgrade (0.1.1)
      rails (>= 6.0.0)
      zeitwerk
    aws-eventstream (1.4.0)
    aws-partitions (1.1115.0)
    aws-sdk-core (3.225.2)
      aws-eventstream (~> 1, >= 1.3.0)
      aws-partitions (~> 1, >= 1.992.0)
      aws-sigv4 (~> 1.9)
      base64
      jmespath (~> 1, >= 1.6.1)
      logger
    aws-sdk-kms (1.104.0)
      aws-sdk-core (~> 3, >= 3.225.0)
      aws-sigv4 (~> 1.5)
    aws-sdk-s3 (1.189.1)
      aws-sdk-core (~> 3, >= 3.225.0)
      aws-sdk-kms (~> 1)
      aws-sigv4 (~> 1.5)
    aws-sdk-sqs (1.96.0)
      aws-sdk-core (~> 3, >= 3.225.0)
      aws-sigv4 (~> 1.5)
    aws-sigv4 (1.12.1)
      aws-eventstream (~> 1, >= 1.0.2)
    base64 (0.3.0)
    bcrypt (3.1.20)
    benchmark (0.4.1)
    benchmark-ips (2.14.0)
    better_html (2.1.1)
      actionview (>= 6.0)
      activesupport (>= 6.0)
      ast (~> 2.0)
      erubi (~> 1.4)
      parser (>= 2.4)
      smart_properties
    bigdecimal (3.2.2)
    bindata (2.5.0)
    bitarray (1.3.1)
    bloomer (1.0.0)
      bitarray
      msgpack
    bootsnap (1.18.6)
      msgpack (~> 1.2)
    brakeman (7.0.2)
      racc
    browser (6.2.0)
    builder (3.3.0)
    byebug (12.0.0)
    capybara (3.40.0)
      addressable
      matrix
      mini_mime (>= 0.1.3)
      nokogiri (~> 1.11)
      rack (>= 1.6.0)
      rack-test (>= 0.6.3)
      regexp_parser (>= 1.5, < 3.0)
      xpath (~> 3.2)
    cbor (0.5.9.8)
    chartkick (5.1.5)
    childprocess (5.1.0)
      logger (~> 1.5)
    choice (0.2.0)
    chunky_png (1.4.0)
    clearance (2.10.0)
      actionmailer (>= 5.0)
      activemodel (>= 5.0)
      activerecord (>= 5.0)
      argon2 (~> 2.0, >= 2.0.2)
      bcrypt (>= 3.1.1)
      email_validator (~> 2.0)
      railties (>= 5.0)
    coderay (1.1.3)
    compact_index (0.15.0)
    concurrent-ruby (1.3.5)
    connection_pool (2.5.3)
    cose (1.3.1)
      cbor (~> 0.5.9)
      openssl-signature_algorithm (~> 1.0)
    crack (1.0.0)
      bigdecimal
      rexml
    crass (1.0.6)
    css_parser (1.21.1)
      addressable
    csv (3.3.5)
    dalli (3.2.8)
    datadog (2.17.0)
      datadog-ruby_core_source (~> 3.4, >= 3.4.1)
      libdatadog (~> 18.1.0.1.0)
      libddwaf (~> 1.22.0.0.2)
      logger
      msgpack
    datadog-ci (1.18.0)
      datadog (~> 2.4)
      drb
      msgpack
    datadog-ruby_core_source (3.4.1)
    date (3.4.1)
    derailed_benchmarks (2.2.1)
      base64
      benchmark-ips (~> 2)
      bigdecimal
      drb
      get_process_mem
      heapy (~> 0)
      logger
      memory_profiler (>= 0, < 2)
      mini_histogram (>= 0.3.0)
      mutex_m
      ostruct
      rack (>= 1)
      rack-test
      rake (> 10, < 14)
      ruby-statistics (>= 4.0.1)
      ruby2_keywords
      thor (>= 0.19, < 2)
    diff-lcs (1.5.1)
    discard (1.4.0)
      activerecord (>= 4.2, < 9.0)
    docile (1.4.1)
    dogstatsd-ruby (5.6.6)
    domain_name (0.6.20240107)
    dotenv (3.1.8)
    dotenv-rails (3.1.8)
      dotenv (= 3.1.8)
      railties (>= 6.1)
    drb (2.2.3)
    email_validator (2.2.4)
      activemodel
    erb (5.0.1)
    erubi (1.13.1)
    et-orbi (1.2.11)
      tzinfo
    factory_bot (6.5.4)
      activesupport (>= 6.1.0)
    factory_bot_rails (6.5.0)
      factory_bot (~> 6.5)
      railties (>= 6.1.0)
    faraday (2.13.1)
      faraday-net_http (>= 2.0, < 3.5)
      json
      logger
    faraday-follow_redirects (0.3.0)
      faraday (>= 1, < 3)
    faraday-multipart (1.1.0)
      multipart-post (~> 2.0)
    faraday-net_http (3.4.0)
      net-http (>= 0.5.0)
    faraday-restrict-ip-addresses (0.3.0)
      faraday (> 1.0, < 3.0)
    faraday-retry (2.3.1)
      faraday (~> 2.0)
    faraday_middleware-aws-sigv4 (1.0.1)
      aws-sigv4 (~> 1.0)
      faraday (>= 2.0, < 3)
    ffi (1.17.2)
    ffi (1.17.2-aarch64-linux-gnu)
    ffi (1.17.2-arm-linux-gnu)
    ffi (1.17.2-arm-linux-musl)
    ffi (1.17.2-arm64-darwin)
    ffi (1.17.2-x86_64-darwin)
    ffi (1.17.2-x86_64-linux-gnu)
    ffi (1.17.2-x86_64-linux-musl)
    ffi-compiler (1.3.2)
      ffi (>= 1.15.5)
      rake
    fugit (1.11.1)
      et-orbi (~> 1, >= 1.2.11)
      raabro (~> 1.4)
    gem_server_conformance (0.1.5)
      rspec (~> 3.0)
    get_process_mem (1.0.0)
      bigdecimal (>= 2.0)
      ffi (~> 1.0)
    globalid (1.2.1)
      activesupport (>= 6.1)
    good_job (3.99.1)
      activejob (>= 6.0.0)
      activerecord (>= 6.0.0)
      concurrent-ruby (>= 1.0.2)
      fugit (>= 1.1)
      railties (>= 6.0.0)
      thor (>= 0.14.1)
    google-protobuf (4.31.1)
      bigdecimal
      rake (>= 13)
    google-protobuf (4.31.1-aarch64-linux-gnu)
      bigdecimal
      rake (>= 13)
    google-protobuf (4.31.1-arm64-darwin)
      bigdecimal
      rake (>= 13)
    google-protobuf (4.31.1-x86_64-darwin)
      bigdecimal
      rake (>= 13)
    google-protobuf (4.31.1-x86_64-linux-gnu)
      bigdecimal
      rake (>= 13)
    google-protobuf (4.31.1-x86_64-linux-musl)
      bigdecimal
      rake (>= 13)
    gravtastic (3.2.6)
    groupdate (6.7.0)
      activesupport (>= 7.1)
    hashdiff (1.1.2)
    hashie (5.0.0)
    heapy (0.2.0)
      thor
    honeybadger (5.28.0)
      logger
      ostruct
    htmlbeautifier (1.4.3)
    htmlentities (4.3.4)
    http (5.2.0)
      addressable (~> 2.8)
      base64 (~> 0.1)
      http-cookie (~> 1.0)
      http-form_data (~> 2.2)
      llhttp-ffi (~> 0.5.0)
    http-cookie (1.0.8)
      domain_name (~> 0.5)
    http-form_data (2.3.0)
    http_accept_language (2.1.1)
    i18n (1.14.7)
      concurrent-ruby (~> 1.0)
    importmap-rails (2.1.0)
      actionpack (>= 6.0.0)
      activesupport (>= 6.0.0)
      railties (>= 6.0.0)
    inline_svg (1.10.0)
      activesupport (>= 3.0)
      nokogiri (>= 1.6)
    io-console (0.8.0)
    irb (1.15.2)
      pp (>= 0.6.0)
      rdoc (>= 4.0.0)
      reline (>= 0.4.2)
    jmespath (1.6.2)
    job-iteration (1.10.0)
      activejob (>= 6.1)
    json (2.12.2)
    json-jwt (1.16.7)
      activesupport (>= 4.2)
      aes_key_wrap
      base64
      bindata
      faraday (~> 2.0)
      faraday-follow_redirects
    jwt (2.10.1)
      base64
    kaminari (1.2.2)
      activesupport (>= 4.1.0)
      kaminari-actionview (= 1.2.2)
      kaminari-activerecord (= 1.2.2)
      kaminari-core (= 1.2.2)
    kaminari-actionview (1.2.2)
      actionview
      kaminari-core (= 1.2.2)
    kaminari-activerecord (1.2.2)
      activerecord
      kaminari-core (= 1.2.2)
    kaminari-core (1.2.2)
    kramdown (2.5.1)
      rexml (>= 3.3.9)
    language_server-protocol (3.17.0.5)
    launchdarkly-server-sdk (8.10.0)
      concurrent-ruby (~> 1.1)
      http (>= 4.4.0, < 6.0.0)
      json (~> 2.3)
      ld-eventsource (= 2.2.3)
      observer (~> 0.1.2)
      semantic (~> 1.6)
      zlib (~> 3.1)
    launchy (3.1.1)
      addressable (~> 2.8)
      childprocess (~> 5.0)
      logger (~> 1.6)
    ld-eventsource (2.2.3)
      concurrent-ruby (~> 1.0)
      http (>= 4.4.1, < 6.0.0)
    letter_opener (1.10.0)
      launchy (>= 2.2, < 4)
    letter_opener_web (3.0.0)
      actionmailer (>= 6.1)
      letter_opener (~> 1.9)
      railties (>= 6.1)
      rexml
    libdatadog (18.1.0.1.0)
    libdatadog (18.1.0.1.0-aarch64-linux)
    libdatadog (18.1.0.1.0-x86_64-linux)
    libddwaf (1.22.0.0.2)
      ffi (~> 1.0)
    libddwaf (1.22.0.0.2-aarch64-linux)
      ffi (~> 1.0)
    libddwaf (1.22.0.0.2-arm64-darwin)
      ffi (~> 1.0)
    libddwaf (1.22.0.0.2-x86_64-darwin)
      ffi (~> 1.0)
    libddwaf (1.22.0.0.2-x86_64-linux)
      ffi (~> 1.0)
    lint_roller (1.1.0)
    listen (3.9.0)
      rb-fsevent (~> 0.10, >= 0.10.3)
      rb-inotify (~> 0.9, >= 0.9.10)
    llhttp-ffi (0.5.1)
      ffi-compiler (~> 1.0)
      rake (~> 13.0)
    local_time (3.0.3)
    logger (1.7.0)
    loofah (2.24.1)
      crass (~> 1.0.2)
      nokogiri (>= 1.12.0)
    lookbook (2.3.9)
      activemodel
      css_parser
      htmlbeautifier (~> 1.3)
      htmlentities (~> 4.3.4)
      marcel (~> 1.0)
      railties (>= 5.0)
      redcarpet (~> 3.5)
      rouge (>= 3.26, < 5.0)
      view_component (>= 2.0)
      yard (~> 0.9)
      zeitwerk (~> 2.5)
    mail (2.8.1)
      mini_mime (>= 0.1.1)
      net-imap
      net-pop
      net-smtp
    maintenance_tasks (2.12.0)
      actionpack (>= 7.0)
      activejob (>= 7.0)
      activerecord (>= 7.0)
      csv
      job-iteration (>= 1.3.6)
      railties (>= 7.0)
      zeitwerk (>= 2.6.2)
    marcel (1.0.4)
    matrix (0.4.2)
    memory_profiler (1.1.0)
    meta-tags (2.22.1)
      actionpack (>= 6.0.0, < 8.1)
    method_source (1.1.0)
    mini_histogram (0.3.1)
    mini_mime (1.1.5)
    mini_portile2 (2.8.9)
    minitest (5.25.5)
    minitest-gcstats (1.3.1)
      minitest (~> 5.0)
    minitest-reporters (1.7.1)
      ansi
      builder
      minitest (>= 5.0)
      ruby-progressbar
    minitest-retry (0.2.5)
      minitest (>= 5.0)
    mocha (2.7.1)
      ruby2_keywords (>= 0.0.5)
    msgpack (1.8.0)
    multi_json (1.15.0)
    multi_xml (0.7.1)
      bigdecimal (~> 3.1)
    multipart-post (2.4.1)
    mutex_m (0.2.0)
    net-http (0.6.0)
      uri
    net-imap (0.5.7)
      date
      net-protocol
    net-pop (0.1.2)
      net-protocol
    net-protocol (0.2.2)
      timeout
    net-smtp (0.5.1)
      net-protocol
    nio4r (2.7.4)
    nokogiri (1.18.8)
      mini_portile2 (~> 2.8.2)
      racc (~> 1.4)
    nokogiri (1.18.8-aarch64-linux-gnu)
      racc (~> 1.4)
    nokogiri (1.18.8-arm-linux-gnu)
      racc (~> 1.4)
    nokogiri (1.18.8-arm-linux-musl)
      racc (~> 1.4)
    nokogiri (1.18.8-arm64-darwin)
      racc (~> 1.4)
    nokogiri (1.18.8-x86_64-darwin)
      racc (~> 1.4)
    nokogiri (1.18.8-x86_64-linux-gnu)
      racc (~> 1.4)
    nokogiri (1.18.8-x86_64-linux-musl)
      racc (~> 1.4)
    oauth2 (2.0.9)
      faraday (>= 0.17.3, < 3.0)
      jwt (>= 1.0, < 3.0)
      multi_xml (~> 0.5)
      rack (>= 1.2, < 4)
      snaky_hash (~> 2.0)
      version_gem (~> 1.1)
    observer (0.1.2)
    octokit (10.0.0)
      faraday (>= 1, < 3)
      sawyer (~> 0.9)
    omniauth (2.1.3)
      hashie (>= 3.4.6)
      rack (>= 2.2.3)
      rack-protection
    omniauth-github (2.0.1)
      omniauth (~> 2.0)
      omniauth-oauth2 (~> 1.8)
    omniauth-oauth2 (1.8.0)
      oauth2 (>= 1.4, < 3)
      omniauth (~> 2.0)
    omniauth-rails_csrf_protection (1.0.2)
      actionpack (>= 4.2)
      omniauth (~> 2.0)
    openid_connect (2.3.1)
      activemodel
      attr_required (>= 1.0.0)
      email_validator
      faraday (~> 2.0)
      faraday-follow_redirects
      json-jwt (>= 1.16)
      mail
      rack-oauth2 (~> 2.2)
      swd (~> 2.0)
      tzinfo
      validate_url
      webfinger (~> 2.0)
    opensearch-ruby (3.4.0)
      faraday (>= 1.0, < 3)
      multi_json (>= 1.0)
    openssl (3.3.0)
    openssl-signature_algorithm (1.3.0)
      openssl (> 2.0)
    optimist (3.2.1)
    ostruct (0.6.1)
    pagy (8.6.3)
    parallel (1.27.0)
    parser (3.3.8.0)
      ast (~> 2.4.1)
      racc
    pg (1.5.9)
    pg_query (6.1.0)
      google-protobuf (>= 3.25.3)
    pghero (3.7.0)
      activerecord (>= 7.1)
    phlex (1.11.0)
    phlex-rails (1.2.2)
      phlex (>= 1.10, < 2)
      railties (>= 6.1, < 9)
    pp (0.6.2)
      prettyprint
    prettyprint (0.2.0)
    prism (1.4.0)
    prop_initializer (0.2.0)
      zeitwerk (>= 2.6.18)
    propshaft (1.1.0)
      actionpack (>= 7.0.0)
      activesupport (>= 7.0.0)
      rack
      railties (>= 7.0.0)
    prosopite (2.1.0)
    protobug (0.1.0)
    protobug_googleapis_field_behavior_protos (0.1.0)
      protobug (= 0.1.0)
      protobug_well_known_protos (= 0.1.0)
    protobug_sigstore_protos (0.1.0)
      protobug (= 0.1.0)
      protobug_googleapis_field_behavior_protos (= 0.1.0)
      protobug_well_known_protos (= 0.1.0)
    protobug_well_known_protos (0.1.0)
      protobug (= 0.1.0)
    pry (0.15.2)
      coderay (~> 1.1)
      method_source (~> 1.0)
    pry-byebug (3.11.0)
      byebug (~> 12.0)
      pry (>= 0.13, < 0.16)
    psych (5.2.6)
      date
      stringio
    public_suffix (6.0.1)
    puma (6.6.0)
      nio4r (~> 2.0)
    pundit (2.5.0)
      activesupport (>= 3.0.0)
    pwned (2.4.1)
    raabro (1.4.0)
    racc (1.8.1)
    rack (3.1.16)
    rack-attack (6.7.0)
      rack (>= 1.0, < 4)
    rack-oauth2 (2.2.1)
      activesupport
      attr_required
      faraday (~> 2.0)
      faraday-follow_redirects
      json-jwt (>= 1.11.0)
      rack (>= 2.1.0)
    rack-protection (4.1.1)
      base64 (>= 0.1.0)
      logger (>= 1.6.0)
      rack (>= 3.0.0, < 4)
    rack-sanitizer (2.0.4)
      rack (>= 1.0, < 4.0)
    rack-session (2.1.1)
      base64 (>= 0.1.0)
      rack (>= 3.0.0)
    rack-test (2.2.0)
      rack (>= 1.3)
    rackup (2.2.1)
      rack (>= 3)
    rails (8.0.2)
      actioncable (= 8.0.2)
      actionmailbox (= 8.0.2)
      actionmailer (= 8.0.2)
      actionpack (= 8.0.2)
      actiontext (= 8.0.2)
      actionview (= 8.0.2)
      activejob (= 8.0.2)
      activemodel (= 8.0.2)
      activerecord (= 8.0.2)
      activestorage (= 8.0.2)
      activesupport (= 8.0.2)
      bundler (>= 1.15.0)
      railties (= 8.0.2)
    rails-controller-testing (1.0.5)
      actionpack (>= 5.0.1.rc1)
      actionview (>= 5.0.1.rc1)
      activesupport (>= 5.0.1.rc1)
    rails-dom-testing (2.3.0)
      activesupport (>= 5.0.0)
      minitest
      nokogiri (>= 1.6)
    rails-erd (1.7.2)
      activerecord (>= 4.2)
      activesupport (>= 4.2)
      choice (~> 0.2.0)
      ruby-graphviz (~> 1.2)
    rails-html-sanitizer (1.6.2)
      loofah (~> 2.21)
      nokogiri (>= 1.15.7, != 1.16.7, != 1.16.6, != 1.16.5, != 1.16.4, != 1.16.3, != 1.16.2, != 1.16.1, != 1.16.0.rc1, != 1.16.0)
    rails-i18n (8.0.1)
      i18n (>= 0.7, < 2)
      railties (>= 8.0.0, < 9)
    rails_semantic_logger (4.17.0)
      rack
      railties (>= 5.1)
      semantic_logger (~> 4.16)
    railties (8.0.2)
      actionpack (= 8.0.2)
      activesupport (= 8.0.2)
      irb (~> 1.13)
      rackup (>= 1.0.0)
      rake (>= 12.2)
      thor (~> 1.0, >= 1.2.2)
      zeitwerk (~> 2.6)
    rainbow (3.1.1)
    rake (13.3.0)
    ransack (4.3.0)
      activerecord (>= 6.1.5)
      activesupport (>= 6.1.5)
      i18n
    rb-fsevent (0.11.2)
    rb-inotify (0.10.1)
      ffi (~> 1.0)
    rbtrace (0.5.2)
      ffi (>= 1.0.6)
      msgpack (>= 0.4.3)
      optimist (>= 3.0.0)
    rdoc (6.14.0)
      erb
      psych (>= 4.0.0)
    redcarpet (3.6.1)
    regexp_parser (2.10.0)
    reline (0.6.1)
      io-console (~> 0.5)
    rexml (3.4.1)
    roadie (5.2.1)
      css_parser (~> 1.4)
      nokogiri (~> 1.15)
    roadie-rails (3.3.0)
      railties (>= 5.1, < 8.1)
      roadie (~> 5.0)
    rotp (6.3.0)
    rouge (4.5.1)
    rqrcode (3.1.0)
      chunky_png (~> 1.0)
      rqrcode_core (~> 2.0)
    rqrcode_core (2.0.0)
    rspec (3.13.0)
      rspec-core (~> 3.13.0)
      rspec-expectations (~> 3.13.0)
      rspec-mocks (~> 3.13.0)
    rspec-core (3.13.2)
      rspec-support (~> 3.13.0)
    rspec-expectations (3.13.3)
      diff-lcs (>= 1.2.0, < 2.0)
      rspec-support (~> 3.13.0)
    rspec-mocks (3.13.2)
      diff-lcs (>= 1.2.0, < 2.0)
      rspec-support (~> 3.13.0)
    rspec-support (3.13.2)
    rubocop (1.75.8)
      json (~> 2.3)
      language_server-protocol (~> 3.17.0.2)
      lint_roller (~> 1.1.0)
      parallel (~> 1.10)
      parser (>= 3.3.0.2)
      rainbow (>= 2.2.2, < 4.0)
      regexp_parser (>= 2.9.3, < 3.0)
      rubocop-ast (>= 1.44.0, < 2.0)
      ruby-progressbar (~> 1.7)
      unicode-display_width (>= 2.4.0, < 4.0)
    rubocop-ast (1.44.1)
      parser (>= 3.3.7.2)
      prism (~> 1.4)
    rubocop-capybara (2.22.1)
      lint_roller (~> 1.1)
      rubocop (~> 1.72, >= 1.72.1)
    rubocop-factory_bot (2.27.1)
      lint_roller (~> 1.1)
      rubocop (~> 1.72, >= 1.72.1)
    rubocop-minitest (0.38.1)
      lint_roller (~> 1.1)
      rubocop (>= 1.75.0, < 2.0)
      rubocop-ast (>= 1.38.0, < 2.0)
    rubocop-performance (1.25.0)
      lint_roller (~> 1.1)
      rubocop (>= 1.75.0, < 2.0)
      rubocop-ast (>= 1.38.0, < 2.0)
    rubocop-rails (2.32.0)
      activesupport (>= 4.2.0)
      lint_roller (~> 1.1)
      rack (>= 1.1)
      rubocop (>= 1.75.0, < 2.0)
      rubocop-ast (>= 1.44.0, < 2.0)
    ruby-graphviz (1.2.5)
      rexml
    ruby-magic (0.6.0)
      mini_portile2 (~> 2.8)
    ruby-progressbar (1.13.0)
    ruby-statistics (4.0.1)
    ruby2_keywords (0.0.5)
    rubyzip (2.4.1)
    safety_net_attestation (0.4.0)
      jwt (~> 2.0)
    sawyer (0.9.2)
      addressable (>= 2.3.5)
      faraday (>= 0.17.3, < 3)
    searchkick (5.5.2)
      activemodel (>= 7.1)
      hashie
    securerandom (0.4.1)
    selenium-webdriver (4.33.0)
      base64 (~> 0.2)
      logger (~> 1.4)
      rexml (~> 3.2, >= 3.2.5)
      rubyzip (>= 1.2.2, < 3.0)
      websocket (~> 1.0)
    semantic (1.6.1)
    semantic_logger (4.16.0)
      concurrent-ruby (~> 1.0)
    shoryuken (6.2.1)
      aws-sdk-core (>= 2)
      concurrent-ruby
      thor
    shoulda-context (3.0.0.rc1)
    shoulda-matchers (6.5.0)
      activesupport (>= 5.2.0)
    sigstore (0.2.1)
      net-http
      protobug_sigstore_protos (~> 0.1.0)
      uri
    simplecov (0.22.0)
      docile (~> 1.1)
      simplecov-html (~> 0.11)
      simplecov_json_formatter (~> 0.1)
    simplecov-cobertura (2.1.0)
      rexml
      simplecov (~> 0.19)
    simplecov-html (0.12.3)
    simplecov_json_formatter (0.1.4)
    smart_properties (1.17.0)
    snaky_hash (2.0.1)
      hashie
      version_gem (~> 1.1, >= 1.1.1)
    statsd-instrument (3.9.9)
    stimulus-rails (1.3.4)
      railties (>= 6.0.0)
    stringio (3.1.7)
    strong_migrations (2.3.0)
      activerecord (>= 7)
    swd (2.0.3)
      activesupport (>= 3)
      attr_required (>= 0.0.5)
      faraday (~> 2.0)
      faraday-follow_redirects
    tailwindcss-rails (3.3.1)
      railties (>= 7.0.0)
      tailwindcss-ruby (~> 3.0)
    tailwindcss-ruby (3.4.17)
    tailwindcss-ruby (3.4.17-aarch64-linux)
    tailwindcss-ruby (3.4.17-arm-linux)
    tailwindcss-ruby (3.4.17-arm64-darwin)
    tailwindcss-ruby (3.4.17-x86_64-darwin)
    tailwindcss-ruby (3.4.17-x86_64-linux)
    thor (1.3.2)
    timeout (0.4.3)
    toxiproxy (2.0.2)
    tpm-key_attestation (0.14.0)
      bindata (~> 2.4)
      openssl (> 2.0)
      openssl-signature_algorithm (~> 1.0)
    turbo-rails (2.0.11)
      actionpack (>= 6.0.0)
      railties (>= 6.0.0)
    turbo_power (0.7.0)
      turbo-rails (>= 1.3.0)
    tzinfo (2.0.6)
      concurrent-ruby (~> 1.0)
    unicode-display_width (3.1.4)
      unicode-emoji (~> 4.0, >= 4.0.4)
    unicode-emoji (4.0.4)
    unpwn (1.0.1)
      bloomer (~> 1.0)
      pwned (~> 2.0)
    uri (1.0.3)
    user_agent_parser (2.18.0)
    useragent (0.16.11)
    validate_url (1.0.15)
      activemodel (>= 3.0.0)
      public_suffix
    validates_formatting_of (0.9.0)
      activemodel
    version_gem (1.1.1)
    view_component (3.23.2)
      activesupport (>= 5.2.0, < 8.1)
      concurrent-ruby (~> 1)
      method_source (~> 1.0)
    webauthn (3.4.0)
      android_key_attestation (~> 0.3.0)
      bindata (~> 2.4)
      cbor (~> 0.5.9)
      cose (~> 1.1)
      openssl (>= 2.2)
      safety_net_attestation (~> 0.4.0)
      tpm-key_attestation (~> 0.14.0)
    webfinger (2.1.3)
      activesupport
      faraday (~> 2.0)
      faraday-follow_redirects
    webmock (3.25.1)
      addressable (>= 2.8.0)
      crack (>= 0.3.2)
      hashdiff (>= 0.4.0, < 2.0.0)
    websocket (1.2.11)
    websocket-driver (0.7.7)
      base64
      websocket-extensions (>= 0.1.0)
    websocket-extensions (0.1.5)
    xml-simple (1.1.9)
      rexml
    xpath (3.2.0)
      nokogiri (~> 1.8)
    yard (0.9.37)
    zeitwerk (2.7.3)
    zlib (3.2.1)

PLATFORMS
  aarch64-linux
  arm-linux
  arm-linux-gnu
  arm-linux-musl
  arm64-darwin
  arm64-linux
  ruby
  x86_64-darwin
  x86_64-linux
  x86_64-linux-musl

DEPENDENCIES
  aggregate_assertions (~> 0.2.0)
  amazing_print (~> 1.8)
  avo (~> 3.13)
  avo-advanced (~> 3.17)!
  avo_upgrade (~> 0.1.1)
  aws-sdk-s3 (~> 1.189)
  aws-sdk-sqs (~> 1.96)
  bcrypt (~> 3.1)
  better_html (~> 2.1)
  bootsnap (~> 1.18)
  brakeman (~> 7.0)
  browser (~> 6.2)
  capybara (~> 3.40)
  chartkick (~> 5.1)
  clearance (~> 2.10)
  compact_index (~> 0.15.0)
  csv (~> 3.3)
  dalli (~> 3.2)
  datadog (~> 2.17)
  datadog-ci (~> 1.18)
  derailed_benchmarks (~> 2.2)
  discard (~> 1.4)
  dogstatsd-ruby (~> 5.6)
  dotenv-rails (~> 3.1)
  factory_bot_rails (~> 6.5)
  faraday (~> 2.13)
  faraday-multipart (~> 1.1)
  faraday-restrict-ip-addresses (~> 0.3.0)
  faraday-retry (~> 2.3)
  faraday_middleware-aws-sigv4 (~> 1.0)
  gem_server_conformance (~> 0.1.4)
  good_job (~> 3.99)
  google-protobuf (~> 4.31)
  gravtastic (~> 3.2)
  groupdate (~> 6.7)
  honeybadger (~> 5.28.0)
  http_accept_language (~> 2.1)
  importmap-rails (~> 2.1)
  kaminari (~> 1.2)
  kramdown (~> 2.5)
  launchdarkly-server-sdk (~> 8.10)
  launchy (~> 3.1)
  letter_opener (~> 1.10)
  letter_opener_web (~> 3.0)
  listen (~> 3.9)
  local_time (~> 3.0)
  lookbook (~> 2.3)
  mail (~> 2.8)
  maintenance_tasks (~> 2.12)
  memory_profiler (~> 1.1)
  minitest (~> 5.25)
  minitest-gcstats (~> 1.3)
  minitest-reporters (~> 1.7)
  minitest-retry (~> 0.2.5)
  mocha (~> 2.7)
  observer (~> 0.1.2)
  octokit (~> 10.0)
  omniauth (~> 2.1)
  omniauth-github (~> 2.0)
  omniauth-rails_csrf_protection (~> 1.0)
  openid_connect (~> 2.3)
  opensearch-ruby (~> 3.4)
  pagy (~> 8.4)
  pg (~> 1.5)
  pg_query (~> 6.1)
  pghero (~> 3.7)
  phlex-rails (~> 1.2)
  pp (= 0.6.2)
  prop_initializer (~> 0.2)
  propshaft (~> 1.1.0)
  prosopite (~> 2.1)
  pry-byebug (~> 3.11)
  puma (~> 6.6)
  pundit (~> 2.5)
  rack (~> 3.1)
  rack-attack (~> 6.6)
  rack-sanitizer (~> 2.0)
  rack-test (~> 2.2)
  rackup (~> 2.2)
  rails (~> 8.0.2)
  rails-controller-testing (~> 1.0)
  rails-erd (~> 1.7)
  rails-i18n (~> 8.0.1)
  rails_semantic_logger (~> 4.17)
  rbtrace (~> 0.5.2)
  rdoc (~> 6.14)
  roadie-rails (~> 3.3)
  rotp (~> 6.2)
  rqrcode (~> 3.1)
  rubocop (~> 1.75)
  rubocop-capybara (~> 2.22)
  rubocop-factory_bot (~> 2.27)
  rubocop-minitest (~> 0.38)
  rubocop-performance (~> 1.25)
  rubocop-rails (~> 2.32)
  ruby-magic (~> 0.6)
  searchkick (~> 5.5)
  selenium-webdriver (~> 4.33)
  shoryuken (~> 6.2)
  shoulda-context (~> 3.0.0.rc1)
  shoulda-matchers (~> 6.5)
  sigstore (~> 0.2.1)
  simplecov (~> 0.22)
  simplecov-cobertura (~> 2.1)
  statsd-instrument (~> 3.9)
  stimulus-rails (~> 1.3)
  strong_migrations (~> 2.3)
  tailwindcss-rails (~> 3.3)
  toxiproxy (~> 2.0)
  unpwn (~> 1.0)
  user_agent_parser (~> 2.18)
  validates_formatting_of (~> 0.9)
  view_component (~> 3.23.2)
  webauthn (~> 3.4)
  webmock (~> 3.25)
  xml-simple (~> 1.1)

CHECKSUMS
  actioncable (8.0.2) sha256=7bcce2df62e91a80143592600e16583c273e98aab50ae40a9f6a2604bb3289a0
  actionmailbox (8.0.2) sha256=3d8fb3453913e6257da4d02004bbfa2b997dfd10672f8d990e95013983e2cedb
  actionmailer (8.0.2) sha256=b0c968b38576ec56a3dc2795931818e0aaae6a18cc9801f53f175c12d4b277d0
  actionpack (8.0.2) sha256=93e703064f3815295ccf820f57acbca719aec836749597da9262781c9b2f4b78
  actiontext (8.0.2) sha256=a40db32032ee2fbb479d5d69318c4284344c1cda73836fd73ffcdb917d203abf
  actionview (8.0.2) sha256=e038e1405cdfc18f04f17243da4fb8eeda3a4992f63a6d70a7281d255cf7cebb
  active_link_to (1.0.5) sha256=4830847b3d14589df1e9fc62038ceec015257fce975ec1c2a77836c461b139ba
  activejob (8.0.2) sha256=b0228b45e36b1ef3a081c684e81494147e094a6baf729018756ccf125b1853ca
  activemodel (8.0.2) sha256=0ae1fb7fa1fae0699ba041a9e97702df42ea3b13f2d39f2d0fde51fca5f0656c
  activerecord (8.0.2) sha256=793470b92c44e4198d0262ac60086b7822f0ea585079ad67e32a6e4c86f2d90a
  activestorage (8.0.2) sha256=f83d221e0f06ae38f2200e55490bd155c76d0add330f6e300e8646048d672977
  activesupport (8.0.2) sha256=8565cddba31b900cdc17682fd66ecd020441e3eef320a9930285394e8c07a45e
  addressable (2.8.7) sha256=462986537cf3735ab5f3c0f557f14155d778f4b43ea4f485a9deb9c8f7c58232
  aes_key_wrap (1.1.0) sha256=b935f4756b37375895db45669e79dfcdc0f7901e12d4e08974d5540c8e0776a5
  aggregate_assertions (0.2.0) sha256=9bc51a48323a8e7b82f47cc38d48132817247345e5a8713686c9d65b25daca9e
  amazing_print (1.8.1) sha256=f53b4e1881f53f9663cb222840c7a027d0e61d46cc908366965739559c0d6d68
  android_key_attestation (0.3.0) sha256=467eb01a99d2bb48ef9cf24cc13712669d7056cba5a52d009554ff037560570b
  ansi (1.5.0) sha256=5408253274e33d9d27d4a98c46d2998266fd51cba58a7eb9d08f50e57ed23592
  argon2 (2.3.2) sha256=62b04170af37ca8d9975bc6e24dd3b74794e82a98e6d8cfa9ae95a76804a6f89
  ast (2.4.3) sha256=954615157c1d6a382bc27d690d973195e79db7f55e9765ac7c481c60bdb4d383
  attr_required (1.0.2) sha256=f0ebfc56b35e874f4d0ae799066dbc1f81efefe2364ca3803dc9ea6a4de6cb99
  avo (3.17.9) sha256=8c25866302d3c2b4253f11436943f4fb9a3c29c2bb97ad178986e0428c7eb1dc
  avo-advanced (3.17.9) sha256=2eee83612c4e59de17e3247c080d18ade2f6b839e9257a09bfec9934b773ab62
  avo-dashboards (3.17.9) sha256=467b149fd72c3dcb1fdf5e114ca63262773a05c99fadf728f7669d43ea2c14c9
  avo-dynamic_filters (3.17.9) sha256=4d33ab533c0602306b76403610735e8f0552948f80885b515cc817f57a8e8afd
  avo-heroicons (0.1.1) sha256=65cf6b4165691585d172d885ba30b8c7cf979615907febf6f34c1a6569bdbff6
  avo-menu (3.17.9) sha256=4423112b87925fd42733733bf6cf84cea470cbed887681fa423a85e68db9e7f6
  avo-pro (3.17.9) sha256=1e32468e8ce3630a6c1660bf7cce5e777bab1d9a1263d365e6f337de441b3f56
  avo_upgrade (0.1.1) sha256=8d841083b9956392f5c8fe195f25bec0d139e3646d276f8a59e66b7d2e9ebf30
  aws-eventstream (1.4.0) sha256=116bf85c436200d1060811e6f5d2d40c88f65448f2125bc77ffce5121e6e183b
  aws-partitions (1.1115.0) sha256=787dc8a8d8db2aeb1474b4ee9a71e9f8b315d8109063fea0021030a6522f9e6c
  aws-sdk-core (3.225.2) sha256=3ebed026b4bb527740cdf9f2a0c1b4a542d070ee015f8dd6bfc4c265d75dd4f8
  aws-sdk-kms (1.104.0) sha256=d65f13254452a9648fc3557018214e4c1809224c8538de576dd079772f0390f4
  aws-sdk-s3 (1.189.1) sha256=dd46336000eb3d78ff3ba4b648dd520c83c171ac29a04f13ddb08249fd1b7de4
  aws-sdk-sqs (1.96.0) sha256=842bc82a07a46b81e6543c8f49dc8b5b7e93427a13d08199624aa962dc2c0bac
  aws-sigv4 (1.12.1) sha256=6973ff95cb0fd0dc58ba26e90e9510a2219525d07620c8babeb70ef831826c00
  base64 (0.3.0) sha256=27337aeabad6ffae05c265c450490628ef3ebd4b67be58257393227588f5a97b
  bcrypt (3.1.20) sha256=8410f8c7b3ed54a3c00cd2456bf13917d695117f033218e2483b2e40b0784099
  benchmark (0.4.1) sha256=d4ef40037bba27f03b28013e219b950b82bace296549ec15a78016552f8d2cce
  benchmark-ips (2.14.0) sha256=b72bc8a65d525d5906f8cd94270dccf73452ee3257a32b89fbd6684d3e8a9b1d
  better_html (2.1.1) sha256=046c3551d1488a3f2939a7cac6fabf2bde08c32e135c91fcd683380118e5af55
  bigdecimal (3.2.2) sha256=39085f76b495eb39a79ce07af716f3a6829bc35eb44f2195e2753749f2fa5adc
  bindata (2.5.0) sha256=29dccb8ba1cc9de148f24bb88930840c62db56715f0f80eccadd624d9f3d2623
  bitarray (1.3.1) sha256=6ec714933c4a6100b31dcb49a68135a0409524a1834c9d614b0bd929e3da0743
  bloomer (1.0.0) sha256=57a0d3a78628db9a92c6723f06c67697e420abcdb05aa757c6dfae607251d272
  bootsnap (1.18.6) sha256=0ae2393c1e911e38be0f24e9173e7be570c3650128251bf06240046f84a07d00
  brakeman (7.0.2) sha256=b602d91bcec6c5ce4d4bc9e081e01f621c304b7a69f227d1e58784135f333786
  browser (6.2.0) sha256=281d5295788825c9396427c292c2d2be0a5c91875c93c390fde6e5d61a5ace2d
  builder (3.3.0) sha256=497918d2f9dca528fdca4b88d84e4ef4387256d984b8154e9d5d3fe5a9c8835f
  byebug (12.0.0) sha256=d4a150d291cca40b66ec9ca31f754e93fed8aa266a17335f71bb0afa7fca1a1e
  capybara (3.40.0) sha256=42dba720578ea1ca65fd7a41d163dd368502c191804558f6e0f71b391054aeef
  cbor (0.5.9.8) sha256=9ee097fc58d9bc5e406d112cd2d4e112c7354ec16f8b6ff34e4732c1e44b4eb7
  chartkick (5.1.5) sha256=368f7fa61a3c1d731c9f5b3ebf7c49e552a5f5798776fb1811fe744f1cdbf34e
  childprocess (5.1.0) sha256=9a8d484be2fd4096a0e90a0cd3e449a05bc3aa33f8ac9e4d6dcef6ac1455b6ec
  choice (0.2.0) sha256=a19617f7dfd4921b38a85d0616446620de685a113ec6d1ecc85bdb67bf38c974
  chunky_png (1.4.0) sha256=89d5b31b55c0cf4da3cf89a2b4ebc3178d8abe8cbaf116a1dba95668502fdcfe
  clearance (2.10.0) sha256=4772760301f23728fe5e47419a9f4c3c6407eecef991e3e4cc1641b4652bbcbd
  coderay (1.1.3) sha256=dc530018a4684512f8f38143cd2a096c9f02a1fc2459edcfe534787a7fc77d4b
  compact_index (0.15.0) sha256=5c6c404afca8928a7d9f4dde9524f6e1610db17e675330803055db282da84a8b
  concurrent-ruby (1.3.5) sha256=813b3e37aca6df2a21a3b9f1d497f8cbab24a2b94cab325bffe65ee0f6cbebc6
  connection_pool (2.5.3) sha256=cfd74a82b9b094d1ce30c4f1a346da23ee19dc8a062a16a85f58eab1ced4305b
  cose (1.3.1) sha256=d5d4dbcd6b035d513edc4e1ab9bc10e9ce13b4011c96e3d1b8fe5e6413fd6de5
  crack (1.0.0) sha256=c83aefdb428cdc7b66c7f287e488c796f055c0839e6e545fec2c7047743c4a49
  crass (1.0.6) sha256=dc516022a56e7b3b156099abc81b6d2b08ea1ed12676ac7a5657617f012bd45d
  css_parser (1.21.1) sha256=6cfd3ffc0a97333b39d2b1b49c95397b05e0e3b684d68f77ec471ba4ec2ef7c7
  csv (3.3.5) sha256=6e5134ac3383ef728b7f02725d9872934f523cb40b961479f69cf3afa6c8e73f
  dalli (3.2.8) sha256=2e63595084d91fae2655514a02c5d4fc0f16c0799893794abe23bf628bebaaa5
  datadog (2.17.0) sha256=871959b41cfa358ee461a0ce0b666e68ea21cde499d829126f5cff5ae04f927e
  datadog-ci (1.18.0) sha256=fb80cc70e5d2a54577c1a1b42cd109dd459a69f0631c20bb2d4a3fa06b8b40ec
  datadog-ruby_core_source (3.4.1) sha256=fa40f1c3c8f764b6651a6443382b57d39aeb3c9f94b5af98f499bcfc678a2fb9
  date (3.4.1) sha256=bf268e14ef7158009bfeaec40b5fa3c7271906e88b196d958a89d4b408abe64f
  derailed_benchmarks (2.2.1) sha256=654280664fded41c9cd8fc27fc0fcfaf096023afab90eb4ac1185ba70c5d4439
  diff-lcs (1.5.1) sha256=273223dfb40685548436d32b4733aa67351769c7dea621da7d9dd4813e63ddfe
  discard (1.4.0) sha256=6efcd2a53ddf96781f81b825d398f1c88ab88c0faa84e131bea6e16ef95d65d0
  docile (1.4.1) sha256=96159be799bfa73cdb721b840e9802126e4e03dfc26863db73647204c727f21e
  dogstatsd-ruby (5.6.6) sha256=7706ba4a34c6f541463730af280c3ac3d45f18774fcaf38a5b6e53f563f7f355
  domain_name (0.6.20240107) sha256=5f693b2215708476517479bf2b3802e49068ad82167bcd2286f899536a17d933
  dotenv (3.1.8) sha256=9e1176060ced581f8e6ce4384e91361817763a76e3c625c8bddc18b35bd392c3
  dotenv-rails (3.1.8) sha256=46c9d1226a8b58a83b5f61325aa8cffd25cea1c0fafdfbbbee1e5dfea77980c4
  drb (2.2.3) sha256=0b00d6fdb50995fe4a45dea13663493c841112e4068656854646f418fda13373
  email_validator (2.2.4) sha256=5ab238095bec7aef9389f230e9e0c64c5081cdf91f19d6c5cecee0a93af20604
  erb (5.0.1) sha256=760439803b36cc93eca8a266aab614614e588024a89bc30a62e78d98ff452c23
  erubi (1.13.1) sha256=a082103b0885dbc5ecf1172fede897f9ebdb745a4b97a5e8dc63953db1ee4ad9
  et-orbi (1.2.11) sha256=d26e868cc21db88280a9ec1a50aa3da5d267eb9b2037ba7b831d6c2731f5df64
  factory_bot (6.5.4) sha256=4707fb7d80a7c14d71feb069460587bfc342e4ff1ef28097e0ad69d5ddfce613
  factory_bot_rails (6.5.0) sha256=4a7b61635424a57cc60412a18b72b9dcfb02fabfce2c930447a01dce8b37c0a2
  faraday (2.13.1) sha256=cc531eb5467e7d74d4517630fa96f1a7003647cbf20a9a3e067d098941217b75
  faraday-follow_redirects (0.3.0) sha256=d92d975635e2c7fe525dd494fcd4b9bb7f0a4a0ec0d5f4c15c729530fdb807f9
  faraday-multipart (1.1.0) sha256=856b0f1c7316a4d6c052dd2eef5c42f887d56d93a171fe8880da1af064ca0751
  faraday-net_http (3.4.0) sha256=a1f1e4cd6a2cf21599c8221595e27582d9936819977bbd4089a601f24c64e54a
  faraday-restrict-ip-addresses (0.3.0) sha256=2db7f6da6f59fa73a9d4ffe96b2b46a4b2b2c4d177e44a1962c1921d32ec7279
  faraday-retry (2.3.1) sha256=4004faa21f41fc5360d359bc79889fc58fb7fae0ce93bfb737a784ac76805c03
  faraday_middleware-aws-sigv4 (1.0.1) sha256=a001ea4f687ca1c60bad8f2a627196905ce3dbf285e461dc153240e92eaabe8f
  ffi (1.17.2) sha256=297235842e5947cc3036ebe64077584bff583cd7a4e94e9a02fdec399ef46da6
  ffi (1.17.2-aarch64-linux-gnu) sha256=c910bd3cae70b76690418cce4572b7f6c208d271f323d692a067d59116211a1a
  ffi (1.17.2-arm-linux-gnu) sha256=d4a438f2b40224ae42ec72f293b3ebe0ba2159f7d1bd47f8417e6af2f68dbaa5
  ffi (1.17.2-arm-linux-musl) sha256=977dfb7f3a6381206dbda9bc441d9e1f9366bf189a634559c3b7c182c497aaa3
  ffi (1.17.2-arm64-darwin) sha256=54dd9789be1d30157782b8de42d8f887a3c3c345293b57ffb6b45b4d1165f813
  ffi (1.17.2-x86_64-darwin) sha256=981f2d4e32ea03712beb26e55e972797c2c5a7b0257955d8667ba58f2da6440e
  ffi (1.17.2-x86_64-linux-gnu) sha256=05d2026fc9dbb7cfd21a5934559f16293815b7ce0314846fee2ac8efbdb823ea
  ffi (1.17.2-x86_64-linux-musl) sha256=97c0eb3981414309285a64dc4d466bd149e981c279a56371ef811395d68cb95c
  ffi-compiler (1.3.2) sha256=a94f3d81d12caf5c5d4ecf13980a70d0aeaa72268f3b9cc13358bcc6509184a0
  fugit (1.11.1) sha256=e89485e7be22226d8e9c6da411664d0660284b4b1c08cacb540f505907869868
  gem_server_conformance (0.1.5) sha256=5713ac325a5e1410c0307c00e9c988d8cf97f0eff8103f724ef69f38d910ebc9
  get_process_mem (1.0.0) sha256=d54024f3bcbf776a4d6e0155ec2b21bc3ba44e2fd158c4c00c80aa8a36e0b4aa
  globalid (1.2.1) sha256=70bf76711871f843dbba72beb8613229a49429d1866828476f9c9d6ccc327ce9
  good_job (3.99.1) sha256=7d3869d8a8ee8ef7048fee5d746f41c21987b7822c20038a2f773036bef0830a
  google-protobuf (4.31.1) sha256=022bc82931a0860a7f2ace41bd48e904c8e65032c1d5eefc33294b5edf9741f8
  google-protobuf (4.31.1-aarch64-linux-gnu) sha256=d5b8268b2e07776b15a73ed96ca416eab771821b162b239dbdbfb2c85e2d17e5
  google-protobuf (4.31.1-arm64-darwin) sha256=177ca61d254e4516d42997aa9d3127fd5e04ffc60c4ad333b1515ded6d7af89d
  google-protobuf (4.31.1-x86_64-darwin) sha256=bdf067d1456167275ca7ce269922a99d24fcb9071d86429289cd73f0cf536ae4
  google-protobuf (4.31.1-x86_64-linux-gnu) sha256=7def6dbf996dab289dd541a3ee8b201e2c3e35911c274325ad9b483ebffb6dcd
  google-protobuf (4.31.1-x86_64-linux-musl) sha256=7d99d7728d9d7a6fda36130acac2a9947b868e28fe3f4aec4131cebce0d420f9
  gravtastic (3.2.6) sha256=ef98abcecf7c402b61cff1ae7c50a2c6d97dd22bac21ea9b421ce05bc03d734f
  groupdate (6.7.0) sha256=beaa8d5bf3856814681914a1d4a20e77436a2214b85d0017dc2ea5c355fb6777
  hashdiff (1.1.2) sha256=2c30eeded6ed3dce8401d2b5b99e6963fe5f14ed85e60dd9e33c545a44b71a77
  hashie (5.0.0) sha256=9d6c4e51f2a36d4616cbc8a322d619a162d8f42815a792596039fc95595603da
  heapy (0.2.0) sha256=74141e845d61ffc7c1e8bf8b127c8cf94544ec7a1181aec613288682543585ea
  honeybadger (5.28.0) sha256=010acb869e49ea18796a2a3293aa99103802fdca3a94181db9a0163f1ead6431
  htmlbeautifier (1.4.3) sha256=b43d08f7e2aa6ae1b5a6f0607b4ed8954c8d4a8e85fd2336f975dda1e4db385b
  htmlentities (4.3.4) sha256=125a73c6c9f2d1b62100b7c3c401e3624441b663762afa7fe428476435a673da
  http (5.2.0) sha256=b99ed3c65376e0fd8107647fbaf5a8ab4f66c347d1271fb74cea757e209c6115
  http-cookie (1.0.8) sha256=b14fe0445cf24bf9ae098633e9b8d42e4c07c3c1f700672b09fbfe32ffd41aa6
  http-form_data (2.3.0) sha256=cc4eeb1361d9876821e31d7b1cf0b68f1cf874b201d27903480479d86448a5f3
  http_accept_language (2.1.1) sha256=0043f0d55a148cf45b604dbdd197cb36437133e990016c68c892d49dbea31634
  i18n (1.14.7) sha256=ceba573f8138ff2c0915427f1fc5bdf4aa3ab8ae88c8ce255eb3ecf0a11a5d0f
  importmap-rails (2.1.0) sha256=9f10c67d60651a547579f448100d033df311c5d5db578301374aeb774faae741
  inline_svg (1.10.0) sha256=5b652934236fd9f8adc61f3fd6e208b7ca3282698b19f28659971da84bf9a10f
  io-console (0.8.0) sha256=cd6a9facbc69871d69b2cb8b926fc6ea7ef06f06e505e81a64f14a470fddefa2
  irb (1.15.2) sha256=222f32952e278da34b58ffe45e8634bf4afc2dc7aa9da23fed67e581aa50fdba
  jmespath (1.6.2) sha256=238d774a58723d6c090494c8879b5e9918c19485f7e840f2c1c7532cf84ebcb1
  job-iteration (1.10.0) sha256=cac97678dd15a53924235286a93bb32029886a5174eba9425ef9589bd495d07c
  json (2.12.2) sha256=ba94a48ad265605c8fa9a50a5892f3ba6a02661aa010f638211f3cb36f44abf4
  json-jwt (1.16.7) sha256=ccabff4c6d1a14276b23178e8bebe513ef236399b72a0b886d7ed94800d172a5
  jwt (2.10.1) sha256=e6424ae1d813f63e761a04d6284e10e7ec531d6f701917fadcd0d9b2deaf1cc5
  kaminari (1.2.2) sha256=c4076ff9adccc6109408333f87b5c4abbda5e39dc464bd4c66d06d9f73442a3e
  kaminari-actionview (1.2.2) sha256=1330f6fc8b59a4a4ef6a549ff8a224797289ebf7a3a503e8c1652535287cc909
  kaminari-activerecord (1.2.2) sha256=0dd3a67bab356a356f36b3b7236bcb81cef313095365befe8e98057dd2472430
  kaminari-core (1.2.2) sha256=3bd26fec7370645af40ca73b9426a448d09b8a8ba7afa9ba3c3e0d39cdbb83ff
  kramdown (2.5.1) sha256=87bbb6abd9d3cebe4fc1f33e367c392b4500e6f8fa19dd61c0972cf4afe7368c
  language_server-protocol (3.17.0.5) sha256=fd1e39a51a28bf3eec959379985a72e296e9f9acfce46f6a79d31ca8760803cc
  launchdarkly-server-sdk (8.10.0) sha256=c581c52ee003bcc636bef9471b6527bc29973c65aca4ef430b5d25abf44c1342
  launchy (3.1.1) sha256=72b847b5cc961589dde2c395af0108c86ff0119f42d4648d25b5440ebb10059e
  ld-eventsource (2.2.3) sha256=e72f3eef9808348c71b74afc79c60b7fd74f02874486b7c2edd2aef1b566a538
  letter_opener (1.10.0) sha256=2ff33f2e3b5c3c26d1959be54b395c086ca6d44826e8bf41a14ff96fdf1bdbb2
  letter_opener_web (3.0.0) sha256=3f391efe0e8b9b24becfab5537dfb17a5cf5eb532038f947daab58cb4b749860
  libdatadog (18.1.0.1.0) sha256=fbdd74d24c2474544418f183a31725c4ee4da85341c1310dcbe292c5ec151b09
  libdatadog (18.1.0.1.0-aarch64-linux) sha256=681576b54d5dd64ff18dca25f36fd2b86c831675d906383f60626533313282a8
  libdatadog (18.1.0.1.0-x86_64-linux) sha256=e5c2a5b0d15aa1edd426a62f687b0efbad6d63592a7022bcbecb735b91d7e048
  libddwaf (1.22.0.0.2) sha256=c4ccf484de31fb3433cccd24c5fde6050bb15482fc5a83b2554c685737fd9cbf
  libddwaf (1.22.0.0.2-aarch64-linux) sha256=b235de2361a05fc8e413c5e33d7e6f2b1e26603a6d86ba5d4aecf43dea6060e5
  libddwaf (1.22.0.0.2-arm64-darwin) sha256=0b43beccc1b604e2f4d2fbd4488adc902836f42195b2aeb2f3401502ce5f55b1
  libddwaf (1.22.0.0.2-x86_64-darwin) sha256=1506745daefb03ae99e53ade683a304c319cde89fdce200a594a3f276c9345c6
  libddwaf (1.22.0.0.2-x86_64-linux) sha256=6b6d55f67a287ff80fe306d625f393e37246d2022689d879f65dbab3a5b5287c
  lint_roller (1.1.0) sha256=2c0c845b632a7d172cb849cc90c1bce937a28c5c8ccccb50dfd46a485003cc87
  listen (3.9.0) sha256=db9e4424e0e5834480385197c139cb6b0ae0ef28cc13310cfd1ca78377d59c67
  llhttp-ffi (0.5.1) sha256=9a25a7fc19311f691a78c9c0ac0fbf4675adbd0cca74310228fdf841018fa7bc
  local_time (3.0.3) sha256=c69a8974d993fdf6e60db02977ed23c070f203dcb3a1ff0de52ad3d2393f8303
  logger (1.7.0) sha256=196edec7cc44b66cfb40f9755ce11b392f21f7967696af15d274dde7edff0203
  loofah (2.24.1) sha256=655a30842b70ec476410b347ab1cd2a5b92da46a19044357bbd9f401b009a337
  lookbook (2.3.9) sha256=b91fd92bd20281b87fbd23d7b22ffacb83ceb086c30986ab90275d220eaf0f39
  mail (2.8.1) sha256=ec3b9fadcf2b3755c78785cb17bc9a0ca9ee9857108a64b6f5cfc9c0b5bfc9ad
  maintenance_tasks (2.12.0) sha256=f236ca6dc35e579692b61b42368d73f0e201cc33585ff62ebcc5bef15ad0f1a7
  marcel (1.0.4) sha256=0d5649feb64b8f19f3d3468b96c680bae9746335d02194270287868a661516a4
  matrix (0.4.2) sha256=71083ccbd67a14a43bfa78d3e4dc0f4b503b9cc18e5b4b1d686dc0f9ef7c4cc0
  memory_profiler (1.1.0) sha256=79a17df7980a140c83c469785905409d3027ca614c42c086089d128b805aa8f8
  meta-tags (2.22.1) sha256=e5ae1febbd320d396c7226d7edb868e5d63466c14b9c8b06622a1a74e6dce354
  method_source (1.1.0) sha256=181301c9c45b731b4769bc81e8860e72f9161ad7d66dd99103c9ab84f560f5c5
  mini_histogram (0.3.1) sha256=6a114b504e4618b0e076cc672996036870f7cc6f16b8e5c25c0c637726d2dd94
  mini_mime (1.1.5) sha256=8681b7e2e4215f2a159f9400b5816d85e9d8c6c6b491e96a12797e798f8bccef
  mini_portile2 (2.8.9) sha256=0cd7c7f824e010c072e33f68bc02d85a00aeb6fce05bb4819c03dfd3c140c289
  minitest (5.25.5) sha256=391b6c6cb43a4802bfb7c93af1ebe2ac66a210293f4a3fb7db36f2fc7dc2c756
  minitest-gcstats (1.3.1) sha256=cb25490f93aac02e3a5ff307e560d41afcdcafa7952c1c32efdeb9886b1f4711
  minitest-reporters (1.7.1) sha256=5060413a0c95b8c32fe73e0606f3631c173a884d7900e50013e15094eb50562c
  minitest-retry (0.2.5) sha256=2f968fd33706fe91c6f38b6e3e2a2f581d5e8aeceb80113eab0c6a6ed96185fc
  mocha (2.7.1) sha256=8f7d538d5d3ebc75fc788b3d92fbab913a93a78462d2a3ce99d1bdde7af7f851
  msgpack (1.8.0) sha256=e64ce0212000d016809f5048b48eb3a65ffb169db22238fb4b72472fecb2d732
  multi_json (1.15.0) sha256=1fd04138b6e4a90017e8d1b804c039031399866ff3fbabb7822aea367c78615d
  multi_xml (0.7.1) sha256=4fce100c68af588ff91b8ba90a0bb3f0466f06c909f21a32f4962059140ba61b
  multipart-post (2.4.1) sha256=9872d03a8e552020ca096adadbf5e3cb1cd1cdd6acd3c161136b8a5737cdb4a8
  mutex_m (0.2.0) sha256=b6ef0c6c842ede846f2ec0ade9e266b1a9dac0bc151682b04835e8ebd54840d5
  net-http (0.6.0) sha256=9621b20c137898af9d890556848c93603716cab516dc2c89b01a38b894e259fb
  net-imap (0.5.7) sha256=d5c0247832439b62298c0935ba67d8bc02fdb476d7a3e099d6f75b3daf498b91
  net-pop (0.1.2) sha256=848b4e982013c15b2f0382792268763b748cce91c9e91e36b0f27ed26420dff3
  net-protocol (0.2.2) sha256=aa73e0cba6a125369de9837b8d8ef82a61849360eba0521900e2c3713aa162a8
  net-smtp (0.5.1) sha256=ed96a0af63c524fceb4b29b0d352195c30d82dd916a42f03c62a3a70e5b70736
  nio4r (2.7.4) sha256=d95dee68e0bb251b8ff90ac3423a511e3b784124e5db7ff5f4813a220ae73ca9
  nokogiri (1.18.8) sha256=8c7464875d9ca7f71080c24c0db7bcaa3940e8be3c6fc4bcebccf8b9a0016365
  nokogiri (1.18.8-aarch64-linux-gnu) sha256=36badd2eb281fca6214a5188e24a34399b15d89730639a068d12931e2adc210e
  nokogiri (1.18.8-arm-linux-gnu) sha256=17de01ca3adf9f8e187883ed73c672344d3dbb3c260f88ffa1008e8dc255a28e
  nokogiri (1.18.8-arm-linux-musl) sha256=6e6d7e71fc39572bd613a82d528cf54392c3de1ba5ce974f05c832b8187a040b
  nokogiri (1.18.8-arm64-darwin) sha256=483b5b9fb33653f6f05cbe00d09ea315f268f0e707cfc809aa39b62993008212
  nokogiri (1.18.8-x86_64-darwin) sha256=024cdfe7d9ae3466bba6c06f348fb2a8395d9426b66a3c82f1961b907945cc0c
  nokogiri (1.18.8-x86_64-linux-gnu) sha256=4a747875db873d18a2985ee2c320a6070c4a414ad629da625fbc58d1a20e5ecc
  nokogiri (1.18.8-x86_64-linux-musl) sha256=ddd735fba49475a395b9ea793bb6474e3a3125b89960339604d08a5397de1165
  oauth2 (2.0.9) sha256=b21f9defcf52dc1610e0dfab4c868342173dcd707fd15c777d9f4f04e153f7fb
  observer (0.1.2) sha256=d8a3107131ba661138d748e7be3dbafc0d82e732fffba9fccb3d7829880950ac
  octokit (10.0.0) sha256=82e99a539b7637b7e905e6d277bb0c1a4bed56735935cc33db6da7eae49a24e8
  omniauth (2.1.3) sha256=8d24e2e55c41926c96e4a93fd566bc026dfd6f2c850408748e89945a565956c2
  omniauth-github (2.0.1) sha256=8ff8e70ac6d6db9d52485eef52cfa894938c941496e66b52b5e2773ade3ccad4
  omniauth-oauth2 (1.8.0) sha256=b2f8e9559cc7e2d4efba57607691d6d2b634b879fc5b5b6ccfefa3da85089e78
  omniauth-rails_csrf_protection (1.0.2) sha256=1170fd672aff092b9b7ebebc1453559f073ed001e3ce62a1df616e32f8dc5fe0
  openid_connect (2.3.1) sha256=5d808380cff80d78e3d3d54cfaebe2d6461d835c674faa29e2314a402c1b2182
  opensearch-ruby (3.4.0) sha256=0a8621686bed3c59b4c23e08cbaef873685a3fe4568e9d2703155ca92b8ca05d
  openssl (3.3.0) sha256=ff3a573fc97ab30f69483fddc80029f91669bf36532859bd182d1836f45aee79
  openssl-signature_algorithm (1.3.0) sha256=a3b40b5e8276162d4a6e50c7c97cdaf1446f9b2c3946a6fa2c14628e0c957e80
  optimist (3.2.1) sha256=8cf8a0fd69f3aa24ab48885d3a666717c27bc3d9edd6e976e18b9d771e72e34e
  ostruct (0.6.1) sha256=09a3fb7ecc1fa4039f25418cc05ae9c82bd520472c5c6a6f515f03e4988cb817
  pagy (8.6.3) sha256=537b2ee3119f237dd6c4a0d0a35c67a77b9d91ebb9d4f85e31407c2686774fb2
  parallel (1.27.0) sha256=4ac151e1806b755fb4e2dc2332cbf0e54f2e24ba821ff2d3dcf86bf6dc4ae130
  parser (3.3.8.0) sha256=2476364142b307fa5a1b1ece44f260728be23858a9c71078e956131a75453c45
  pg (1.5.9) sha256=761efbdf73b66516f0c26fcbe6515dc7500c3f0aa1a1b853feae245433c64fdc
  pg_query (6.1.0) sha256=8b005229e209f12c5887c34c60d0eb2a241953b9475b53a9840d24578532481e
  pghero (3.7.0) sha256=a8d8497095dbe168bb03fe50a11309ab068cd1c1ef4c88d9bbeb97be4809f522
  phlex (1.11.0) sha256=979548e79a205c981612f1ab613addc8fa128c8092694d02f41aad4cea905e73
  phlex-rails (1.2.2) sha256=a20218449e71bc9fa5a71b672fbede8a654c6b32a58f1c4ea83ddc1682307a4c
  pp (0.6.2) sha256=947ec3120c6f92195f8ee8aa25a7b2c5297bb106d83b41baa02983686577b6ff
  prettyprint (0.2.0) sha256=2bc9e15581a94742064a3cc8b0fb9d45aae3d03a1baa6ef80922627a0766f193
  prism (1.4.0) sha256=dc0e3e00e93160213dc2a65519d9002a4a1e7b962db57d444cf1a71565bb703e
  prop_initializer (0.2.0) sha256=bd27704d0df8c59c3baf0df5cf448eba2b140fb9934fb31b2e379b5c842d8820
  propshaft (1.1.0) sha256=d389361faf66aeb17e8d204828962c1e506edd14a1a17adb3fa475435c070f6b
  prosopite (2.1.0) sha256=343e398087b9edcf691662d29db5f5b20a4efd7010f6b0531c400ef19f2ca53c
  protobug (0.1.0) sha256=5bf1356cedf99dcf311890743b78f5e602f62ca703e574764337f1996b746bf2
  protobug_googleapis_field_behavior_protos (0.1.0) sha256=db48ef6a5913b2355b4a6931ab400a9e3e995fb48499977a3ad0be6365f9e265
  protobug_sigstore_protos (0.1.0) sha256=4ad1eebaf6454131b6f432dda50ad0e513773613474b92470847614a5acacce1
  protobug_well_known_protos (0.1.0) sha256=356757f562453bb34a28f12e8e9fa357346cca35a6807a549837c3fe256bb5b3
  pry (0.15.2) sha256=12d54b8640d3fa29c9211dd4ffb08f3fd8bf7a4fd9b5a73ce5b59c8709385b6b
  pry-byebug (3.11.0) sha256=0b0abb7d309bc7f00044d512a3c8567274f7012b944b38becc8440439a1cea72
  psych (5.2.6) sha256=814328aa5dcb6d604d32126a20bc1cbcf05521a5b49dbb1a8b30a07e580f316e
  public_suffix (6.0.1) sha256=61d44e1cab5cbbbe5b31068481cf16976dd0dc1b6b07bd95617ef8c5e3e00c6f
  puma (6.6.0) sha256=f25c06873eb3d5de5f0a4ebc783acc81a4ccfe580c760cfe323497798018ad87
  pundit (2.5.0) sha256=4fb6b8ad3fbfe6c34e4be172a1eac03dfcb36c29d6a1214574517af5a605beda
  pwned (2.4.1) sha256=e375b45e1cd78aded2c923737f75e09e64bc66582142c144bd85f4ce1fa0955d
  raabro (1.4.0) sha256=d4fa9ff5172391edb92b242eed8be802d1934b1464061ae5e70d80962c5da882
  racc (1.8.1) sha256=4a7f6929691dbec8b5209a0b373bc2614882b55fc5d2e447a21aaa691303d62f
  rack (3.1.16) sha256=efb5606c351efc56b85b10c3493055d0d35209d23f44792ec4e1183eb0234635
  rack-attack (6.7.0) sha256=3ca47e8f66cd33b2c96af53ea4754525cd928ed3fa8da10ee6dad0277791d77c
  rack-oauth2 (2.2.1) sha256=c73aa87c508043e2258f02b4fb110cacba9b37d2ccf884e22487d014a120d1a5
  rack-protection (4.1.1) sha256=51a254a5d574a7f0ca4f0672025ce2a5ef7c8c3bd09c431349d683e825d7d16a
  rack-sanitizer (2.0.4) sha256=782ff5efb53177f6d2ab3a80ce07dbfecef8123a1e5c613160a38731e49e846c
  rack-session (2.1.1) sha256=0b6dc07dea7e4b583f58a48e8b806d4c9f1c6c9214ebc202ec94562cbea2e4e9
  rack-test (2.2.0) sha256=005a36692c306ac0b4a9350355ee080fd09ddef1148a5f8b2ac636c720f5c463
  rackup (2.2.1) sha256=f737191fd5c5b348b7f0a4412a3b86383f88c43e13b8217b63d4c8d90b9e798d
  rails (8.0.2) sha256=fdfaa5a83ec0388e02864e88d515959caedc88053b5f701c4deb1652d8f164c6
  rails-controller-testing (1.0.5) sha256=741448db59366073e86fc965ba403f881c636b79a2c39a48d0486f2607182e94
  rails-dom-testing (2.3.0) sha256=8acc7953a7b911ca44588bf08737bc16719f431a1cc3091a292bca7317925c1d
  rails-erd (1.7.2) sha256=0b17d0fba25d319d8da8af7a3e5e2149d02d6187cc7351e8be43423f07c48bcd
  rails-html-sanitizer (1.6.2) sha256=35fce2ca8242da8775c83b6ba9c1bcaad6751d9eb73c1abaa8403475ab89a560
  rails-i18n (8.0.1) sha256=15303195450bdac9a80636cf14c7e5ada2f43907cc60fcd19bbb3f81ab45be0d
  rails_semantic_logger (4.17.0) sha256=cc10cca01491736596cd5ab40b52b3bbf98338d9d1f5a7916b2be10231615047
  railties (8.0.2) sha256=0d7c3f40c49ba74980f1bac1d4bb153a9331c5ee8a9631d89c7bf79db82e5cf9
  rainbow (3.1.1) sha256=039491aa3a89f42efa1d6dec2fc4e62ede96eb6acd95e52f1ad581182b79bc6a
  rake (13.3.0) sha256=96f5092d786ff412c62fde76f793cc0541bd84d2eb579caa529aa8a059934493
  ransack (4.3.0) sha256=48e141814eb4af8a5cc4e9890b7a088fe818c9996c6b8c846f11104b4c12e8b1
  rb-fsevent (0.11.2) sha256=43900b972e7301d6570f64b850a5aa67833ee7d87b458ee92805d56b7318aefe
  rb-inotify (0.10.1) sha256=050062d4f31d307cca52c3f6a7f4b946df8de25fc4bd373e1a5142e41034a7ca
  rbtrace (0.5.2) sha256=a2d7d222ab81363aaa0e91337ddbf70df834885d401a80ea0339d86c71f31895
  rdoc (6.14.0) sha256=2c46de58d7129b8743fcf6d76e3db971bdc914150e15ac06b386549bd82ed7db
  redcarpet (3.6.1) sha256=d444910e6aa55480c6bcdc0cdb057626e8a32c054c29e793fa642ba2f155f445
  regexp_parser (2.10.0) sha256=cb6f0ddde88772cd64bff1dbbf68df66d376043fe2e66a9ef77fcb1b0c548c61
  reline (0.6.1) sha256=1afcc9d7cb1029cdbe780d72f2f09251ce46d3780050f3ec39c3ccc6b60675fb
  rexml (3.4.1) sha256=c74527a9a0a04b4ec31dbe0dc4ed6004b960af943d8db42e539edde3a871abca
  roadie (5.2.1) sha256=e4a4f61ce792bd91b228b6844b4bad6b160cdc1b8df86c81a8b983082a5001d6
  roadie-rails (3.3.0) sha256=4080f67a635962fb3df77ed42b2992ff41ee6502b60b5f4609a9fb9eb06c0a5e
  rotp (6.3.0) sha256=75d40087e65ed0d8022c33055a6306c1c400d1c12261932533b5d6cbcd868854
  rouge (4.5.1) sha256=2ac81c6dee7019bbc6600d4c2d641d730d65c165941400ebd924259067e690dd
  rqrcode (3.1.0) sha256=e2d5996375f6e9a013823c289ed575dbea678b8e0388574302c1fac563f098af
  rqrcode_core (2.0.0) sha256=1e40b823ab57a96482a417fff5dd5c33645a00cea6ef5d9e342fecc5ef91d9ab
  rspec (3.13.0) sha256=d490914ac1d5a5a64a0e1400c1d54ddd2a501324d703b8cfe83f458337bab993
  rspec-core (3.13.2) sha256=94fbda6e4738e478f1c7532b7cc241272fcdc8b9eac03a97338b1122e4573300
  rspec-expectations (3.13.3) sha256=0e6b5af59b900147698ea0ff80456c4f2e69cac4394fbd392fbd1ca561f66c58
  rspec-mocks (3.13.2) sha256=2327335def0e1665325a9b617e3af9ae20272741d80ac550336309a7c59abdef
  rspec-support (3.13.2) sha256=cea3a2463fd9b84b9dcc9685efd80ea701aa8f7b3decb3b3ce795ed67737dbec
  rubocop (1.75.8) sha256=c80ab4286c5dcfc49d7ad1787cdba5569b63b58c96ee7afde4ec47a9c8a85be9
  rubocop-ast (1.44.1) sha256=e3cc04203b2ef04f6d6cf5f85fe6d643f442b18cc3b23e3ada0ce5b6521b8e92
  rubocop-capybara (2.22.1) sha256=ced88caef23efea53f46e098ff352f8fc1068c649606ca75cb74650970f51c0c
  rubocop-factory_bot (2.27.1) sha256=9d744b5916778c1848e5fe6777cc69855bd96548853554ec239ba9961b8573fe
  rubocop-minitest (0.38.1) sha256=f997aa8043d45b1556b818f5dec872ad03c1ab97cd3fb721b0c2aef02dbf7a81
  rubocop-performance (1.25.0) sha256=6f7d03568a770054117a78d0a8e191cefeffb703b382871ca7743831b1a52ec1
  rubocop-rails (2.32.0) sha256=9fcc623c8722fe71e835e99c4a18b740b5b0d3fb69915d7f0777f00794b30490
  ruby-graphviz (1.2.5) sha256=1c2bb44e3f6da9e2b829f5e7fd8d75a521485fb6b4d1fc66ff0f93f906121504
  ruby-magic (0.6.0) sha256=7b2138877b7d23aff812c95564eba6473b74b815ef85beb0eb792e729a2b6101
  ruby-progressbar (1.13.0) sha256=80fc9c47a9b640d6834e0dc7b3c94c9df37f08cb072b7761e4a71e22cff29b33
  ruby-statistics (4.0.1) sha256=aede68e6261b979431b31ba39aa661844c18f97a89966768cb60edf2a56b6782
  ruby2_keywords (0.0.5) sha256=ffd13740c573b7301cf7a2e61fc857b2a8e3d3aff32545d6f8300d8bae10e3ef
  rubyzip (2.4.1) sha256=8577c88edc1fde8935eb91064c5cb1aef9ad5494b940cf19c775ee833e075615
  safety_net_attestation (0.4.0) sha256=96be2d74e7ed26453a51894913449bea0e072f44490021545ac2d1c38b0718ce
  sawyer (0.9.2) sha256=fa3a72d62a4525517b18857ddb78926aab3424de0129be6772a8e2ba240e7aca
  searchkick (5.5.2) sha256=8be24a74b612d1ac7f1dbc4a3cba310d6af2f8ba7405f30960769db871e3cf67
  securerandom (0.4.1) sha256=cc5193d414a4341b6e225f0cb4446aceca8e50d5e1888743fac16987638ea0b1
  selenium-webdriver (4.33.0) sha256=720cad35cb7c2fdd87706940ed107bf2ec6873e50fa45b26f497fa28a8f97e1d
  semantic (1.6.1) sha256=3cdbb48f59198ebb782a3fdfb87b559e0822a311610db153bae22777a7d0c163
  semantic_logger (4.16.0) sha256=ffba0bd0e008ceaf6be26da588f610a61208b9a9f55676b32729e962904023d9
  shoryuken (6.2.1) sha256=95ddc0a717624a54e799d25a0a05100cb5a0c3728a96211935c214faaf16b3b6
  shoulda-context (3.0.0.rc1) sha256=6e0d9d52ab798c13bc2b490c8537d4bf30cfd318a1ea839c39a66d1d293c6a1a
  shoulda-matchers (6.5.0) sha256=ef6b572b2bed1ac4aba6ab2c5ff345a24b6d055a93a3d1c3bfc86d9d499e3f44
  sigstore (0.2.1) sha256=58031c34c7899dd6aac43c54d0ab1a5282a551804013d4b7cb6930a32cbc8775
  simplecov (0.22.0) sha256=fe2622c7834ff23b98066bb0a854284b2729a569ac659f82621fc22ef36213a5
  simplecov-cobertura (2.1.0) sha256=2c6532e34df2e38a379d72cef9a05c3b16c64ce90566beebc6887801c4ad3f02
  simplecov-html (0.12.3) sha256=4b1aad33259ffba8b29c6876c12db70e5750cb9df829486e4c6e5da4fa0aa07b
  simplecov_json_formatter (0.1.4) sha256=529418fbe8de1713ac2b2d612aa3daa56d316975d307244399fa4838c601b428
  smart_properties (1.17.0) sha256=f9323f8122e932341756ddec8e0ac9ec6e238408a7661508be99439ca6d6384b
  snaky_hash (2.0.1) sha256=1ac87ec157fcfe7a460e821e0cd48ae1e6f5e3e082ab520f03f31a9259dbdc31
  statsd-instrument (3.9.9) sha256=4404872dd03cc0d4bae57396b5c529135a4223fb78d616ca52f37562ac1803e6
  stimulus-rails (1.3.4) sha256=765676ffa1f33af64ce026d26b48e8ffb2e0b94e0f50e9119e11d6107d67cb06
  stringio (3.1.7) sha256=5b78b7cb242a315fb4fca61a8255d62ec438f58da2b90be66048546ade4507fa
  strong_migrations (2.3.0) sha256=41e0ec98725dd0fd6d4b660b227619e355645baec248c966d13940c0b4be80fe
  swd (2.0.3) sha256=4cdbe2a4246c19f093fce22e967ec3ebdd4657d37673672e621bf0c7eb770655
  tailwindcss-rails (3.3.1) sha256=5dcc010ee90d53a59f40eff1f2706bc0b1d77fd3713a0fb196ff698bc4529dfe
  tailwindcss-ruby (3.4.17) sha256=464fb7cc45f1bd7446af3457a2007651eee07491df9b03ae2f1ac53b5203c427
  tailwindcss-ruby (3.4.17-aarch64-linux) sha256=a013deb088c6f32d62bb17fa804b5599486e60d76dd826d4be7697a92e881284
  tailwindcss-ruby (3.4.17-arm-linux) sha256=5562183cd75418e18427ff227a47bccba1d325f3c6a2384d752fadfe8d4ce1ba
  tailwindcss-ruby (3.4.17-arm64-darwin) sha256=07d83952b0bd380fd759e7b95ea75ee3babe08425ea290d078a50cb592791658
  tailwindcss-ruby (3.4.17-x86_64-darwin) sha256=94ec8a042507c1281060872b661d590491ac763bbbd5c84f16555a69a1f6c528
  tailwindcss-ruby (3.4.17-x86_64-linux) sha256=5c607785d4d38d3d70f5ee5cb6a0e846fa1de32f911a7dcaca9cb94feaa864ff
  thor (1.3.2) sha256=eef0293b9e24158ccad7ab383ae83534b7ad4ed99c09f96f1a6b036550abbeda
  timeout (0.4.3) sha256=9509f079b2b55fe4236d79633bd75e34c1c1e7e3fb4b56cb5fda61f80a0fe30e
  toxiproxy (2.0.2) sha256=2e3b53604fb921d40da3db8f78a52b3133fcae33e93d440725335b15974e440a
  tpm-key_attestation (0.14.0) sha256=d05cc52b397f89c36a7307407e0e84d3ea1c7afce50e0a70b146f8ab17d2bf4b
  turbo-rails (2.0.11) sha256=fc47674736372780abd2a4dc0d84bef242f5ca156a457cd7fa6308291e397fcf
  turbo_power (0.7.0) sha256=ad95d147e0fa761d0023ad9ca00528c7b7ddf6bba8ca2e23755d5b21b290d967
  tzinfo (2.0.6) sha256=8daf828cc77bcf7d63b0e3bdb6caa47e2272dcfaf4fbfe46f8c3a9df087a829b
  unicode-display_width (3.1.4) sha256=8caf2af1c0f2f07ec89ef9e18c7d88c2790e217c482bfc78aaa65eadd5415ac1
  unicode-emoji (4.0.4) sha256=2c2c4ef7f353e5809497126285a50b23056cc6e61b64433764a35eff6c36532a
  unpwn (1.0.1) sha256=103b3cc9ee9fb3dd68b88b73778bd17a9bfe7cfe12fc7053c2bf9f06caa2c155
  uri (1.0.3) sha256=e9f2244608eea2f7bc357d954c65c910ce0399ca5e18a7a29207ac22d8767011
  user_agent_parser (2.18.0) sha256=aa943b91da8906cace7d3fe16b450c9d77b68f571485c11e577af97aecb25584
  useragent (0.16.11) sha256=700e6413ad4bb954bb63547fa098dddf7b0ebe75b40cc6f93b8d54255b173844
  validate_url (1.0.15) sha256=72fe164c0713d63a9970bd6700bea948babbfbdcec392f2342b6704042f57451
  validates_formatting_of (0.9.0) sha256=139590a4b87596dbfb04d93e897bd2e6d30fb849d04fab0343e71ed2ca856e7e
  version_gem (1.1.1) sha256=3c2da6ded29045ddcc0387e152dc634e1f0c490b7128dce0697ccc1cf0915b6c
  view_component (3.23.2) sha256=3c2fed4b9e38bf074fa3d42ca55eedbb2cc070e0f3c31d7c13a50b0db530892b
  webauthn (3.4.0) sha256=a10665f5e05eb156ba0219fd17480c57e0af4daaf83e3e33439bf958350af4c5
  webfinger (2.1.3) sha256=567a52bde77fb38ca6b67e55db755f988766ec4651c1d24916a65aa70540695c
  webmock (3.25.1) sha256=ab9d5d9353bcbe6322c83e1c60a7103988efc7b67cd72ffb9012629c3d396323
  websocket (1.2.11) sha256=b7e7a74e2410b5e85c25858b26b3322f29161e300935f70a0e0d3c35e0462737
  websocket-driver (0.7.7) sha256=056d99f2cd545712cfb1291650fde7478e4f2661dc1db6a0fa3b966231a146b4
  websocket-extensions (0.1.5) sha256=1c6ba63092cda343eb53fc657110c71c754c56484aad42578495227d717a8241
  xml-simple (1.1.9) sha256=d21131e519c86f1a5bc2b6d2d57d46e6998e47f18ed249b25cad86433dbd695d
  xpath (3.2.0) sha256=6dfda79d91bb3b949b947ecc5919f042ef2f399b904013eb3ef6d20dd3a4082e
  yard (0.9.37) sha256=a6e910399e78e613f80ba9add9ba7c394b1a935f083cccbef82903a3d2a26992
  zeitwerk (2.7.3) sha256=b2e86b4a9b57d26ba68a15230dcc7fe6f040f06831ce64417b0621ad96ba3e85
  zlib (3.2.1) sha256=6301546b5f108c358304c3095d20e45ddebb31d5079341f95e08e9049770aa6a

RUBY VERSION
   ruby 3.4.4p34

BUNDLED WITH
   2.6.9
