GEM
  remote: http://rubygems.org/
  specs:
    abstract (1.0.0)
    actionmailer (3.0.3)
      actionpack (= 3.0.3)
      mail (~> 2.2.9)
    actionpack (3.0.3)
      activemodel (= 3.0.3)
      activesupport (= 3.0.3)
      builder (~> 2.1.2)
      erubis (~> 2.6.6)
      i18n (~> 0.4)
      rack (~> 1.2.1)
      rack-mount (~> 0.6.13)
      rack-test (~> 0.5.6)
      tzinfo (~> 0.3.23)
    activemodel (3.0.3)
      activesupport (= 3.0.3)
      builder (~> 2.1.2)
      i18n (~> 0.4)
    activerecord (3.0.3)
      activemodel (= 3.0.3)
      activesupport (= 3.0.3)
      arel (~> 2.0.2)
      tzinfo (~> 0.3.23)
    activeresource (3.0.3)
      activemodel (= 3.0.3)
      activesupport (= 3.0.3)
    activesupport (3.0.3)
    addressable (2.2.3)
    arel (2.0.7)
    builder (2.1.2)
    clearance (0.9.0.rc9)
      rails (~> 3.0.0)
    configuration (1.2.0)
    cucumber (0.8.5)
      builder (~> 2.1.2)
      diff-lcs (~> 1.1.2)
      gherkin (~> 2.1.4)
      json_pure (~> 1.4.3)
      term-ansicolor (~> 1.0.4)
    cucumber-rails (0.3.2)
      cucumber (>= 0.8.0)
    daemons (1.1.0)
    database_cleaner (0.5.2)
    delayed_job (2.1.2)
      activesupport (~> 3.0)
      daemons
    diff-lcs (1.1.2)
    erubis (2.6.6)
      abstract (>= 1.0.0)
    excon (0.4.0)
    factory_girl (1.3.3)
    factory_girl_rails (1.0)
      factory_girl (~> 1.3)
      rails (>= 3.0.0.beta4)
    fakeweb (1.2.6)
    fog (0.3.25)
      builder
      excon (>= 0.2.4)
      formatador (>= 0.0.16)
      json
      mime-types
      net-ssh (~> 2.0.23)
      nokogiri (~> 1.4.3.1)
      ruby-hmac
    formatador (0.0.16)
    gchartrb (0.8)
    gherkin (2.1.5)
      trollop (~> 1.16.2)
    gravtastic (2.1.3)
    high_voltage (0.9.1)
    hoptoad_notifier (2.2.0)
      activesupport
    i18n (0.5.0)
    json (1.2.0)
    json_pure (1.4.6)
    launchy (0.3.7)
      configuration (>= 0.0.5)
      rake (>= 0.8.1)
    mail (2.2.15)
      activesupport (>= 2.3.6)
      i18n (>= 0.4.0)
      mime-types (~> 1.16)
      treetop (~> 1.4.8)
    memprof (0.3.10.beta.1)
    mime-types (1.16)
    net-ssh (2.0.24)
    newrelic_rpm (2.13.0.beta6)
    nokogiri (1.4.3.1)
    paul_revere (0.1.5)
      rails (~> 3.0.0)
    pg (0.8.0)
    polyglot (0.3.1)
    rack (1.2.1)
    rack-maintenance (0.3.0)
      rack (>= 1.0)
    rack-mount (0.6.13)
      rack (>= 1.0.0)
    rack-test (0.5.7)
      rack (>= 1.0)
    rails (3.0.3)
      actionmailer (= 3.0.3)
      actionpack (= 3.0.3)
      activerecord (= 3.0.3)
      activeresource (= 3.0.3)
      activesupport (= 3.0.3)
      bundler (~> 1.0)
      railties (= 3.0.3)
    railties (3.0.3)
      actionpack (= 3.0.3)
      activesupport (= 3.0.3)
      rake (>= 0.8.7)
      thor (~> 0.14.4)
    rake (0.8.7)
    redgreen (1.2.2)
    redis (2.0.1)
    rest-client (1.0.3)
    rr (0.10.11)
    ruby-hmac (0.4.0)
    shoulda (2.11.1)
    silent-postgres (0.0.7)
    sinatra (1.0)
      rack (>= 1.0)
    system_timer (1.0)
    term-ansicolor (1.0.5)
    thor (0.14.6)
    timecop (0.3.5)
    treetop (1.4.9)
      polyglot (>= 0.3.1)
    trollop (1.16.2)
    tzinfo (0.3.24)
    validates_url_format_of (0.1.0)
      activerecord (>= 2.3.4)
    webmock (0.7.3)
      addressable (>= 2.1.1)
    webrat (0.5.3)
      nokogiri (>= 1.2.0)
      rack (>= 1.0)
    will_paginate (3.0.pre2)
    xml-simple (1.0.12)

PLATFORMS
  ruby

DEPENDENCIES
  clearance (= 0.9.0.rc9)
  cucumber-rails (= 0.3.2)
  database_cleaner (= 0.5.2)
  delayed_job (= 2.1.2)
  factory_girl_rails (= 1.0)
  fakeweb (= 1.2.6)
  fog (= 0.3.25)
  gchartrb (= 0.8)
  gravtastic (= 2.1.3)
  high_voltage (= 0.9.1)
  hoptoad_notifier (= 2.2.0)
  json (= 1.2.0)
  launchy (= 0.3.7)
  mail (= 2.2.15)
  memprof (= 0.3.10.beta.1)
  newrelic_rpm (= 2.13.0.beta6)
  nokogiri (= 1.4.3.1)
  paul_revere (= 0.1.5)
  pg (= 0.8.0)
  rack (= 1.2.1)
  rack-maintenance (= 0.3.0)
  rack-test (= 0.5.7)
  rails (= 3.0.3)
  redgreen (= 1.2.2)
  redis (= 2.0.1)
  rest-client (= 1.0.3)
  rr (= 0.10.11)
  shoulda (= 2.11.1)
  silent-postgres (= 0.0.7)
  sinatra (= 1.0)
  system_timer (= 1.0)
  timecop (= 0.3.5)
  validates_url_format_of (= 0.1.0)
  webmock (= 0.7.3)
  webrat (= 0.5.3)
  will_paginate (= 3.0.pre2)
  xml-simple (= 1.0.12)
