GEM
  remote: https://rubygems.org/
  specs:
    actioncable (7.1.3.4)
      actionpack (= 7.1.3.4)
      activesupport (= 7.1.3.4)
      nio4r (~> 2.0)
      websocket-driver (>= 0.6.1)
      zeitwerk (~> 2.6)
    actionmailbox (7.1.3.4)
      actionpack (= 7.1.3.4)
      activejob (= 7.1.3.4)
      activerecord (= 7.1.3.4)
      activestorage (= 7.1.3.4)
      activesupport (= 7.1.3.4)
      mail (>= 2.7.1)
      net-imap
      net-pop
      net-smtp
    actionmailer (7.1.3.4)
      actionpack (= 7.1.3.4)
      actionview (= 7.1.3.4)
      activejob (= 7.1.3.4)
      activesupport (= 7.1.3.4)
      mail (~> 2.5, >= 2.5.4)
      net-imap
      net-pop
      net-smtp
      rails-dom-testing (~> 2.2)
    actionpack (7.1.3.4)
      actionview (= 7.1.3.4)
      activesupport (= 7.1.3.4)
      nokogiri (>= 1.8.5)
      racc
      rack (>= 2.2.4)
      rack-session (>= 1.0.1)
      rack-test (>= 0.6.3)
      rails-dom-testing (~> 2.2)
      rails-html-sanitizer (~> 1.6)
    actiontext (7.1.3.4)
      actionpack (= 7.1.3.4)
      activerecord (= 7.1.3.4)
      activestorage (= 7.1.3.4)
      activesupport (= 7.1.3.4)
      globalid (>= 0.6.0)
      nokogiri (>= 1.8.5)
    actionview (7.1.3.4)
      activesupport (= 7.1.3.4)
      builder (~> 3.1)
      erubi (~> 1.11)
      rails-dom-testing (~> 2.2)
      rails-html-sanitizer (~> 1.6)
    active_link_to (1.0.5)
      actionpack
      addressable
    activejob (7.1.3.4)
      activesupport (= 7.1.3.4)
      globalid (>= 0.3.6)
    activemodel (7.1.3.4)
      activesupport (= 7.1.3.4)
    activerecord (7.1.3.4)
      activemodel (= 7.1.3.4)
      activesupport (= 7.1.3.4)
      timeout (>= 0.4.0)
    activestorage (7.1.3.4)
      actionpack (= 7.1.3.4)
      activejob (= 7.1.3.4)
      activerecord (= 7.1.3.4)
      activesupport (= 7.1.3.4)
      marcel (~> 1.0)
    activesupport (7.1.3.4)
      base64
      bigdecimal
      concurrent-ruby (~> 1.0, >= 1.0.2)
      connection_pool (>= 2.2.5)
      drb
      i18n (>= 1.6, < 2)
      minitest (>= 5.1)
      mutex_m
      tzinfo (~> 2.0)
    addressable (2.8.7)
      public_suffix (>= 2.0.2, < 7.0)
    aes_key_wrap (1.1.0)
    aggregate_assertions (0.2.0)
      minitest (~> 5.0)
    amazing_print (1.6.0)
    android_key_attestation (0.3.0)
    ansi (1.5.0)
    argon2 (2.3.0)
      ffi (~> 1.15)
      ffi-compiler (~> 1.0)
    ast (2.4.2)
    attr_required (1.0.2)
    autoprefixer-rails (10.4.16.0)
      execjs (~> 2)
    avo (2.51.0)
      actionview (>= 6.0)
      active_link_to
      activerecord (>= 6.0)
      addressable
      docile
      dry-initializer
      httparty
      inline_svg
      meta-tags
      pagy
      turbo-rails
      turbo_power (~> 0.5.0)
      view_component (>= 2.54.0)
      zeitwerk (>= 2.6.2)
    awrence (1.2.1)
    aws-eventstream (1.3.0)
    aws-partitions (1.950.0)
    aws-sdk-core (3.201.0)
      aws-eventstream (~> 1, >= 1.3.0)
      aws-partitions (~> 1, >= 1.651.0)
      aws-sigv4 (~> 1.8)
      jmespath (~> 1, >= 1.6.1)
    aws-sdk-kms (1.88.0)
      aws-sdk-core (~> 3, >= 3.201.0)
      aws-sigv4 (~> 1.5)
    aws-sdk-s3 (1.156.0)
      aws-sdk-core (~> 3, >= 3.201.0)
      aws-sdk-kms (~> 1)
      aws-sigv4 (~> 1.5)
    aws-sdk-sqs (1.80.0)
      aws-sdk-core (~> 3, >= 3.201.0)
      aws-sigv4 (~> 1.5)
    aws-sigv4 (1.8.0)
      aws-eventstream (~> 1, >= 1.0.2)
    base64 (0.2.0)
    bcrypt (3.1.20)
    benchmark-ips (2.12.0)
    better_html (2.1.1)
      actionview (>= 6.0)
      activesupport (>= 6.0)
      ast (~> 2.0)
      erubi (~> 1.4)
      parser (>= 2.4)
      smart_properties
    bigdecimal (3.1.8)
    bindata (2.5.0)
    bitarray (1.2.0)
    bloomer (1.0.0)
      bitarray
      msgpack
    bootsnap (1.18.3)
      msgpack (~> 1.2)
    brakeman (6.1.2)
      racc
    browser (6.0.0)
    builder (3.3.0)
    byebug (11.1.3)
    capybara (3.40.0)
      addressable
      matrix
      mini_mime (>= 0.1.3)
      nokogiri (~> 1.11)
      rack (>= 1.6.0)
      rack-test (>= 0.6.3)
      regexp_parser (>= 1.5, < 3.0)
      xpath (~> 3.2)
    cbor (0.5.9.8)
    chartkick (5.0.7)
    childprocess (5.0.0)
    choice (0.2.0)
    chunky_png (1.4.0)
    clearance (2.7.2)
      actionmailer (>= 5.0)
      activemodel (>= 5.0)
      activerecord (>= 5.0)
      argon2 (~> 2.0, >= 2.0.2)
      bcrypt (>= 3.1.1)
      email_validator (~> 2.0)
      railties (>= 5.0)
    coderay (1.1.3)
    compact_index (0.15.0)
    concurrent-ruby (1.3.3)
    connection_pool (2.4.1)
    cose (1.3.0)
      cbor (~> 0.5.9)
      openssl-signature_algorithm (~> 1.0)
    crack (1.0.0)
      bigdecimal
      rexml
    crass (1.0.6)
    css_parser (1.17.1)
      addressable
    csv (3.3.0)
    dalli (3.2.8)
    dartsass-sprockets (3.1.0)
      railties (>= 4.0.0)
      sassc-embedded (~> 1.69)
      sprockets (> 3.0)
      sprockets-rails
      tilt
    datadog (2.2.0)
      debase-ruby_core_source (= 3.3.1)
      libdatadog (~> 10.0.0.1.0)
      libddwaf (~> 1.14.0.0.0)
      msgpack
    datadog-ci (1.2.0)
      datadog (~> 2.0)
      msgpack
    date (3.3.4)
    dead_end (4.0.0)
    debase-ruby_core_source (3.3.1)
    derailed_benchmarks (2.1.2)
      benchmark-ips (~> 2)
      dead_end
      get_process_mem (~> 0)
      heapy (~> 0)
      memory_profiler (>= 0, < 2)
      mini_histogram (>= 0.3.0)
      rack (>= 1)
      rack-test
      rake (> 10, < 14)
      ruby-statistics (>= 2.1)
      thor (>= 0.19, < 2)
    discard (1.3.0)
      activerecord (>= 4.2, < 8)
    docile (1.4.0)
    dogstatsd-ruby (5.6.1)
    domain_name (0.6.20240107)
    dotenv (3.1.2)
    dotenv-rails (3.1.2)
      dotenv (= 3.1.2)
      railties (>= 6.1)
    drb (2.2.1)
    dry-initializer (3.1.1)
    email_validator (2.2.4)
      activemodel
    erubi (1.13.0)
    et-orbi (1.2.11)
      tzinfo
    execjs (2.9.1)
    factory_bot (6.4.5)
      activesupport (>= 5.0.0)
    factory_bot_rails (6.4.3)
      factory_bot (~> 6.4)
      railties (>= 5.0.0)
    faraday (2.10.0)
      faraday-net_http (>= 2.0, < 3.2)
      logger
    faraday-follow_redirects (0.3.0)
      faraday (>= 1, < 3)
    faraday-multipart (1.0.4)
      multipart-post (~> 2)
    faraday-net_http (3.1.0)
      net-http
    faraday-retry (2.2.1)
      faraday (~> 2.0)
    faraday_middleware-aws-sigv4 (1.0.1)
      aws-sigv4 (~> 1.0)
      faraday (>= 2.0, < 3)
    ffi (1.17.0)
    ffi-compiler (1.3.2)
      ffi (>= 1.15.5)
      rake
    fugit (1.11.0)
      et-orbi (~> 1, >= 1.2.11)
      raabro (~> 1.4)
    get_process_mem (0.2.7)
      ffi (~> 1.0)
    globalid (1.2.1)
      activesupport (>= 6.1)
    good_job (3.29.5)
      activejob (>= 6.0.0)
      activerecord (>= 6.0.0)
      concurrent-ruby (>= 1.0.2)
      fugit (>= 1.1)
      railties (>= 6.0.0)
      thor (>= 0.14.1)
    google-protobuf (4.27.2)
      bigdecimal
      rake (>= 13)
    gravtastic (3.2.6)
    groupdate (6.4.0)
      activesupport (>= 6.1)
    hashdiff (1.1.0)
    hashie (5.0.0)
    heapy (0.2.0)
      thor
    honeybadger (5.5.1)
    htmlbeautifier (1.4.3)
    htmlentities (4.3.4)
    http (5.2.0)
      addressable (~> 2.8)
      base64 (~> 0.1)
      http-cookie (~> 1.0)
      http-form_data (~> 2.2)
      llhttp-ffi (~> 0.5.0)
    http-cookie (1.0.6)
      domain_name (~> 0.5)
    http-form_data (2.3.0)
    http_accept_language (2.1.1)
    httparty (0.22.0)
      csv
      mini_mime (>= 1.0.0)
      multi_xml (>= 0.5.2)
    i18n (1.14.5)
      concurrent-ruby (~> 1.0)
    importmap-rails (2.0.1)
      actionpack (>= 6.0.0)
      activesupport (>= 6.0.0)
      railties (>= 6.0.0)
    inline_svg (1.9.0)
      activesupport (>= 3.0)
      nokogiri (>= 1.6)
    io-console (0.7.2)
    irb (1.14.0)
      rdoc (>= 4.0.0)
      reline (>= 0.4.2)
    jmespath (1.6.2)
    job-iteration (1.5.1)
      activejob (>= 5.2)
    json (2.7.2)
    json-jwt (1.16.6)
      activesupport (>= 4.2)
      aes_key_wrap
      base64
      bindata
      faraday (~> 2.0)
      faraday-follow_redirects
    jwt (2.7.1)
    kaminari (1.2.2)
      activesupport (>= 4.1.0)
      kaminari-actionview (= 1.2.2)
      kaminari-activerecord (= 1.2.2)
      kaminari-core (= 1.2.2)
    kaminari-actionview (1.2.2)
      actionview
      kaminari-core (= 1.2.2)
    kaminari-activerecord (1.2.2)
      activerecord
      kaminari-core (= 1.2.2)
    kaminari-core (1.2.2)
    language_server-protocol (3.17.0.3)
    launchdarkly-server-sdk (8.6.0)
      concurrent-ruby (~> 1.1)
      http (>= 4.4.0, < 6.0.0)
      json (~> 2.3)
      ld-eventsource (= 2.2.2)
      observer (~> 0.1.2)
      semantic (~> 1.6)
    launchy (3.0.1)
      addressable (~> 2.8)
      childprocess (~> 5.0)
    ld-eventsource (2.2.2)
      concurrent-ruby (~> 1.0)
      http (>= 4.4.1, < 6.0.0)
    letter_opener (1.10.0)
      launchy (>= 2.2, < 4)
    letter_opener_web (3.0.0)
      actionmailer (>= 6.1)
      letter_opener (~> 1.9)
      railties (>= 6.1)
      rexml
    libdatadog (10.0.0.1.0)
    libddwaf (1.14.0.0.0)
      ffi (~> 1.0)
    listen (3.9.0)
      rb-fsevent (~> 0.10, >= 0.10.3)
      rb-inotify (~> 0.9, >= 0.9.10)
    llhttp-ffi (0.5.0)
      ffi-compiler (~> 1.0)
      rake (~> 13.0)
    logger (1.6.0)
    loofah (2.22.0)
      crass (~> 1.0.2)
      nokogiri (>= 1.12.0)
    lookbook (2.3.2)
      activemodel
      css_parser
      htmlbeautifier (~> 1.3)
      htmlentities (~> 4.3.4)
      marcel (~> 1.0)
      railties (>= 5.0)
      redcarpet (~> 3.5)
      rouge (>= 3.26, < 5.0)
      view_component (>= 2.0)
      yard (~> 0.9)
      zeitwerk (~> 2.5)
    mail (2.8.1)
      mini_mime (>= 0.1.1)
      net-imap
      net-pop
      net-smtp
    maintenance_tasks (2.7.1)
      actionpack (>= 6.0)
      activejob (>= 6.0)
      activerecord (>= 6.0)
      csv
      job-iteration (>= 1.3.6)
      railties (>= 6.0)
      zeitwerk (>= 2.6.2)
    marcel (1.0.4)
    matrix (0.4.2)
    memory_profiler (1.0.2)
    meta-tags (2.21.0)
      actionpack (>= 6.0.0, < 7.2)
    method_source (1.1.0)
    mini_histogram (0.3.1)
    mini_mime (1.1.5)
    mini_portile2 (2.8.7)
    minitest (5.24.1)
    minitest-gcstats (1.3.1)
      minitest (~> 5.0)
    minitest-reporters (1.7.1)
      ansi
      builder
      minitest (>= 5.0)
      ruby-progressbar
    minitest-retry (0.2.2)
      minitest (>= 5.0)
    mocha (2.4.3)
      ruby2_keywords (>= 0.0.5)
    msgpack (1.7.2)
    multi_json (1.15.0)
    multi_xml (0.7.1)
      bigdecimal (~> 3.1)
    multipart-post (2.4.1)
    mutex_m (0.2.0)
    net-http (0.4.1)
      uri
    net-imap (0.4.14)
      date
      net-protocol
    net-pop (0.1.2)
      net-protocol
    net-protocol (0.2.2)
      timeout
    net-smtp (0.5.0)
      net-protocol
    nio4r (2.7.0)
    nokogiri (1.16.6)
      mini_portile2 (~> 2.8.2)
      racc (~> 1.4)
    oauth2 (2.0.9)
      faraday (>= 0.17.3, < 3.0)
      jwt (>= 1.0, < 3.0)
      multi_xml (~> 0.5)
      rack (>= 1.2, < 4)
      snaky_hash (~> 2.0)
      version_gem (~> 1.1)
    observer (0.1.2)
    octokit (9.1.0)
      faraday (>= 1, < 3)
      sawyer (~> 0.9)
    omniauth (2.1.2)
      hashie (>= 3.4.6)
      rack (>= 2.2.3)
      rack-protection
    omniauth-github (2.0.1)
      omniauth (~> 2.0)
      omniauth-oauth2 (~> 1.8)
    omniauth-oauth2 (1.8.0)
      oauth2 (>= 1.4, < 3)
      omniauth (~> 2.0)
    omniauth-rails_csrf_protection (1.0.2)
      actionpack (>= 4.2)
      omniauth (~> 2.0)
    openid_connect (2.3.0)
      activemodel
      attr_required (>= 1.0.0)
      email_validator
      faraday (~> 2.0)
      faraday-follow_redirects
      json-jwt (>= 1.16)
      mail
      rack-oauth2 (~> 2.2)
      swd (~> 2.0)
      tzinfo
      validate_url
      webfinger (~> 2.0)
    opensearch-ruby (3.4.0)
      faraday (>= 1.0, < 3)
      multi_json (>= 1.0)
    openssl (3.2.0)
    openssl-signature_algorithm (1.3.0)
      openssl (> 2.0)
    optimist (3.1.0)
    pagy (8.4.0)
    parallel (1.25.1)
    parser (3.3.4.0)
      ast (~> 2.4.1)
      racc
    pg (1.5.6)
    pg_query (5.1.0)
      google-protobuf (>= 3.22.3)
    pghero (3.6.0)
      activerecord (>= 6.1)
    phlex (1.10.2)
    phlex-rails (1.2.1)
      phlex (~> 1.10.0)
      railties (>= 6.1, < 8)
    pp (0.5.0)
      prettyprint
    prettyprint (0.2.0)
    prosopite (1.4.2)
    pry (0.14.1)
      coderay (~> 1.1)
      method_source (~> 1.0)
    pry-byebug (3.10.1)
      byebug (~> 11.0)
      pry (>= 0.13, < 0.15)
    psych (5.1.2)
      stringio
    public_suffix (6.0.0)
    puma (6.4.2)
      nio4r (~> 2.0)
    pundit (2.3.2)
      activesupport (>= 3.0.0)
    pwned (2.3.0)
    raabro (1.4.0)
    racc (1.8.0)
    rack (3.1.7)
    rack-attack (6.7.0)
      rack (>= 1.0, < 4)
    rack-oauth2 (2.2.1)
      activesupport
      attr_required
      faraday (~> 2.0)
      faraday-follow_redirects
      json-jwt (>= 1.11.0)
      rack (>= 2.1.0)
    rack-protection (4.0.0)
      base64 (>= 0.1.0)
      rack (>= 3.0.0, < 4)
    rack-session (2.0.0)
      rack (>= 3.0.0)
    rack-test (2.1.0)
      rack (>= 1.3)
    rack-utf8_sanitizer (1.9.1)
      rack (>= 1.0, < 4.0)
    rackup (2.1.0)
      rack (>= 3)
      webrick (~> 1.8)
    rails (7.1.3.4)
      actioncable (= 7.1.3.4)
      actionmailbox (= 7.1.3.4)
      actionmailer (= 7.1.3.4)
      actionpack (= 7.1.3.4)
      actiontext (= 7.1.3.4)
      actionview (= 7.1.3.4)
      activejob (= 7.1.3.4)
      activemodel (= 7.1.3.4)
      activerecord (= 7.1.3.4)
      activestorage (= 7.1.3.4)
      activesupport (= 7.1.3.4)
      bundler (>= 1.15.0)
      railties (= 7.1.3.4)
    rails-controller-testing (1.0.5)
      actionpack (>= 5.0.1.rc1)
      actionview (>= 5.0.1.rc1)
      activesupport (>= 5.0.1.rc1)
    rails-dom-testing (2.2.0)
      activesupport (>= 5.0.0)
      minitest
      nokogiri (>= 1.6)
    rails-erd (1.7.2)
      activerecord (>= 4.2)
      activesupport (>= 4.2)
      choice (~> 0.2.0)
      ruby-graphviz (~> 1.2)
    rails-html-sanitizer (1.6.0)
      loofah (~> 2.21)
      nokogiri (~> 1.14)
    rails-i18n (7.0.9)
      i18n (>= 0.7, < 2)
      railties (>= 6.0.0, < 8)
    rails_semantic_logger (4.17.0)
      rack
      railties (>= 5.1)
      semantic_logger (~> 4.16)
    railties (7.1.3.4)
      actionpack (= 7.1.3.4)
      activesupport (= 7.1.3.4)
      irb
      rackup (>= 1.0.0)
      rake (>= 12.2)
      thor (~> 1.0, >= 1.2.2)
      zeitwerk (~> 2.6)
    rainbow (3.1.1)
    rake (13.2.1)
    rb-fsevent (0.11.2)
    rb-inotify (0.10.1)
      ffi (~> 1.0)
    rbtrace (0.5.1)
      ffi (>= 1.0.6)
      msgpack (>= 0.4.3)
      optimist (>= 3.0.0)
    rdoc (6.7.0)
      psych (>= 4.0.0)
    redcarpet (3.6.0)
    regexp_parser (2.9.2)
    reline (0.5.9)
      io-console (~> 0.5)
    rexml (3.3.2)
      strscan
    roadie (5.2.1)
      css_parser (~> 1.4)
      nokogiri (~> 1.15)
    roadie-rails (3.2.0)
      railties (>= 5.1, < 8.0)
      roadie (~> 5.0)
    rotp (6.3.0)
    rouge (4.3.0)
    rqrcode (2.2.0)
      chunky_png (~> 1.0)
      rqrcode_core (~> 1.0)
    rqrcode_core (1.2.0)
    rubocop (1.64.1)
      json (~> 2.3)
      language_server-protocol (>= 3.17.0)
      parallel (~> 1.10)
      parser (>= 3.3.0.2)
      rainbow (>= 2.2.2, < 4.0)
      regexp_parser (>= 1.8, < 3.0)
      rexml (>= 3.2.5, < 4.0)
      rubocop-ast (>= 1.31.1, < 2.0)
      ruby-progressbar (~> 1.7)
      unicode-display_width (>= 2.4.0, < 3.0)
    rubocop-ast (1.31.3)
      parser (>= 3.3.1.0)
    rubocop-capybara (2.21.0)
      rubocop (~> 1.41)
    rubocop-factory_bot (2.26.1)
      rubocop (~> 1.61)
    rubocop-minitest (0.35.0)
      rubocop (>= 1.61, < 2.0)
      rubocop-ast (>= 1.31.1, < 2.0)
    rubocop-performance (1.21.1)
      rubocop (>= 1.48.1, < 2.0)
      rubocop-ast (>= 1.31.1, < 2.0)
    rubocop-rails (2.25.1)
      activesupport (>= 4.2.0)
      rack (>= 1.1)
      rubocop (>= 1.33.0, < 2.0)
      rubocop-ast (>= 1.31.1, < 2.0)
    ruby-graphviz (1.2.5)
      rexml
    ruby-magic (0.6.0)
      mini_portile2 (~> 2.8)
    ruby-progressbar (1.13.0)
    ruby-statistics (3.0.2)
    ruby2_keywords (0.0.5)
    rubyzip (2.3.2)
    safety_net_attestation (0.4.0)
      jwt (~> 2.0)
    sass-embedded (1.72.0)
      google-protobuf (>= 3.25, < 5.0)
      rake (>= 13.0.0)
    sassc-embedded (1.70.1)
      sass-embedded (~> 1.70)
    sawyer (0.9.2)
      addressable (>= 2.3.5)
      faraday (>= 0.17.3, < 3)
    searchkick (5.3.1)
      activemodel (>= 6.1)
      hashie
    selenium-webdriver (4.23.0)
      base64 (~> 0.2)
      logger (~> 1.4)
      rexml (~> 3.2, >= 3.2.5)
      rubyzip (>= 1.2.2, < 3.0)
      websocket (~> 1.0)
    semantic (1.6.1)
    semantic_logger (4.16.0)
      concurrent-ruby (~> 1.0)
    shoryuken (6.2.1)
      aws-sdk-core (>= 2)
      concurrent-ruby
      thor
    shoulda-context (3.0.0.rc1)
    shoulda-matchers (6.2.0)
      activesupport (>= 5.2.0)
    simplecov (0.22.0)
      docile (~> 1.1)
      simplecov-html (~> 0.11)
      simplecov_json_formatter (~> 0.1)
    simplecov-cobertura (2.1.0)
      rexml
      simplecov (~> 0.19)
    simplecov-html (0.12.3)
    simplecov_json_formatter (0.1.4)
    smart_properties (1.17.0)
    snaky_hash (2.0.1)
      hashie
      version_gem (~> 1.1, >= 1.1.1)
    sprockets (4.2.1)
      concurrent-ruby (~> 1.0)
      rack (>= 2.2.4, < 4)
    sprockets-rails (3.5.1)
      actionpack (>= 6.1)
      activesupport (>= 6.1)
      sprockets (>= 3.0.0)
    statsd-instrument (3.8.0)
    stimulus-rails (1.3.3)
      railties (>= 6.0.0)
    stringio (3.1.1)
    strong_migrations (2.0.0)
      activerecord (>= 6.1)
    strscan (3.1.0)
    swd (2.0.3)
      activesupport (>= 3)
      attr_required (>= 0.0.5)
      faraday (~> 2.0)
      faraday-follow_redirects
    tailwindcss-rails (2.6.3)
      railties (>= 7.0.0)
    terser (1.2.3)
      execjs (>= 0.3.0, < 3)
    thor (1.3.1)
    tilt (2.3.0)
    timeout (0.4.1)
    timescaledb (0.2.9)
      activerecord
      activesupport
      pg (~> 1.2)
    toxiproxy (2.0.2)
    tpm-key_attestation (0.12.0)
      bindata (~> 2.4)
      openssl (> 2.0)
      openssl-signature_algorithm (~> 1.0)
    turbo-rails (1.5.0)
      actionpack (>= 6.0.0)
      activejob (>= 6.0.0)
      railties (>= 6.0.0)
    turbo_power (0.5.0)
      turbo-rails (~> 1.3)
    tzinfo (2.0.6)
      concurrent-ruby (~> 1.0)
    unicode-display_width (2.5.0)
    unpwn (1.0.0)
      bloomer (~> 1.0)
      pwned (~> 2.0)
    uri (0.13.0)
    user_agent_parser (2.18.0)
    validate_url (1.0.15)
      activemodel (>= 3.0.0)
      public_suffix
    validates_formatting_of (0.9.0)
      activemodel
    version_gem (1.1.1)
    view_component (3.13.0)
      activesupport (>= 5.2.0, < 8.0)
      concurrent-ruby (~> 1.0)
      method_source (~> 1.0)
    webauthn (3.1.0)
      android_key_attestation (~> 0.3.0)
      awrence (~> 1.1)
      bindata (~> 2.4)
      cbor (~> 0.5.9)
      cose (~> 1.1)
      openssl (>= 2.2)
      safety_net_attestation (~> 0.4.0)
      tpm-key_attestation (~> 0.12.0)
    webfinger (2.1.3)
      activesupport
      faraday (~> 2.0)
      faraday-follow_redirects
    webmock (3.23.1)
      addressable (>= 2.8.0)
      crack (>= 0.3.2)
      hashdiff (>= 0.4.0, < 2.0.0)
    webrick (1.8.1)
    websocket (1.2.11)
    websocket-driver (0.7.6)
      websocket-extensions (>= 0.1.0)
    websocket-extensions (0.1.5)
    xml-simple (1.1.9)
      rexml
    xpath (3.2.0)
      nokogiri (~> 1.8)
    yard (0.9.36)
    zeitwerk (2.6.16)

PLATFORMS
  ruby

DEPENDENCIES
  aggregate_assertions (~> 0.2.0)
  amazing_print (~> 1.6)
  autoprefixer-rails (~> 10.4)
  avo (~> 2.51)
  aws-sdk-s3 (~> 1.156)
  aws-sdk-sqs (~> 1.80)
  bcrypt (~> 3.1)
  better_html (~> 2.1)
  bootsnap (~> 1.18)
  brakeman (~> 6.1)
  browser (~> 6.0)
  capybara (~> 3.40)
  chartkick (~> 5.0)
  clearance (~> 2.7)
  compact_index (~> 0.15.0)
  csv (~> 3.3)
  dalli (~> 3.2)
  dartsass-sprockets (~> 3.1)
  datadog (~> 2.2)
  datadog-ci (~> 1.2)
  derailed_benchmarks (~> 2.1)
  discard (~> 1.3)
  dogstatsd-ruby (~> 5.5)
  dotenv-rails (~> 3.1)
  factory_bot_rails (~> 6.4)
  faraday (~> 2.10)
  faraday-multipart (~> 1.0)
  faraday-retry (~> 2.2)
  faraday_middleware-aws-sigv4 (~> 1.0)
  good_job (~> 3.29)
  google-protobuf (~> 4.27)
  gravtastic (~> 3.2)
  groupdate (~> 6.2)
  honeybadger (~> 5.5.1)
  http_accept_language (~> 2.1)
  importmap-rails (~> 2.0)
  kaminari (~> 1.2)
  launchdarkly-server-sdk (~> 8.6)
  launchy (~> 3.0)
  letter_opener (~> 1.10)
  letter_opener_web (~> 3.0)
  listen (~> 3.9)
  lookbook (~> 2.3)
  mail (~> 2.8)
  maintenance_tasks (~> 2.7)
  memory_profiler (~> 1.0)
  minitest (~> 5.24)
  minitest-gcstats (~> 1.3)
  minitest-reporters (~> 1.7)
  minitest-retry (~> 0.2.2)
  mocha (~> 2.4)
  observer (~> 0.1.2)
  octokit (~> 9.1)
  omniauth (~> 2.1)
  omniauth-github (~> 2.0)
  omniauth-rails_csrf_protection (~> 1.0)
  openid_connect (~> 2.3)
  opensearch-ruby (~> 3.4)
  pg (~> 1.5)
  pg_query (~> 5.1)
  pghero (~> 3.6)
  phlex-rails (~> 1.2)
  pp (= 0.5.0)
  prosopite (~> 1.4)
  pry-byebug (~> 3.10)
  puma (~> 6.4)
  pundit (~> 2.3)
  rack (~> 3.1)
  rack-attack (~> 6.6)
  rack-test (~> 2.1)
  rack-utf8_sanitizer (~> 1.8)
  rackup (~> 2.1)
  rails (~> 7.1.0, >= 7.1.3.2)
  rails-controller-testing (~> 1.0)
  rails-erd (~> 1.7)
  rails-i18n (~> 7.0)
  rails_semantic_logger (~> 4.17)
  rbtrace (~> 0.5.1)
  rdoc (~> 6.7)
  roadie-rails (~> 3.2)
  rotp (~> 6.2)
  rqrcode (~> 2.1)
  rubocop (~> 1.64)
  rubocop-capybara (~> 2.21)
  rubocop-factory_bot (~> 2.26)
  rubocop-minitest (~> 0.35)
  rubocop-performance (~> 1.21)
  rubocop-rails (~> 2.25)
  ruby-magic (~> 0.6)
  searchkick (~> 5.3)
  selenium-webdriver (~> 4.23)
  shoryuken (~> 6.2)
  shoulda-context (~> 3.0.0.rc1)
  shoulda-matchers (~> 6.2)
  simplecov (~> 0.22)
  simplecov-cobertura (~> 2.1)
  sprockets-rails (~> 3.5)
  statsd-instrument (~> 3.8)
  stimulus-rails (~> 1.3)
  strong_migrations (~> 2.0)
  tailwindcss-rails (~> 2.6)
  terser (~> 1.2)
  timescaledb (~> 0.2)
  toxiproxy (~> 2.0)
  unpwn (~> 1.0)
  user_agent_parser (~> 2.18)
  validates_formatting_of (~> 0.9)
  view_component (~> 3.13)
  webauthn (~> 3.1)
  webmock (~> 3.23)
  xml-simple (~> 1.1)

CHECKSUMS
  actioncable (7.1.3.4) sha256=787ba8651caaa93d5c161f0d1110105300974be65e89483071146fc42d4bd310
  actionmailbox (7.1.3.4) sha256=a3fd3019a44597e49ae18b4ed5c68e0f21c1d1b389bbcc10be357e205a83cad0
  actionmailer (7.1.3.4) sha256=1f196096740587b08ef935db8a672971f448cadb8299e3d9a7bc24088a2a0351
  actionpack (7.1.3.4) sha256=dcafc71bec6a975c3984a1ed8e698e2f9afeeb441c838766c16c29633705edd2
  actiontext (7.1.3.4) sha256=84964dae95a3c99819d42641084f21e28de502fcefa6efb9df3805d6c439b784
  actionview (7.1.3.4) sha256=41fcf5242dec11e100a0ba3d3717612c6534e8571c8a290a5b2a950aa58b615b
  active_link_to (1.0.5) sha256=4830847b3d14589df1e9fc62038ceec015257fce975ec1c2a77836c461b139ba
  activejob (7.1.3.4) sha256=3f8aeef0fdfb2dd65f9a663828dbcc8ca187e70ef0c5a773c5fe4dd67e040f62
  activemodel (7.1.3.4) sha256=f4c838ea76dfca8967e433ac89603342ae20b65dd61366e62f07120a08e1ad72
  activerecord (7.1.3.4) sha256=784eeca4d6f23391d445552d6675a47c594555361c3b042108d29f0c7b9230f2
  activestorage (7.1.3.4) sha256=f2020ea0a77e105e480a9a15251c91d615eecb4b28a1a80968d6fb6a5dcb0a2e
  activesupport (7.1.3.4) sha256=455bbc43d82e5ba20daa25f0888b80c9f7e2d80ca0cc96cea3e6acfec3e40309
  addressable (2.8.7) sha256=462986537cf3735ab5f3c0f557f14155d778f4b43ea4f485a9deb9c8f7c58232
  aes_key_wrap (1.1.0) sha256=b935f4756b37375895db45669e79dfcdc0f7901e12d4e08974d5540c8e0776a5
  aggregate_assertions (0.2.0) sha256=9bc51a48323a8e7b82f47cc38d48132817247345e5a8713686c9d65b25daca9e
  amazing_print (1.6.0) sha256=9903e93daadc15411c854239f8ca1ca6ce78be279ed99d43fec2bd3b0aa37397
  android_key_attestation (0.3.0) sha256=467eb01a99d2bb48ef9cf24cc13712669d7056cba5a52d009554ff037560570b
  ansi (1.5.0) sha256=5408253274e33d9d27d4a98c46d2998266fd51cba58a7eb9d08f50e57ed23592
  argon2 (2.3.0) sha256=980ef65172bf512ad37b6cbb0d61eef40b6dccab6a7db4e70557527e1dce9557
  ast (2.4.2) sha256=1e280232e6a33754cde542bc5ef85520b74db2aac73ec14acef453784447cc12
  attr_required (1.0.2) sha256=f0ebfc56b35e874f4d0ae799066dbc1f81efefe2364ca3803dc9ea6a4de6cb99
  autoprefixer-rails (10.4.16.0) sha256=40c4b14d6f26f66026cd0d4631baf18d6c56aab425b36059c8abbda17f19a706
  avo (2.51.0) sha256=0d5785cda01b5b0d2575e7419cda4dc7a5d7805068f160d48ecc7458ee74ec03
  awrence (1.2.1) sha256=dd1d214c12a91f449d1ef81d7ee3babc2816944e450752e7522c65521872483e
  aws-eventstream (1.3.0) sha256=f1434cc03ab2248756eb02cfa45e900e59a061d7fbdc4a9fd82a5dd23d796d3f
  aws-partitions (1.950.0) sha256=b980ec8f8b014be08fe0f65182dee16afc06d04a2175177c17fa45eee44147ec
  aws-sdk-core (3.201.0) sha256=18fda4d14362eea4cb0bff54bc68222bd46b5e705ec84468954aaf7cf9a8360c
  aws-sdk-kms (1.88.0) sha256=13588d90df1eece81f6d79bd304b3857dc3168e7ea75c933b3b835cfe8a0e309
  aws-sdk-s3 (1.156.0) sha256=9302da1d1a70363308854d5065035f6c72cf8b8af895d8789487cd5c6b076a46
  aws-sdk-sqs (1.80.0) sha256=ae0bdced7aa958ddd99d28f709abe244839d58fbf1f2a628bcd9a5629a7444c2
  aws-sigv4 (1.8.0) sha256=84dd99768b91b93b63d1d8e53ee837cfd06ab402812772a7899a78f9f9117cbc
  base64 (0.2.0) sha256=0f25e9b21a02a0cc0cea8ef92b2041035d39350946e8789c562b2d1a3da01507
  bcrypt (3.1.20) sha256=8410f8c7b3ed54a3c00cd2456bf13917d695117f033218e2483b2e40b0784099
  benchmark-ips (2.12.0) sha256=09dd4d5be05db42470e7e7b01be7310564073a054e35d9d9ec7840c523f3dbcb
  better_html (2.1.1) sha256=046c3551d1488a3f2939a7cac6fabf2bde08c32e135c91fcd683380118e5af55
  bigdecimal (3.1.8) sha256=a89467ed5a44f8ae01824af49cbc575871fa078332e8f77ea425725c1ffe27be
  bindata (2.5.0) sha256=29dccb8ba1cc9de148f24bb88930840c62db56715f0f80eccadd624d9f3d2623
  bitarray (1.2.0) sha256=7f9f31fadbd87bf51544cf13058e81cd6ec408ff40f127902cef3d6767b23f11
  bloomer (1.0.0) sha256=57a0d3a78628db9a92c6723f06c67697e420abcdb05aa757c6dfae607251d272
  bootsnap (1.18.3) sha256=d7b70de761e2fb1d63d21dd941b393c881c5cab5575211369cede788dfc034eb
  brakeman (6.1.2) sha256=7716769c18f2c4a52d7a74d2cb5a614be0c46d8aad3fbe7ca089dbb7c98bd4d3
  browser (6.0.0) sha256=0399f0f12c925e529aa995b096a3824384e00ea2c7241fbb4b707d2a25e87920
  builder (3.3.0) sha256=497918d2f9dca528fdca4b88d84e4ef4387256d984b8154e9d5d3fe5a9c8835f
  byebug (11.1.3) sha256=2485944d2bb21283c593d562f9ae1019bf80002143cc3a255aaffd4e9cf4a35b
  capybara (3.40.0) sha256=42dba720578ea1ca65fd7a41d163dd368502c191804558f6e0f71b391054aeef
  cbor (0.5.9.8) sha256=9ee097fc58d9bc5e406d112cd2d4e112c7354ec16f8b6ff34e4732c1e44b4eb7
  chartkick (5.0.7) sha256=fe52cfd34a51ff0c42dabe26c59a827ffc5c74de56816eddcb74b7c639938893
  childprocess (5.0.0) sha256=0746b7ab1d6c68156e64a3767631d7124121516192c0492929a7f0af7310d835
  choice (0.2.0) sha256=a19617f7dfd4921b38a85d0616446620de685a113ec6d1ecc85bdb67bf38c974
  chunky_png (1.4.0) sha256=89d5b31b55c0cf4da3cf89a2b4ebc3178d8abe8cbaf116a1dba95668502fdcfe
  clearance (2.7.2) sha256=68bb326c1045cf71e608b1a3a90b8144f06018458384769456ed335c6c254822
  coderay (1.1.3) sha256=dc530018a4684512f8f38143cd2a096c9f02a1fc2459edcfe534787a7fc77d4b
  compact_index (0.15.0) sha256=5c6c404afca8928a7d9f4dde9524f6e1610db17e675330803055db282da84a8b
  concurrent-ruby (1.3.3) sha256=4f9cd28965c4dcf83ffd3ea7304f9323277be8525819cb18a3b61edcb56a7c6a
  connection_pool (2.4.1) sha256=0f40cf997091f1f04ff66da67eabd61a9fe0d4928b9a3645228532512fab62f4
  cose (1.3.0) sha256=63247c66a5bc76e53926756574fe3724cc0a88707e358c90532ae2a320e98601
  crack (1.0.0) sha256=c83aefdb428cdc7b66c7f287e488c796f055c0839e6e545fec2c7047743c4a49
  crass (1.0.6) sha256=dc516022a56e7b3b156099abc81b6d2b08ea1ed12676ac7a5657617f012bd45d
  css_parser (1.17.1) sha256=eb730f2d26591a843e52bd3d0efd76abdfeec8bad728e0b2ac821fc10bb018e6
  csv (3.3.0) sha256=0bbd1defdc31134abefed027a639b3723c2753862150f4c3ee61cab71b20d67d
  dalli (3.2.8) sha256=2e63595084d91fae2655514a02c5d4fc0f16c0799893794abe23bf628bebaaa5
  dartsass-sprockets (3.1.0) sha256=c238ec9f7f496489ac5a7813cd1f83d1e077a1826921acefc7e290a521b7a20a
  datadog (2.2.0) sha256=fa96d565e055593294706d7767c4d3213b5250f0ddd2b8697b868ae60dbdda4a
  datadog-ci (1.2.0) sha256=e563d4e1a890402f7f9e60a0510ed30d428c1a9070b71afec95e31ee96b6b241
  date (3.3.4) sha256=971f2cb66b945bcbea4ddd9c7908c9400b31a71bc316833cb42fa584b59d3291
  dead_end (4.0.0) sha256=695c8438993bb4c5415b1618a1b6e0afcae849ef2812fb8cb3846723904307eb
  debase-ruby_core_source (3.3.1) sha256=ed904cae290edf0cf274ad707f8981bf1cefad8081e78d4bb71be2a483bc2c08
  derailed_benchmarks (2.1.2) sha256=eaadc6206ceeb5538ff8f5e04a0023d54ebdd95d04f33e8960fb95a5f189a14f
  discard (1.3.0) sha256=55218997ca4dc11f0594f1bb2d1196c4a959ceb562f1ab6490130233598dda67
  docile (1.4.0) sha256=5f1734bde23721245c20c3d723e76c104208e1aa01277a69901ce770f0ebb8d3
  dogstatsd-ruby (5.6.1) sha256=615dd1328c57ab66fb48cbf83b38ce2060d8353707be0bc3deb0ae960a659982
  domain_name (0.6.20240107) sha256=5f693b2215708476517479bf2b3802e49068ad82167bcd2286f899536a17d933
  dotenv (3.1.2) sha256=08036c2aa1246590034a83df2adc85b72cb4944692c49da24d8e911f97924478
  dotenv-rails (3.1.2) sha256=66d2ad1a5aca1de742dd8ec2ceed2148675c73617a3b8d7703ef86ed47ca5d6a
  drb (2.2.1) sha256=e9d472bf785f558b96b25358bae115646da0dbfd45107ad858b0bc0d935cb340
  dry-initializer (3.1.1) sha256=4d267dea367ccabe498b259c62b909b99d577d6db547d9510561999403546dec
  email_validator (2.2.4) sha256=5ab238095bec7aef9389f230e9e0c64c5081cdf91f19d6c5cecee0a93af20604
  erubi (1.13.0) sha256=fca61b47daefd865d0fb50d168634f27ad40181867445badf6427c459c33cd62
  et-orbi (1.2.11) sha256=d26e868cc21db88280a9ec1a50aa3da5d267eb9b2037ba7b831d6c2731f5df64
  execjs (2.9.1) sha256=e8fd066f6df60c8e8fbebc32c6fb356b5212c77374e8416a9019ca4bb154dcfb
  factory_bot (6.4.5) sha256=d71dd29bc95f0ec2bf27e3dd9b1b4d557bd534caca744663cb7db4bacf3198be
  factory_bot_rails (6.4.3) sha256=ea73ceac1c0ff3dc11fff390bf2ea8a2604066525ed8ecd3b3bc2c267226dcc8
  faraday (2.10.0) sha256=1a3e6c02acc511fc334d799521f1013e449bde38aa2dceb3af71e8030519bda9
  faraday-follow_redirects (0.3.0) sha256=d92d975635e2c7fe525dd494fcd4b9bb7f0a4a0ec0d5f4c15c729530fdb807f9
  faraday-multipart (1.0.4) sha256=9012021ab57790f7d712f590b48d5f948b19b43cfa11ca83e6459f06090b0725
  faraday-net_http (3.1.0) sha256=1627be414960d0131691190ff524506ba6607402a50fb6eccda9e64ca60f859f
  faraday-retry (2.2.1) sha256=4146fed14549c0580bf14591fca419a40717de0dd24f267a8ec2d9a728677608
  faraday_middleware-aws-sigv4 (1.0.1) sha256=a001ea4f687ca1c60bad8f2a627196905ce3dbf285e461dc153240e92eaabe8f
  ffi (1.17.0) sha256=51630e43425078311c056ca75f961bb3bda1641ab36e44ad4c455e0b0e4a231c
  ffi-compiler (1.3.2) sha256=a94f3d81d12caf5c5d4ecf13980a70d0aeaa72268f3b9cc13358bcc6509184a0
  fugit (1.11.0) sha256=addc9cd3031611921d1dbac094de3a645bc8858828639fd035c9cedd3b460bb9
  get_process_mem (0.2.7) sha256=4afd3c3641dd6a817c09806c7d6d509d8a9984512ac38dea8b917426bbf77eba
  globalid (1.2.1) sha256=70bf76711871f843dbba72beb8613229a49429d1866828476f9c9d6ccc327ce9
  good_job (3.29.5) sha256=3d71236c7e89b9678ba0cf16d6a93b9ee2ff12795959a0c10f77fd52f6479a13
  google-protobuf (4.27.2) sha256=9f69eb20acde6e3cf3cd197c09f38911cd7eed5fdf1bf4d4bce4c55e9dc9966f
  gravtastic (3.2.6) sha256=ef98abcecf7c402b61cff1ae7c50a2c6d97dd22bac21ea9b421ce05bc03d734f
  groupdate (6.4.0) sha256=65940645bf2a48f9b2d10ab7a1d19bdc78f3c89559d8fce39cea3448a15aec54
  hashdiff (1.1.0) sha256=b5465f0e7375f1ee883f53a766ece4dbc764b7674a7c5ffd76e79b2f5f6fc9c9
  hashie (5.0.0) sha256=9d6c4e51f2a36d4616cbc8a322d619a162d8f42815a792596039fc95595603da
  heapy (0.2.0) sha256=74141e845d61ffc7c1e8bf8b127c8cf94544ec7a1181aec613288682543585ea
  honeybadger (5.5.1) sha256=22350ccfc9f3bac4bf7c5c733d5263d21dc57adeba16f14054428d9cc63fb56d
  htmlbeautifier (1.4.3) sha256=b43d08f7e2aa6ae1b5a6f0607b4ed8954c8d4a8e85fd2336f975dda1e4db385b
  htmlentities (4.3.4) sha256=125a73c6c9f2d1b62100b7c3c401e3624441b663762afa7fe428476435a673da
  http (5.2.0) sha256=b99ed3c65376e0fd8107647fbaf5a8ab4f66c347d1271fb74cea757e209c6115
  http-cookie (1.0.6) sha256=7713d3196f21ff5ab0944011d7d4e619b62ec082374a52de2193ccfe78924044
  http-form_data (2.3.0) sha256=cc4eeb1361d9876821e31d7b1cf0b68f1cf874b201d27903480479d86448a5f3
  http_accept_language (2.1.1) sha256=0043f0d55a148cf45b604dbdd197cb36437133e990016c68c892d49dbea31634
  httparty (0.22.0) sha256=78652a5c9471cf0093d3b2083c2295c9c8f12b44c65112f1846af2b71430fa6c
  i18n (1.14.5) sha256=26dcbc05e364b57e27ab430148b3377bc413987d34cc042336271d8f42e9d1b9
  importmap-rails (2.0.1) sha256=e739a6e70c09f797688c6983fa79567ec1edc9becc30d55b3f7cc897b1825586
  inline_svg (1.9.0) sha256=f44c5e3d2e401fd619ad3047b7c8cee384517d855edb1d1fb1a248d3cae535d6
  io-console (0.7.2) sha256=f0dccff252f877a4f60d04a4dc6b442b185ebffb4b320ab69212a92b48a7a221
  irb (1.14.0) sha256=53d805013bbd194874b8c13a56aca6aebcd11dd79166d88724f8a434fedde615
  jmespath (1.6.2) sha256=238d774a58723d6c090494c8879b5e9918c19485f7e840f2c1c7532cf84ebcb1
  job-iteration (1.5.1) sha256=1428ad5b308adbaae8776c16b7792a846eb1ad7f4ab3c6e0f9668dd2ab1179e5
  json (2.7.2) sha256=1898b5cbc81cd36c0fd4d0b7ad2682c39fb07c5ff682fc6265f678f550d4982c
  json-jwt (1.16.6) sha256=ab451f9cd8743cecc4137f4170806046c1d8a6d4ee6e8570e0b5c958409b266c
  jwt (2.7.1) sha256=07357cd2f180739b2f8184eda969e252d850ac996ed0a23f616e8ff0a90ae19b
  kaminari (1.2.2) sha256=c4076ff9adccc6109408333f87b5c4abbda5e39dc464bd4c66d06d9f73442a3e
  kaminari-actionview (1.2.2) sha256=1330f6fc8b59a4a4ef6a549ff8a224797289ebf7a3a503e8c1652535287cc909
  kaminari-activerecord (1.2.2) sha256=0dd3a67bab356a356f36b3b7236bcb81cef313095365befe8e98057dd2472430
  kaminari-core (1.2.2) sha256=3bd26fec7370645af40ca73b9426a448d09b8a8ba7afa9ba3c3e0d39cdbb83ff
  language_server-protocol (3.17.0.3) sha256=3d5c58c02f44a20d972957a9febe386d7e7468ab3900ce6bd2b563dd910c6b3f
  launchdarkly-server-sdk (8.6.0) sha256=c18c62d08f90b795105e98f07a24997a5628126623fadbd3b80c0d23b9409b75
  launchy (3.0.1) sha256=b7fa60bda0197cf57614e271a250a8ca1f6a34ab889a3c73f67ec5d57c8a7f2c
  ld-eventsource (2.2.2) sha256=5ea087a6f06bbd8e325d2c1aaead50f37f13d025b952985739e9380a78a96beb
  letter_opener (1.10.0) sha256=2ff33f2e3b5c3c26d1959be54b395c086ca6d44826e8bf41a14ff96fdf1bdbb2
  letter_opener_web (3.0.0) sha256=3f391efe0e8b9b24becfab5537dfb17a5cf5eb532038f947daab58cb4b749860
  libdatadog (10.0.0.1.0) sha256=2e2c2000f1250cd3bb3721bdd0672dcdb584e60eee13d4a4089fbce1cf40dafc
  libddwaf (1.14.0.0.0) sha256=b91ea9675f7d79d1cd10dd6513e3706760ac442cb8902164fbcef79b7082a8fd
  listen (3.9.0) sha256=db9e4424e0e5834480385197c139cb6b0ae0ef28cc13310cfd1ca78377d59c67
  llhttp-ffi (0.5.0) sha256=496f40ad44bcbf99de02da1f26b1ad64e6593cd487b931508a86228e2a3af0fa
  logger (1.6.0) sha256=0ab7c120262dd8de2a18cb8d377f1f318cbe98535160a508af9e7710ff43ef3e
  loofah (2.22.0) sha256=10d76e070c86b12fec74b6a9515fd1940f4459198b991342d0a7897d86c372fe
  lookbook (2.3.2) sha256=abcdefeb13d9150ab30ab8022a2f459db85cbd02e90a0e8e066b32f9048e160a
  mail (2.8.1) sha256=ec3b9fadcf2b3755c78785cb17bc9a0ca9ee9857108a64b6f5cfc9c0b5bfc9ad
  maintenance_tasks (2.7.1) sha256=2f1f42239a11f5b30ef34e821f1beb42010d08e81634d8945884aba8bdb982db
  marcel (1.0.4) sha256=0d5649feb64b8f19f3d3468b96c680bae9746335d02194270287868a661516a4
  matrix (0.4.2) sha256=71083ccbd67a14a43bfa78d3e4dc0f4b503b9cc18e5b4b1d686dc0f9ef7c4cc0
  memory_profiler (1.0.2) sha256=0e7c5c2a1a7bea5b5a05b9df25b2d628afa0db37b9344ba42b42eb8a604762df
  meta-tags (2.21.0) sha256=cfaa2ccd32b2700c3538c9eae647191295a06f47f0d8558e685a6a7158171cfb
  method_source (1.1.0) sha256=181301c9c45b731b4769bc81e8860e72f9161ad7d66dd99103c9ab84f560f5c5
  mini_histogram (0.3.1) sha256=6a114b504e4618b0e076cc672996036870f7cc6f16b8e5c25c0c637726d2dd94
  mini_mime (1.1.5) sha256=8681b7e2e4215f2a159f9400b5816d85e9d8c6c6b491e96a12797e798f8bccef
  mini_portile2 (2.8.7) sha256=13eef5ab459bbfd33d61e539564ec25a9c2cf593b0a5ea6d4d7ef8c19b162ee0
  minitest (5.24.1) sha256=31ec31ac9088d9e21fcc5a5487912234de83966f24368241b2bef03d7012464a
  minitest-gcstats (1.3.1) sha256=cb25490f93aac02e3a5ff307e560d41afcdcafa7952c1c32efdeb9886b1f4711
  minitest-reporters (1.7.1) sha256=5060413a0c95b8c32fe73e0606f3631c173a884d7900e50013e15094eb50562c
  minitest-retry (0.2.2) sha256=ea39f8abc3d67a8145ead04ff3828eb45169655c9e6078f182c0271516c03fb0
  mocha (2.4.3) sha256=b47c553f39f6cd77302707d7317346e2a6138c56147948023f73a35833bb37b9
  msgpack (1.7.2) sha256=59ab62fd8a4d0dfbde45009f87eb6f158ab2628a7c48886b0256f175166baaa8
  multi_json (1.15.0) sha256=1fd04138b6e4a90017e8d1b804c039031399866ff3fbabb7822aea367c78615d
  multi_xml (0.7.1) sha256=4fce100c68af588ff91b8ba90a0bb3f0466f06c909f21a32f4962059140ba61b
  multipart-post (2.4.1) sha256=9872d03a8e552020ca096adadbf5e3cb1cd1cdd6acd3c161136b8a5737cdb4a8
  mutex_m (0.2.0) sha256=b6ef0c6c842ede846f2ec0ade9e266b1a9dac0bc151682b04835e8ebd54840d5
  net-http (0.4.1) sha256=a96efc5ea18bcb9715e24dda4159d10f67ff0345c8a980d04630028055b2c282
  net-imap (0.4.14) sha256=a2184b3f09a4f7ca27998d113fd6df8cd0dd56b91e5bf0d6387b8350bb438065
  net-pop (0.1.2) sha256=848b4e982013c15b2f0382792268763b748cce91c9e91e36b0f27ed26420dff3
  net-protocol (0.2.2) sha256=aa73e0cba6a125369de9837b8d8ef82a61849360eba0521900e2c3713aa162a8
  net-smtp (0.5.0) sha256=5fc0415e6ea1cc0b3dfea7270438ec22b278ca8d524986a3ae4e5ae8d087b42a
  nio4r (2.7.0) sha256=9586a685eca8246d6406e712a525e705d15bb88f709d78fc3f141e864df97276
  nokogiri (1.16.6) sha256=935fe4dd67d4377f4a05002acb1ffbadbcae265ea8e7869fc40e3a8121f3e1ef
  oauth2 (2.0.9) sha256=b21f9defcf52dc1610e0dfab4c868342173dcd707fd15c777d9f4f04e153f7fb
  observer (0.1.2) sha256=d8a3107131ba661138d748e7be3dbafc0d82e732fffba9fccb3d7829880950ac
  octokit (9.1.0) sha256=7849a659d2722c629181f48d1d7e567c9539f1a85c9676144dbdbfc6ce288253
  omniauth (2.1.2) sha256=def03277298b8f8a5d3ff16cdb2eb5edb9bffed60ee7dda24cc0c89b3ae6a0ce
  omniauth-github (2.0.1) sha256=8ff8e70ac6d6db9d52485eef52cfa894938c941496e66b52b5e2773ade3ccad4
  omniauth-oauth2 (1.8.0) sha256=b2f8e9559cc7e2d4efba57607691d6d2b634b879fc5b5b6ccfefa3da85089e78
  omniauth-rails_csrf_protection (1.0.2) sha256=1170fd672aff092b9b7ebebc1453559f073ed001e3ce62a1df616e32f8dc5fe0
  openid_connect (2.3.0) sha256=0dbb9cefeb11e0a65e706349266355bbbb060382ae138fc9e199ab1aa622744c
  opensearch-ruby (3.4.0) sha256=0a8621686bed3c59b4c23e08cbaef873685a3fe4568e9d2703155ca92b8ca05d
  openssl (3.2.0) sha256=3c4bb8760977b4becd2819c6c2569bcf5c6f48b32b9f7a4ce1fd37f996378d14
  openssl-signature_algorithm (1.3.0) sha256=a3b40b5e8276162d4a6e50c7c97cdaf1446f9b2c3946a6fa2c14628e0c957e80
  optimist (3.1.0) sha256=81886f53ee8919f330aa30076d320d88eef9bc85aae2275376b4afb007c69260
  pagy (8.4.0) sha256=21dd68453d24e752a1bc81aef5b6f1346ff95e1c2e5b53448355f7856f3ef901
  parallel (1.25.1) sha256=12e089b9aa36ea2343f6e93f18cfcebd031798253db8260590d26a7f70b1ab90
  parser (3.3.4.0) sha256=8d247769c3873fe92201d591a7463384022a1a25e214853df5d6806623179e82
  pg (1.5.6) sha256=4bc3ad2438825eea68457373555e3fd4ea1a82027b8a6be98ef57c0d57292b1c
  pg_query (5.1.0) sha256=b7f7f47c864f08ccbed46a8244906fb6ee77ee344fd27250717963928c93145d
  pghero (3.6.0) sha256=cad9cb865f99ff40bb5ba47d3dae20d06be06ac8ea6b01172f6a8ccc85671109
  phlex (1.10.2) sha256=49dca7df081258f937be5e4ee0a81b11743f2b4fea25ac7537912b9c9344b1e6
  phlex-rails (1.2.1) sha256=1d80709c02114cda869951d22bfca189b5f208d1eb89f2e6fafbe3c0240a822f
  pp (0.5.0) sha256=f8f40bc2ba9e1ab351b9458151da3a89f46034f7f599a8e0a06abb9b9f4411dd
  prettyprint (0.2.0) sha256=2bc9e15581a94742064a3cc8b0fb9d45aae3d03a1baa6ef80922627a0766f193
  prosopite (1.4.2) sha256=b2e422e2d9dbf3ce20130ded3252fe14adb3833555eacd451f5015d8c9177e79
  pry (0.14.1) sha256=99b6df0665875dd5a39d85e0150aa5a12e2bb4fef401b6c4f64d32ee502f8454
  pry-byebug (3.10.1) sha256=c8f975c32255bfdb29e151f5532130be64ff3d0042dc858d0907e849125581f8
  psych (5.1.2) sha256=337322f58fc2bf24827d2b9bd5ab595f6a72971867d151bb39980060ea40a368
  public_suffix (6.0.0) sha256=d2c8e12e076813f8fca0307205c088c6903adc70b92c65ab22479dfa9bc0a89e
  puma (6.4.2) sha256=3eb41999d00733280be3faeb00d610331b6965a537a8cd3d905f316c38575b44
  pundit (2.3.2) sha256=7ca09a5801ebaedad1966f7eb0b1c52ecb8c94b3b6ab70122cb22856ac187fa3
  pwned (2.3.0) sha256=63f5a9576f109203684e9dd053f815649fd5bc0a0348b7190568272641b22353
  raabro (1.4.0) sha256=d4fa9ff5172391edb92b242eed8be802d1934b1464061ae5e70d80962c5da882
  racc (1.8.0) sha256=09349a65c37c4fe710a435f25c9f1652e39f29ad6b1fa08d4a8d30c0553d3a08
  rack (3.1.7) sha256=0e9982db4ea9013326788ca2a7f48e32a4e746765e7c3512d424ef0dd22ae58b
  rack-attack (6.7.0) sha256=3ca47e8f66cd33b2c96af53ea4754525cd928ed3fa8da10ee6dad0277791d77c
  rack-oauth2 (2.2.1) sha256=c73aa87c508043e2258f02b4fb110cacba9b37d2ccf884e22487d014a120d1a5
  rack-protection (4.0.0) sha256=d0db6185caa46a8c0d134c2c6b4803f4f392a67b2984da311409cb505f67bbf6
  rack-session (2.0.0) sha256=db04b2063e180369192a9046b4559af311990af38c6a93d4c600cee4eb6d4e81
  rack-test (2.1.0) sha256=0c61fc61904049d691922ea4bb99e28004ed3f43aa5cfd495024cc345f125dfb
  rack-utf8_sanitizer (1.9.1) sha256=6414b70172f5678e23044abf1d00f6a32e62a335507c9548bc5caf9e3bff6da0
  rackup (2.1.0) sha256=6ecb884a581990332e45ee17bdfdc14ccbee46c2f710ae1566019907869a6c4d
  rails (7.1.3.4) sha256=3a7fca9df74ee641dc1e89b8302ac6d03f22883de771e786a0e9f3094e5aa6ad
  rails-controller-testing (1.0.5) sha256=741448db59366073e86fc965ba403f881c636b79a2c39a48d0486f2607182e94
  rails-dom-testing (2.2.0) sha256=e515712e48df1f687a1d7c380fd7b07b8558faa26464474da64183a7426fa93b
  rails-erd (1.7.2) sha256=0b17d0fba25d319d8da8af7a3e5e2149d02d6187cc7351e8be43423f07c48bcd
  rails-html-sanitizer (1.6.0) sha256=86e9f19d2e6748890dcc2633c8945ca45baa08a1df9d8c215ce17b3b0afaa4de
  rails-i18n (7.0.9) sha256=c184db80a7c7bf21c14e0e400fe9e27c4c20312f019aaff5b364a82858dc1369
  rails_semantic_logger (4.17.0) sha256=cc10cca01491736596cd5ab40b52b3bbf98338d9d1f5a7916b2be10231615047
  railties (7.1.3.4) sha256=6c6049f3a788669d94f95c7bf6378204ae94098567cc25237e3c73dac4a21afc
  rainbow (3.1.1) sha256=039491aa3a89f42efa1d6dec2fc4e62ede96eb6acd95e52f1ad581182b79bc6a
  rake (13.2.1) sha256=46cb38dae65d7d74b6020a4ac9d48afed8eb8149c040eccf0523bec91907059d
  rb-fsevent (0.11.2) sha256=43900b972e7301d6570f64b850a5aa67833ee7d87b458ee92805d56b7318aefe
  rb-inotify (0.10.1) sha256=050062d4f31d307cca52c3f6a7f4b946df8de25fc4bd373e1a5142e41034a7ca
  rbtrace (0.5.1) sha256=e8cba64d462bfb8ba102d7be2ecaacc789247d52ac587d8003549d909cb9c5dc
  rdoc (6.7.0) sha256=b17d5f0f57b0853d7b880d4360a32c7caf8dbb81f8503a36426df809e617f379
  redcarpet (3.6.0) sha256=8ad1889c0355ff4c47174af14edd06d62f45a326da1da6e8a121d59bdcd2e9e9
  regexp_parser (2.9.2) sha256=5a27e767ad634f8a4b544520d5cd28a0db7aa1198a5d7c9d7e11d7b3d9066446
  reline (0.5.9) sha256=5d2dd7ed0fd078e79a05e4eaa47dc91b8dacec7358e9e1dd6d9c4636cff7d378
  rexml (3.3.2) sha256=4513686f858d0ff2e5a412d734c8a192e16cb1df4cb2063f56b72a8ad4c5257f
  roadie (5.2.1) sha256=e4a4f61ce792bd91b228b6844b4bad6b160cdc1b8df86c81a8b983082a5001d6
  roadie-rails (3.2.0) sha256=90a534857fcfe9fdbe4f9ebfdbc47e5d33462c4f36f478fc80ba6a7b6257433f
  rotp (6.3.0) sha256=75d40087e65ed0d8022c33055a6306c1c400d1c12261932533b5d6cbcd868854
  rouge (4.3.0) sha256=9ee3d9ec53338e78c03fff0cbcd08881d80d69152349b046761e48ccf2de581c
  rqrcode (2.2.0) sha256=23eea88bb44c7ee6d6cab9354d08c287f7ebcdc6112e1fe7bcc2d010d1ffefc1
  rqrcode_core (1.2.0) sha256=cf4989dc82d24e2877984738c4ee569308625fed2a810960f1b02d68d0308d1a
  rubocop (1.64.1) sha256=3145bf1863771e400a1c041060e751e5ff0edd9ceb99d01df36db1902f611f3b
  rubocop-ast (1.31.3) sha256=1b07d618d8776993ec6053a706d1c09f0bf15139fd69415924656cbff07e7818
  rubocop-capybara (2.21.0) sha256=5d264efdd8b6c7081a3d4889decf1451a1cfaaec204d81534e236bc825b280ab
  rubocop-factory_bot (2.26.1) sha256=8de13cd4edcee5ca800f255188167ecef8dbfc3d1fae9f15734e9d2e755392aa
  rubocop-minitest (0.35.0) sha256=8411f3a858a445f1930f41876eabf4a0511aa258b339ec19010fdca159272e00
  rubocop-performance (1.21.1) sha256=5cf20002a544275ad6aa99abca4b945d2a2ed71be925c38fe83700360ed8734e
  rubocop-rails (2.25.1) sha256=4988933ee02fdb213d22d0f61dc57d6c582317b43867d5106ea1c7a628aae6a5
  ruby-graphviz (1.2.5) sha256=1c2bb44e3f6da9e2b829f5e7fd8d75a521485fb6b4d1fc66ff0f93f906121504
  ruby-magic (0.6.0) sha256=7b2138877b7d23aff812c95564eba6473b74b815ef85beb0eb792e729a2b6101
  ruby-progressbar (1.13.0) sha256=80fc9c47a9b640d6834e0dc7b3c94c9df37f08cb072b7761e4a71e22cff29b33
  ruby-statistics (3.0.2) sha256=fb53e7a9f9681dac144c02539d3535fb2e8fae626f78b907219b0586ff53ec20
  ruby2_keywords (0.0.5) sha256=ffd13740c573b7301cf7a2e61fc857b2a8e3d3aff32545d6f8300d8bae10e3ef
  rubyzip (2.3.2) sha256=3f57e3935dc2255c414484fbf8d673b4909d8a6a57007ed754dde39342d2373f
  safety_net_attestation (0.4.0) sha256=96be2d74e7ed26453a51894913449bea0e072f44490021545ac2d1c38b0718ce
  sass-embedded (1.72.0) sha256=05d3e53092022a4b4eef5b76b9597c7f2af4e4efb06812e1a60e3601189a3d2e
  sassc-embedded (1.70.1) sha256=a95172c9c6725dfc412c702a0e705fb8a5bcb3aac2a32586b18e5432987103d3
  sawyer (0.9.2) sha256=fa3a72d62a4525517b18857ddb78926aab3424de0129be6772a8e2ba240e7aca
  searchkick (5.3.1) sha256=dc1181543f6a68354e380651f235fa7f3df6a09e4cd67fc284dc293fa9860f57
  selenium-webdriver (4.23.0) sha256=490aeddee879cfea58a4db6628338d60a905bc56cd5e1a60dfbaa9090a19b801
  semantic (1.6.1) sha256=3cdbb48f59198ebb782a3fdfb87b559e0822a311610db153bae22777a7d0c163
  semantic_logger (4.16.0) sha256=ffba0bd0e008ceaf6be26da588f610a61208b9a9f55676b32729e962904023d9
  shoryuken (6.2.1) sha256=95ddc0a717624a54e799d25a0a05100cb5a0c3728a96211935c214faaf16b3b6
  shoulda-context (3.0.0.rc1) sha256=6e0d9d52ab798c13bc2b490c8537d4bf30cfd318a1ea839c39a66d1d293c6a1a
  shoulda-matchers (6.2.0) sha256=a702c059c5f3bbda2295827231a28654e33063d7c4d409662980ec630207d8dd
  simplecov (0.22.0) sha256=fe2622c7834ff23b98066bb0a854284b2729a569ac659f82621fc22ef36213a5
  simplecov-cobertura (2.1.0) sha256=2c6532e34df2e38a379d72cef9a05c3b16c64ce90566beebc6887801c4ad3f02
  simplecov-html (0.12.3) sha256=4b1aad33259ffba8b29c6876c12db70e5750cb9df829486e4c6e5da4fa0aa07b
  simplecov_json_formatter (0.1.4) sha256=529418fbe8de1713ac2b2d612aa3daa56d316975d307244399fa4838c601b428
  smart_properties (1.17.0) sha256=f9323f8122e932341756ddec8e0ac9ec6e238408a7661508be99439ca6d6384b
  snaky_hash (2.0.1) sha256=1ac87ec157fcfe7a460e821e0cd48ae1e6f5e3e082ab520f03f31a9259dbdc31
  sprockets (4.2.1) sha256=951b13dd2f2fcae840a7184722689a803e0ff9d2702d902bd844b196da773f97
  sprockets-rails (3.5.1) sha256=c44626cb3887a1a8b572ca258685db33b4ebd041aa73428a716eac444ee5ef48
  statsd-instrument (3.8.0) sha256=122e294845d9a05a74fa53a859010424b455b44f1605abac3108fbbabb2aa7cd
  stimulus-rails (1.3.3) sha256=4d1f9ab1d64e605f4c9cdd4cc530a9538b510606d32d02249d106256845c562c
  stringio (3.1.1) sha256=53456e14175c594e0e8eb2206a1be33f3974d4fe21c131e628908b05c8c2ae1e
  strong_migrations (2.0.0) sha256=88750f294403e18ec674eda6901f2fc195f553ed6a7928c52e8a3f5b57ff501d
  strscan (3.1.0) sha256=01b8a81d214fbf7b5308c6fb51b5972bbfc4a6aa1f166fd3618ba97e0fcd5555
  swd (2.0.3) sha256=4cdbe2a4246c19f093fce22e967ec3ebdd4657d37673672e621bf0c7eb770655
  tailwindcss-rails (2.6.3) sha256=63a5f3d6f92d0784024b352ab472f0bb85047081c2b51e2679fce558721bb6a6
  terser (1.2.3) sha256=c03111b9b01a7e70cd456b5d9aedf0a56fb99314a19311c4278c01ccebe3da9c
  thor (1.3.1) sha256=fa7e3471d4f6a27138e3d9c9b0d4daac9c3d7383927667ae83e9ab42ae7401ef
  tilt (2.3.0) sha256=82dd903d61213c63679d28e404ee8e10d1b0fdf5270f1ad0898ec314cc3e745c
  timeout (0.4.1) sha256=6f1f4edd4bca28cffa59501733a94215407c6960bd2107331f0280d4abdebb9a
  timescaledb (0.2.9) sha256=1d1382d5b889bf8ec6bcdcbf061c8e28234bc343911c81d48a9dfb22d9d5cfdc
  toxiproxy (2.0.2) sha256=2e3b53604fb921d40da3db8f78a52b3133fcae33e93d440725335b15974e440a
  tpm-key_attestation (0.12.0) sha256=e133d80cf24fef0e7a7dfad00fd6aeff01fc79875fbfc66cd8537bbd622b1e6d
  turbo-rails (1.5.0) sha256=b426cc762fb0940277729b3f1751a9f0bd269f5613c1d62ac73e5f0be7c7a83e
  turbo_power (0.5.0) sha256=869726c3a4308b038d6244f7a80eb1331bdd3171fa320dddcff71899fcae24fb
  tzinfo (2.0.6) sha256=8daf828cc77bcf7d63b0e3bdb6caa47e2272dcfaf4fbfe46f8c3a9df087a829b
  unicode-display_width (2.5.0) sha256=7e7681dcade1add70cb9fda20dd77f300b8587c81ebbd165d14fd93144ff0ab4
  unpwn (1.0.0) sha256=6239d17d46a882b3719b24fb79c78a34caff89d57ab0f5e546be5b5c882bc7d3
  uri (0.13.0) sha256=26553c2a9399762e1e8bebd4444b4361c4b21298cf1c864b22eeabc9c4998f24
  user_agent_parser (2.18.0) sha256=aa943b91da8906cace7d3fe16b450c9d77b68f571485c11e577af97aecb25584
  validate_url (1.0.15) sha256=72fe164c0713d63a9970bd6700bea948babbfbdcec392f2342b6704042f57451
  validates_formatting_of (0.9.0) sha256=139590a4b87596dbfb04d93e897bd2e6d30fb849d04fab0343e71ed2ca856e7e
  version_gem (1.1.1) sha256=3c2da6ded29045ddcc0387e152dc634e1f0c490b7128dce0697ccc1cf0915b6c
  view_component (3.13.0) sha256=316e6479f51387160e7eb372d33cbb97d586ac2ed9d9fe80495cec48b346187b
  webauthn (3.1.0) sha256=e545fcf17d8a6b821161a37c1c4bc8c3d2ead0ff6ff3b098f57f417e731790b7
  webfinger (2.1.3) sha256=567a52bde77fb38ca6b67e55db755f988766ec4651c1d24916a65aa70540695c
  webmock (3.23.1) sha256=0fa738c0767d1c4ec8cc57f6b21998f0c238c8a5b32450df1c847f2767140d95
  webrick (1.8.1) sha256=19411ec6912911fd3df13559110127ea2badd0c035f7762873f58afc803e158f
  websocket (1.2.11) sha256=b7e7a74e2410b5e85c25858b26b3322f29161e300935f70a0e0d3c35e0462737
  websocket-driver (0.7.6) sha256=f69400be7bc197879726ad8e6f5869a61823147372fd8928836a53c2c741d0db
  websocket-extensions (0.1.5) sha256=1c6ba63092cda343eb53fc657110c71c754c56484aad42578495227d717a8241
  xml-simple (1.1.9) sha256=d21131e519c86f1a5bc2b6d2d57d46e6998e47f18ed249b25cad86433dbd695d
  xpath (3.2.0) sha256=6dfda79d91bb3b949b947ecc5919f042ef2f399b904013eb3ef6d20dd3a4082e
  yard (0.9.36) sha256=5505736c1b00c926f71053a606ab75f02070c5960d0778b901fe9d8b0a470be4
  zeitwerk (2.6.16) sha256=17df48537f09a937804f79bd9a92817da3b199e268634972d0e98a21ca588e21

RUBY VERSION
   ruby 3.3.4p94

BUNDLED WITH
   2.5.14
