GEM
  remote: https://rubygems.org/
  specs:
    actioncable (5.2.1)
      actionpack (= 5.2.1)
      nio4r (~> 2.0)
      websocket-driver (>= 0.6.1)
    actionmailer (5.2.1)
      actionpack (= 5.2.1)
      actionview (= 5.2.1)
      activejob (= 5.2.1)
      mail (~> 2.5, >= 2.5.4)
      rails-dom-testing (~> 2.0)
    actionpack (5.2.1)
      actionview (= 5.2.1)
      activesupport (= 5.2.1)
      rack (~> 2.0)
      rack-test (>= 0.6.3)
      rails-dom-testing (~> 2.0)
      rails-html-sanitizer (~> 1.0, >= 1.0.2)
    actionview (5.2.1)
      activesupport (= 5.2.1)
      builder (~> 3.1)
      erubi (~> 1.4)
      rails-dom-testing (~> 2.0)
      rails-html-sanitizer (~> 1.0, >= 1.0.3)
    activejob (5.2.1)
      activesupport (= 5.2.1)
      globalid (>= 0.3.6)
    activemodel (5.2.1)
      activesupport (= 5.2.1)
    activerecord (5.2.1)
      activemodel (= 5.2.1)
      activesupport (= 5.2.1)
      arel (>= 9.0)
    activestorage (5.2.1)
      actionpack (= 5.2.1)
      activerecord (= 5.2.1)
      marcel (~> 0.3.1)
    activesupport (5.2.1)
      concurrent-ruby (~> 1.0, >= 1.0.2)
      i18n (>= 0.7, < 2)
      minitest (~> 5.1)
      tzinfo (~> 1.1)
    addressable (2.5.2)
      public_suffix (>= 2.0.2, < 4.0)
    airbrussh (1.3.0)
      sshkit (>= 1.6.1, != 1.7.0)
    arel (9.0.0)
    ast (2.4.0)
    autoprefixer-rails (7.1.2.3)
      execjs
    aws-sdk (2.11.97)
      aws-sdk-resources (= 2.11.97)
    aws-sdk-core (2.11.97)
      aws-sigv4 (~> 1.0)
      jmespath (~> 1.0)
    aws-sdk-resources (2.11.97)
      aws-sdk-core (= 2.11.97)
    aws-sigv4 (1.0.3)
    bcrypt (3.1.12)
    bootsnap (1.3.0)
      msgpack (~> 1.0)
    bourne (1.6.0)
      mocha (~> 1.1)
    builder (3.2.3)
    byebug (10.0.2)
    capistrano (3.8.1)
      airbrussh (>= 1.0.0)
      i18n
      rake (>= 10.0.0)
      sshkit (>= 1.9.0)
    capistrano-bundler (1.2.0)
      capistrano (~> 3.1)
      sshkit (~> 1.2)
    capistrano-rails (1.3.0)
      capistrano (~> 3.1)
      capistrano-bundler (~> 1.1)
    capybara (2.18.0)
      addressable
      mini_mime (>= 0.1.3)
      nokogiri (>= 1.3.3)
      rack (>= 1.0.0)
      rack-test (>= 0.5.4)
      xpath (>= 2.0, < 4.0)
    celluloid (0.17.3)
      celluloid-essentials
      celluloid-extras
      celluloid-fsm
      celluloid-pool
      celluloid-supervision
      timers (>= 4.1.1)
    celluloid-essentials (0.20.5)
      timers (>= 4.1.1)
    celluloid-extras (0.20.5)
      timers (>= 4.1.1)
    celluloid-fsm (0.20.5)
      timers (>= 4.1.1)
    celluloid-pool (0.20.5)
      timers (>= 4.1.1)
    celluloid-supervision (0.20.6)
      timers (>= 4.1.1)
    choice (0.2.0)
    chunky_png (1.3.10)
    clearance (1.16.1)
      bcrypt
      email_validator (~> 1.4)
      rails (>= 3.1)
    clearance-deprecated_password_strategies (1.10.1)
      activesupport
      clearance (>= 1.10)
    coderay (1.1.2)
    colorize (0.8.1)
    compact_index (0.11.0)
    concurrent-ruby (1.0.5)
    crass (1.0.4)
    daemons (1.2.6)
    dalli (2.7.8)
    delayed_job (4.1.5)
      activesupport (>= 3.0, < 5.3)
    delayed_job_active_record (4.1.3)
      activerecord (>= 3.0, < 5.3)
      delayed_job (>= 3.0, < 5)
    domain_name (0.5.20170404)
      unf (>= 0.0.5, < 1.0.0)
    dynamic_form (1.1.4)
    ejson (1.2.0)
    elasticsearch (5.0.5)
      elasticsearch-api (= 5.0.5)
      elasticsearch-transport (= 5.0.5)
    elasticsearch-api (5.0.5)
      multi_json
    elasticsearch-dsl (0.1.5)
    elasticsearch-model (5.0.2)
      activesupport (> 3)
      elasticsearch (~> 5)
      hashie
    elasticsearch-rails (5.0.2)
    elasticsearch-transport (5.0.5)
      faraday
      multi_json
    email_validator (1.6.0)
      activemodel
    erubi (1.7.1)
    execjs (2.7.0)
    factory_bot (4.11.1)
      activesupport (>= 3.0.0)
    factory_bot_rails (4.11.1)
      factory_bot (~> 4.11.1)
      railties (>= 3.0.0)
    faraday (0.15.1)
      multipart-post (>= 1.2, < 3)
    ffi (1.9.25)
    globalid (0.4.1)
      activesupport (>= 4.2.0)
    googleauth (0.6.2)
      faraday (~> 0.12)
      jwt (>= 1.4, < 3.0)
      logging (~> 2.0)
      memoist (~> 0.12)
      multi_json (~> 1.11)
      os (~> 0.9)
      signet (~> 0.7)
    gravtastic (3.2.6)
    hashie (3.5.7)
    high_voltage (3.1.0)
    highline (1.7.10)
    hitimes (1.2.5)
    honeybadger (3.1.2)
    http (2.2.2)
      addressable (~> 2.3)
      http-cookie (~> 1.0)
      http-form_data (~> 1.0.1)
      http_parser.rb (~> 0.6.0)
    http-cookie (1.0.3)
      domain_name (~> 0.5)
    http-form_data (1.0.3)
    http_accept_language (2.1.1)
    http_parser.rb (0.6.0)
    i18n (1.1.0)
      concurrent-ruby (~> 1.0)
    jaro_winkler (1.5.1)
    jmespath (1.4.0)
    jquery-rails (4.3.3)
      rails-dom-testing (>= 1, < 3)
      railties (>= 4.2.0)
      thor (>= 0.14, < 2.0)
    jwt (2.1.0)
    kaminari (1.1.1)
      activesupport (>= 4.1.0)
      kaminari-actionview (= 1.1.1)
      kaminari-activerecord (= 1.1.1)
      kaminari-core (= 1.1.1)
    kaminari-actionview (1.1.1)
      actionview
      kaminari-core (= 1.1.1)
    kaminari-activerecord (1.1.1)
      activerecord
      kaminari-core (= 1.1.1)
    kaminari-core (1.1.1)
    kgio (2.11.0)
    kubeclient (3.1.2)
      http (~> 2.2.2)
      recursive-open-struct (~> 1.0, >= 1.0.4)
      rest-client (~> 2.0)
    kubernetes-deploy (0.20.6)
      activesupport (>= 5.0)
      colorize (~> 0.8)
      ejson (~> 1.0)
      googleauth (= 0.6.2)
      kubeclient (~> 3.0)
      statsd-instrument (~> 2.2)
    launchy (2.4.3)
      addressable (~> 2.3)
    listen (3.1.5)
      rb-fsevent (~> 0.9, >= 0.9.4)
      rb-inotify (~> 0.9, >= 0.9.7)
      ruby_dep (~> 1.2)
    little-plugger (1.1.4)
    logging (2.2.2)
      little-plugger (~> 1.1)
      multi_json (~> 1.10)
    lograge (0.10.0)
      actionpack (>= 4)
      activesupport (>= 4)
      railties (>= 4)
      request_store (~> 1.0)
    logstash-event (1.2.02)
    loofah (2.2.2)
      crass (~> 1.0.2)
      nokogiri (>= 1.5.9)
    mail (2.6.6)
      mime-types (>= 1.16, < 4)
    marcel (0.3.2)
      mimemagic (~> 0.3.2)
    memoist (0.16.0)
    metaclass (0.0.4)
    method_source (0.9.0)
    mime-types (2.99.3)
    mimemagic (0.3.2)
    mini_mime (1.0.0)
    mini_portile2 (2.3.0)
    minitest (5.11.3)
    mocha (1.2.1)
      metaclass (~> 0.0.1)
    msgpack (1.2.4)
    multi_json (1.13.1)
    multipart-post (2.0.0)
    net-scp (1.2.1)
      net-ssh (>= 2.6.5)
    net-ssh (5.0.2)
    netrc (0.11.0)
    newrelic_rpm (5.4.0.347)
    nio4r (2.3.1)
    nokogiri (1.8.5)
      mini_portile2 (~> 2.3.0)
    optimist (3.0.0)
    os (0.9.6)
    parallel (1.12.1)
    parser (2.5.1.2)
      ast (~> 2.4.0)
    paul_revere (3.0.0)
      rails (>= 5.0, < 6.0)
    pg (0.21.0)
    powerpack (0.1.2)
    pry (0.11.3)
      coderay (~> 1.1.0)
      method_source (~> 0.9.0)
    pry-byebug (3.6.0)
      byebug (~> 10.0)
      pry (~> 0.10)
    public_suffix (3.0.2)
    rack (2.0.5)
    rack-attack (5.3.2)
      rack
    rack-test (1.1.0)
      rack (>= 1.0, < 3)
    rack-utf8_sanitizer (1.6.0)
      rack (>= 1.0, < 3.0)
    rails (5.2.1)
      actioncable (= 5.2.1)
      actionmailer (= 5.2.1)
      actionpack (= 5.2.1)
      actionview (= 5.2.1)
      activejob (= 5.2.1)
      activemodel (= 5.2.1)
      activerecord (= 5.2.1)
      activestorage (= 5.2.1)
      activesupport (= 5.2.1)
      bundler (>= 1.3.0)
      railties (= 5.2.1)
      sprockets-rails (>= 2.0.0)
    rails-dom-testing (2.0.3)
      activesupport (>= 4.2.0)
      nokogiri (>= 1.6)
    rails-erd (1.5.2)
      activerecord (>= 3.2)
      activesupport (>= 3.2)
      choice (~> 0.2.0)
      ruby-graphviz (~> 1.2)
    rails-html-sanitizer (1.0.4)
      loofah (~> 2.2, >= 2.2.2)
    rails-i18n (5.1.1)
      i18n (>= 0.7, < 2)
      railties (>= 5.0, < 6)
    railties (5.2.1)
      actionpack (= 5.2.1)
      activesupport (= 5.2.1)
      method_source
      rake (>= 0.8.7)
      thor (>= 0.19.0, < 2.0)
    rainbow (3.0.0)
    raindrops (0.18.0)
    rake (12.3.1)
    rb-fsevent (0.10.3)
    rb-inotify (0.9.10)
      ffi (>= 0.5.0, < 2)
    rbtrace (0.4.11)
      ffi (>= 1.0.6)
      msgpack (>= 0.4.3)
      optimist (>= 3.0.0)
    rdoc (6.0.4)
    recursive-open-struct (1.1.0)
    request_store (1.4.1)
      rack (>= 1.4)
    rest-client (2.0.2)
      http-cookie (>= 1.0.2, < 2.0)
      mime-types (>= 1.16, < 4.0)
      netrc (~> 0.8)
    rotp (3.3.1)
    rqrcode (0.10.1)
      chunky_png (~> 1.0)
    rubocop (0.58.2)
      jaro_winkler (~> 1.5.1)
      parallel (~> 1.10)
      parser (>= 2.5, != 2.5.1.1)
      powerpack (~> 0.1)
      rainbow (>= 2.2.2, < 4.0)
      ruby-progressbar (~> 1.7)
      unicode-display_width (~> 1.0, >= 1.0.1)
    ruby-graphviz (1.2.3)
    ruby-progressbar (1.9.0)
    ruby_dep (1.5.0)
    sass (3.4.24)
    shoryuken (2.1.3)
      aws-sdk-core (~> 2)
      celluloid (~> 0.17)
    shoulda (3.6.0)
      shoulda-context (~> 1.0, >= 1.0.1)
      shoulda-matchers (~> 3.0)
    shoulda-context (1.2.2)
    shoulda-matchers (3.1.2)
      activesupport (>= 4.0.0)
    signet (0.10.0)
      addressable (~> 2.3)
      faraday (~> 0.9)
      jwt (>= 1.5, < 3.0)
      multi_json (~> 1.10)
    sprockets (3.7.2)
      concurrent-ruby (~> 1.0)
      rack (> 1, < 3)
    sprockets-rails (3.2.1)
      actionpack (>= 4.0)
      activesupport (>= 4.0)
      sprockets (>= 3.0.0)
    sshkit (1.17.0)
      net-scp (>= 1.1.2)
      net-ssh (>= 2.8.0)
    statsd-instrument (2.3.0)
    thor (0.20.0)
    thread_safe (0.3.6)
    timers (4.1.2)
      hitimes
    toxiproxy (1.0.2)
    tzinfo (1.2.5)
      thread_safe (~> 0.1)
    uglifier (3.2.0)
      execjs (>= 0.3.0, < 3)
    unf (0.1.4)
      unf_ext
    unf_ext (0.0.7.4)
    unicode-display_width (1.4.0)
    unicorn (5.3.0)
      kgio (~> 2.6)
      raindrops (~> 0.7)
    validates_formatting_of (0.9.0)
      activemodel
    websocket-driver (0.7.0)
      websocket-extensions (>= 0.1.0)
    websocket-extensions (0.1.3)
    xml-simple (1.1.5)
    xpath (3.1.0)
      nokogiri (~> 1.8)

PLATFORMS
  ruby

DEPENDENCIES
  autoprefixer-rails
  aws-sdk (~> 2.2)
  bootsnap
  bourne
  capistrano (~> 3.0)
  capistrano-bundler (~> 1.1)
  capistrano-rails (~> 1.1)
  capybara (~> 2.18)
  clearance
  clearance-deprecated_password_strategies
  compact_index (~> 0.11.0)
  daemons
  dalli
  delayed_job
  delayed_job_active_record
  dynamic_form
  elasticsearch-dsl (~> 0.1.2)
  elasticsearch-model (~> 5.0.0)
  elasticsearch-rails (~> 5.0.0)
  factory_bot_rails
  gravtastic
  high_voltage
  highline
  honeybadger
  http_accept_language
  jquery-rails
  kaminari
  kubernetes-deploy (= 0.20.6)
  launchy
  listen
  lograge
  logstash-event
  mail (= 2.6.6)
  mime-types (~> 2.99)
  minitest
  mocha
  newrelic_rpm
  paul_revere (~> 3.0.0)
  pg
  pry-byebug
  rack
  rack-attack
  rack-test
  rack-utf8_sanitizer
  rails (~> 5.2.1)
  rails-erd
  rails-i18n
  rbtrace (~> 0.4.8)
  rdoc
  rest-client
  rotp
  rqrcode
  rubocop
  sass
  shoryuken (~> 2.1.0)
  shoulda
  sprockets-rails
  statsd-instrument (~> 2.3.0)
  toxiproxy (~> 1.0.0)
  uglifier (>= 1.0.3)
  unicorn
  validates_formatting_of
  xml-simple

BUNDLED WITH
   1.16.2
