GEM
  remote: https://rubygems.org/
  specs:
    actioncable (7.0.8)
      actionpack (= 7.0.8)
      activesupport (= 7.0.8)
      nio4r (~> 2.0)
      websocket-driver (>= 0.6.1)
    actionmailbox (7.0.8)
      actionpack (= 7.0.8)
      activejob (= 7.0.8)
      activerecord (= 7.0.8)
      activestorage (= 7.0.8)
      activesupport (= 7.0.8)
      mail (>= 2.7.1)
      net-imap
      net-pop
      net-smtp
    actionmailer (7.0.8)
      actionpack (= 7.0.8)
      actionview (= 7.0.8)
      activejob (= 7.0.8)
      activesupport (= 7.0.8)
      mail (~> 2.5, >= 2.5.4)
      net-imap
      net-pop
      net-smtp
      rails-dom-testing (~> 2.0)
    actionpack (7.0.8)
      actionview (= 7.0.8)
      activesupport (= 7.0.8)
      rack (~> 2.0, >= 2.2.4)
      rack-test (>= 0.6.3)
      rails-dom-testing (~> 2.0)
      rails-html-sanitizer (~> 1.0, >= 1.2.0)
    actiontext (7.0.8)
      actionpack (= 7.0.8)
      activerecord (= 7.0.8)
      activestorage (= 7.0.8)
      activesupport (= 7.0.8)
      globalid (>= 0.6.0)
      nokogiri (>= 1.8.5)
    actionview (7.0.8)
      activesupport (= 7.0.8)
      builder (~> 3.1)
      erubi (~> 1.4)
      rails-dom-testing (~> 2.0)
      rails-html-sanitizer (~> 1.1, >= 1.2.0)
    active_link_to (1.0.5)
      actionpack
      addressable
    activejob (7.0.8)
      activesupport (= 7.0.8)
      globalid (>= 0.3.6)
    activemodel (7.0.8)
      activesupport (= 7.0.8)
    activerecord (7.0.8)
      activemodel (= 7.0.8)
      activesupport (= 7.0.8)
    activestorage (7.0.8)
      actionpack (= 7.0.8)
      activejob (= 7.0.8)
      activerecord (= 7.0.8)
      activesupport (= 7.0.8)
      marcel (~> 1.0)
      mini_mime (>= 1.1.0)
    activesupport (7.0.8)
      concurrent-ruby (~> 1.0, >= 1.0.2)
      i18n (>= 1.6, < 2)
      minitest (>= 5.1)
      tzinfo (~> 2.0)
    addressable (2.8.5)
      public_suffix (>= 2.0.2, < 6.0)
    aes_key_wrap (1.1.0)
    aggregate_assertions (0.2.0)
      minitest (~> 5.0)
    amazing_print (1.5.0)
    android_key_attestation (0.3.0)
    ansi (1.5.0)
    argon2 (2.1.1)
      ffi (~> 1.14)
      ffi-compiler (~> 1.0)
    ast (2.4.2)
    attr_required (1.0.1)
    autoprefixer-rails (10.4.16.0)
      execjs (~> 2)
    avo (2.46.0)
      actionview (>= 6.0)
      active_link_to
      activerecord (>= 6.0)
      addressable
      docile
      dry-initializer
      httparty
      inline_svg
      meta-tags
      pagy
      turbo-rails
      turbo_power (~> 0.5.0)
      view_component (>= 2.54.0)
      zeitwerk (>= 2.6.2)
    awrence (1.2.1)
    aws-eventstream (1.3.0)
    aws-partitions (1.861.0)
    aws-sdk-core (3.190.0)
      aws-eventstream (~> 1, >= 1.3.0)
      aws-partitions (~> 1, >= 1.651.0)
      aws-sigv4 (~> 1.8)
      jmespath (~> 1, >= 1.6.1)
    aws-sdk-kms (1.74.0)
      aws-sdk-core (~> 3, >= 3.188.0)
      aws-sigv4 (~> 1.1)
    aws-sdk-s3 (1.141.0)
      aws-sdk-core (~> 3, >= 3.189.0)
      aws-sdk-kms (~> 1)
      aws-sigv4 (~> 1.8)
    aws-sdk-sqs (1.69.0)
      aws-sdk-core (~> 3, >= 3.188.0)
      aws-sigv4 (~> 1.1)
    aws-sigv4 (1.8.0)
      aws-eventstream (~> 1, >= 1.0.2)
    base64 (0.2.0)
    bcrypt (3.1.20)
    benchmark-ips (2.12.0)
    bindata (2.4.15)
    bitarray (1.2.0)
    bloomer (1.0.0)
      bitarray
      msgpack
    bootsnap (1.17.0)
      msgpack (~> 1.2)
    brakeman (6.1.0)
    browser (5.3.1)
    builder (3.2.4)
    byebug (11.1.3)
    capybara (3.39.2)
      addressable
      matrix
      mini_mime (>= 0.1.3)
      nokogiri (~> 1.8)
      rack (>= 1.6.0)
      rack-test (>= 0.6.3)
      regexp_parser (>= 1.5, < 3.0)
      xpath (~> 3.2)
    cbor (0.5.9.6)
    cgi (0.4.0)
    chartkick (5.0.5)
    choice (0.2.0)
    chunky_png (1.4.0)
    clearance (2.6.1)
      actionmailer (>= 5.0)
      activemodel (>= 5.0)
      activerecord (>= 5.0)
      argon2 (~> 2.0, >= 2.0.2)
      bcrypt (>= 3.1.1)
      email_validator (~> 2.0)
      railties (>= 5.0)
    coderay (1.1.3)
    compact_index (0.15.0)
    concurrent-ruby (1.2.2)
    cose (1.3.0)
      cbor (~> 0.5.9)
      openssl-signature_algorithm (~> 1.0)
    crack (0.4.5)
      rexml
    crass (1.0.6)
    css_parser (1.16.0)
      addressable
    dalli (3.2.6)
    dartsass-ruby (3.0.1)
      sass-embedded (~> 1.54)
    dartsass-sprockets (3.0.0)
      dartsass-ruby (~> 3.0)
      railties (>= 4.0.0)
      sprockets (> 3.0)
      sprockets-rails
      tilt
    datadog-ci (0.5.0)
      msgpack
    date (3.3.4)
    ddtrace (1.18.0)
      datadog-ci (~> 0.5.0)
      debase-ruby_core_source (= 3.2.3)
      libdatadog (~> 5.0.0.1.0)
      libddwaf (~> 1.14.0.0.0)
      msgpack
    dead_end (4.0.0)
    debase-ruby_core_source (3.2.3)
    derailed_benchmarks (2.1.2)
      benchmark-ips (~> 2)
      dead_end
      get_process_mem (~> 0)
      heapy (~> 0)
      memory_profiler (>= 0, < 2)
      mini_histogram (>= 0.3.0)
      rack (>= 1)
      rack-test
      rake (> 10, < 14)
      ruby-statistics (>= 2.1)
      thor (>= 0.19, < 2)
    docile (1.4.0)
    dogstatsd-ruby (5.6.1)
    domain_name (0.5.20190701)
      unf (>= 0.0.5, < 1.0.0)
    dotenv (2.8.1)
    dotenv-rails (2.8.1)
      dotenv (= 2.8.1)
      railties (>= 3.2)
    dry-initializer (3.1.1)
    email_validator (2.2.3)
      activemodel
    erb (4.0.3)
      cgi (>= 0.3.3)
    erubi (1.12.0)
    et-orbi (1.2.7)
      tzinfo
    execjs (2.9.1)
    factory_bot (6.4.2)
      activesupport (>= 5.0.0)
    factory_bot_rails (6.4.2)
      factory_bot (~> 6.4)
      railties (>= 5.0.0)
    faraday (2.7.12)
      base64
      faraday-net_http (>= 2.0, < 3.1)
      ruby2_keywords (>= 0.0.4)
    faraday-follow_redirects (0.3.0)
      faraday (>= 1, < 3)
    faraday-net_http (3.0.2)
    faraday_middleware-aws-sigv4 (1.0.1)
      aws-sigv4 (~> 1.0)
      faraday (>= 2.0, < 3)
    ffi (1.16.3)
    ffi-compiler (1.0.1)
      ffi (>= 1.0.0)
      rake
    fugit (1.9.0)
      et-orbi (~> 1, >= 1.2.7)
      raabro (~> 1.4)
    get_process_mem (0.2.7)
      ffi (~> 1.0)
    globalid (1.2.1)
      activesupport (>= 6.1)
    good_job (3.21.5)
      activejob (>= 6.0.0)
      activerecord (>= 6.0.0)
      concurrent-ruby (>= 1.0.2)
      fugit (>= 1.1)
      railties (>= 6.0.0)
      thor (>= 0.14.1)
    google-protobuf (3.25.1)
    gravtastic (3.2.6)
    groupdate (6.4.0)
      activesupport (>= 6.1)
    hashdiff (1.0.1)
    hashie (5.0.0)
    heapy (0.2.0)
      thor
    high_voltage (3.1.2)
    honeybadger (5.4.0)
    http (5.1.1)
      addressable (~> 2.8)
      http-cookie (~> 1.0)
      http-form_data (~> 2.2)
      llhttp-ffi (~> 0.4.0)
    http-cookie (1.0.5)
      domain_name (~> 0.5)
    http-form_data (2.3.0)
    http_accept_language (2.1.1)
    httparty (0.21.0)
      mini_mime (>= 1.0.0)
      multi_xml (>= 0.5.2)
    i18n (1.14.1)
      concurrent-ruby (~> 1.0)
    inline_svg (1.9.0)
      activesupport (>= 3.0)
      nokogiri (>= 1.6)
    jmespath (1.6.2)
    job-iteration (1.4.1)
      activejob (>= 5.2)
    jquery-rails (4.6.0)
      rails-dom-testing (>= 1, < 3)
      railties (>= 4.2.0)
      thor (>= 0.14, < 2.0)
    json (2.6.3)
    json-jwt (1.16.3)
      activesupport (>= 4.2)
      aes_key_wrap
      bindata
      faraday (~> 2.0)
      faraday-follow_redirects
    jwt (2.7.0)
    kaminari (1.2.2)
      activesupport (>= 4.1.0)
      kaminari-actionview (= 1.2.2)
      kaminari-activerecord (= 1.2.2)
      kaminari-core (= 1.2.2)
    kaminari-actionview (1.2.2)
      actionview
      kaminari-core (= 1.2.2)
    kaminari-activerecord (1.2.2)
      activerecord
      kaminari-core (= 1.2.2)
    kaminari-core (1.2.2)
    launchdarkly-server-sdk (8.0.0)
      concurrent-ruby (~> 1.1)
      http (>= 4.4.0, < 6.0.0)
      json (~> 2.3)
      ld-eventsource (= 2.2.2)
      semantic (~> 1.6)
    launchy (2.5.2)
      addressable (~> 2.8)
    ld-eventsource (2.2.2)
      concurrent-ruby (~> 1.0)
      http (>= 4.4.1, < 6.0.0)
    letter_opener (1.8.1)
      launchy (>= 2.2, < 3)
    letter_opener_web (2.0.0)
      actionmailer (>= 5.2)
      letter_opener (~> 1.7)
      railties (>= 5.2)
      rexml
    libdatadog (5.0.0.1.0)
    libddwaf (1.14.0.0.0)
      ffi (~> 1.0)
    listen (3.8.0)
      rb-fsevent (~> 0.10, >= 0.10.3)
      rb-inotify (~> 0.9, >= 0.9.10)
    llhttp-ffi (0.4.0)
      ffi-compiler (~> 1.0)
      rake (~> 13.0)
    loofah (2.22.0)
      crass (~> 1.0.2)
      nokogiri (>= 1.12.0)
    mail (2.8.1)
      mini_mime (>= 0.1.1)
      net-imap
      net-pop
      net-smtp
    maintenance_tasks (2.3.3)
      actionpack (>= 6.0)
      activejob (>= 6.0)
      activerecord (>= 6.0)
      job-iteration (>= 1.3.6)
      railties (>= 6.0)
    marcel (1.0.2)
    matrix (0.4.2)
    memory_profiler (1.0.1)
    meta-tags (2.19.0)
      actionpack (>= 3.2.0, < 7.2)
    method_source (1.0.0)
    mini_histogram (0.3.1)
    mini_mime (1.1.5)
    mini_portile2 (2.8.5)
    minitest (5.20.0)
    minitest-gcstats (1.3.0)
      minitest (~> 5.0)
    minitest-profile (0.0.2)
    minitest-reporters (1.6.1)
      ansi
      builder
      minitest (>= 5.0)
      ruby-progressbar
    mocha (2.1.0)
      ruby2_keywords (>= 0.0.5)
    msgpack (1.7.2)
    multi_json (1.15.0)
    multi_xml (0.6.0)
    net-imap (0.4.6)
      date
      net-protocol
    net-pop (0.1.2)
      net-protocol
    net-protocol (0.2.2)
      timeout
    net-smtp (0.4.0)
      net-protocol
    nio4r (2.6.1)
    nokogiri (1.15.5)
      mini_portile2 (~> 2.8.2)
      racc (~> 1.4)
    oauth2 (2.0.9)
      faraday (>= 0.17.3, < 3.0)
      jwt (>= 1.0, < 3.0)
      multi_xml (~> 0.5)
      rack (>= 1.2, < 4)
      snaky_hash (~> 2.0)
      version_gem (~> 1.1)
    octokit (8.0.0)
      faraday (>= 1, < 3)
      sawyer (~> 0.9)
    omniauth (2.1.1)
      hashie (>= 3.4.6)
      rack (>= 2.2.3)
      rack-protection
    omniauth-github (2.0.1)
      omniauth (~> 2.0)
      omniauth-oauth2 (~> 1.8)
    omniauth-oauth2 (1.8.0)
      oauth2 (>= 1.4, < 3)
      omniauth (~> 2.0)
    omniauth-rails_csrf_protection (1.0.1)
      actionpack (>= 4.2)
      omniauth (~> 2.0)
    openid_connect (2.2.0)
      activemodel
      attr_required (>= 1.0.0)
      faraday (~> 2.0)
      faraday-follow_redirects
      json-jwt (>= 1.16)
      net-smtp
      rack-oauth2 (~> 2.2)
      swd (~> 2.0)
      tzinfo
      validate_email
      validate_url
      webfinger (~> 2.0)
    opensearch-ruby (3.1.0)
      faraday (>= 1.0, < 3)
      multi_json (>= 1.0)
    openssl (3.1.0)
    openssl-signature_algorithm (1.3.0)
      openssl (> 2.0)
    optimist (3.1.0)
    pagy (6.2.0)
    parallel (1.22.1)
    parser (3.2.1.1)
      ast (~> 2.4.1)
    pg (1.5.4)
    phlex (1.9.0)
      concurrent-ruby (~> 1.2)
      erb (>= 4)
      zeitwerk (~> 2.6)
    phlex-rails (1.1.1)
      phlex (~> 1.9)
      railties (>= 6.1, < 8)
      zeitwerk (~> 2.6)
    pry (0.14.1)
      coderay (~> 1.1)
      method_source (~> 1.0)
    pry-byebug (3.10.1)
      byebug (~> 11.0)
      pry (>= 0.13, < 0.15)
    psych (5.1.1.1)
      stringio
    public_suffix (5.0.4)
    puma (6.4.0)
      nio4r (~> 2.0)
    pundit (2.3.1)
      activesupport (>= 3.0.0)
    pwned (2.3.0)
    raabro (1.4.0)
    racc (1.7.3)
    rack (2.2.8)
    rack-attack (6.7.0)
      rack (>= 1.0, < 4)
    rack-oauth2 (2.2.0)
      activesupport
      attr_required
      faraday (~> 2.0)
      faraday-follow_redirects
      json-jwt (>= 1.11.0)
      rack (>= 2.1.0)
    rack-protection (3.0.5)
      rack
    rack-test (2.1.0)
      rack (>= 1.3)
    rack-utf8_sanitizer (1.9.1)
      rack (>= 1.0, < 4.0)
    rails (7.0.8)
      actioncable (= 7.0.8)
      actionmailbox (= 7.0.8)
      actionmailer (= 7.0.8)
      actionpack (= 7.0.8)
      actiontext (= 7.0.8)
      actionview (= 7.0.8)
      activejob (= 7.0.8)
      activemodel (= 7.0.8)
      activerecord (= 7.0.8)
      activestorage (= 7.0.8)
      activesupport (= 7.0.8)
      bundler (>= 1.15.0)
      railties (= 7.0.8)
    rails-controller-testing (1.0.5)
      actionpack (>= 5.0.1.rc1)
      actionview (>= 5.0.1.rc1)
      activesupport (>= 5.0.1.rc1)
    rails-dom-testing (2.2.0)
      activesupport (>= 5.0.0)
      minitest
      nokogiri (>= 1.6)
    rails-erd (1.7.2)
      activerecord (>= 4.2)
      activesupport (>= 4.2)
      choice (~> 0.2.0)
      ruby-graphviz (~> 1.2)
    rails-html-sanitizer (1.6.0)
      loofah (~> 2.21)
      nokogiri (~> 1.14)
    rails-i18n (7.0.8)
      i18n (>= 0.7, < 2)
      railties (>= 6.0.0, < 8)
    rails_semantic_logger (4.14.0)
      rack
      railties (>= 5.1)
      semantic_logger (~> 4.13)
    railties (7.0.8)
      actionpack (= 7.0.8)
      activesupport (= 7.0.8)
      method_source
      rake (>= 12.2)
      thor (~> 1.0)
      zeitwerk (~> 2.5)
    rainbow (3.1.1)
    rake (13.1.0)
    rb-fsevent (0.11.2)
    rb-inotify (0.10.1)
      ffi (~> 1.0)
    rbtrace (0.5.0)
      ffi (>= 1.0.6)
      msgpack (>= 0.4.3)
      optimist (>= 3.0.0)
    rdoc (6.6.1)
      psych (>= 4.0.0)
    regexp_parser (2.8.1)
    rexml (3.2.6)
    roadie (5.2.0)
      css_parser (~> 1.4)
      nokogiri (~> 1.15)
    roadie-rails (3.1.0)
      railties (>= 5.1, < 8.0)
      roadie (~> 5.0)
    rotp (6.3.0)
    rqrcode (2.2.0)
      chunky_png (~> 1.0)
      rqrcode_core (~> 1.0)
    rqrcode_core (1.2.0)
    rubocop (1.48.0)
      json (~> 2.3)
      parallel (~> 1.10)
      parser (>= 3.2.0.0)
      rainbow (>= 2.2.2, < 4.0)
      regexp_parser (>= 1.8, < 3.0)
      rexml (>= 3.2.5, < 4.0)
      rubocop-ast (>= 1.26.0, < 2.0)
      ruby-progressbar (~> 1.7)
      unicode-display_width (>= 2.4.0, < 3.0)
    rubocop-ast (1.27.0)
      parser (>= 3.2.1.0)
    rubocop-capybara (2.17.1)
      rubocop (~> 1.41)
    rubocop-minitest (0.29.0)
      rubocop (>= 1.39, < 2.0)
    rubocop-performance (1.16.0)
      rubocop (>= 1.7.0, < 2.0)
      rubocop-ast (>= 0.4.0)
    rubocop-rails (2.18.0)
      activesupport (>= 4.2.0)
      rack (>= 1.1)
      rubocop (>= 1.33.0, < 2.0)
    ruby-graphviz (1.2.5)
      rexml
    ruby-magic (0.6.0)
      mini_portile2 (~> 2.8)
    ruby-progressbar (1.13.0)
    ruby-statistics (3.0.2)
    ruby2_keywords (0.0.5)
    rubyzip (2.3.2)
    safety_net_attestation (0.4.0)
      jwt (~> 2.0)
    sass-embedded (1.66.1)
      google-protobuf (~> 3.23)
      rake (>= 13.0.0)
    sawyer (0.9.2)
      addressable (>= 2.3.5)
      faraday (>= 0.17.3, < 3)
    searchkick (5.3.1)
      activemodel (>= 6.1)
      hashie
    selenium-webdriver (4.16.0)
      rexml (~> 3.2, >= 3.2.5)
      rubyzip (>= 1.2.2, < 3.0)
      websocket (~> 1.0)
    semantic (1.6.1)
    semantic_logger (4.15.0)
      concurrent-ruby (~> 1.0)
    shoryuken (6.1.1)
      aws-sdk-core (>= 2)
      concurrent-ruby
      thor
    shoulda-context (2.0.0)
    shoulda-matchers (5.3.0)
      activesupport (>= 5.2.0)
    simplecov (0.22.0)
      docile (~> 1.1)
      simplecov-html (~> 0.11)
      simplecov_json_formatter (~> 0.1)
    simplecov-cobertura (2.1.0)
      rexml
      simplecov (~> 0.19)
    simplecov-html (0.12.3)
    simplecov_json_formatter (0.1.4)
    snaky_hash (2.0.1)
      hashie
      version_gem (~> 1.1, >= 1.1.1)
    sprockets (4.0.2)
      concurrent-ruby (~> 1.0)
      rack (> 1, < 3)
    sprockets-rails (3.4.2)
      actionpack (>= 5.2)
      activesupport (>= 5.2)
      sprockets (>= 3.0.0)
    statsd-instrument (3.6.1)
    stringio (3.1.0)
    strong_migrations (1.6.4)
      activerecord (>= 5.2)
    swd (2.0.2)
      activesupport (>= 3)
      attr_required (>= 0.0.5)
      faraday (~> 2.0)
      faraday-follow_redirects
    tailwindcss-rails (2.0.33)
      railties (>= 6.0.0)
    terser (1.1.20)
      execjs (>= 0.3.0, < 3)
    thor (1.3.0)
    tilt (2.2.0)
    timeout (0.4.1)
    toxiproxy (2.0.2)
    tpm-key_attestation (0.12.0)
      bindata (~> 2.4)
      openssl (> 2.0)
      openssl-signature_algorithm (~> 1.0)
    turbo-rails (1.5.0)
      actionpack (>= 6.0.0)
      activejob (>= 6.0.0)
      railties (>= 6.0.0)
    turbo_power (0.5.0)
      turbo-rails (~> 1.3)
    tzinfo (2.0.6)
      concurrent-ruby (~> 1.0)
    unf (0.1.4)
      unf_ext
    unf_ext (0.0.8.2)
    unicode-display_width (2.4.2)
    unpwn (1.0.0)
      bloomer (~> 1.0)
      pwned (~> 2.0)
    validate_email (0.1.6)
      activemodel (>= 3.0)
      mail (>= 2.2.5)
    validate_url (1.0.15)
      activemodel (>= 3.0.0)
      public_suffix
    validates_formatting_of (0.9.0)
      activemodel
    version_gem (1.1.1)
    view_component (3.8.0)
      activesupport (>= 5.2.0, < 8.0)
      concurrent-ruby (~> 1.0)
      method_source (~> 1.0)
    webauthn (3.0.0)
      android_key_attestation (~> 0.3.0)
      awrence (~> 1.1)
      bindata (~> 2.4)
      cbor (~> 0.5.9)
      cose (~> 1.1)
      openssl (>= 2.2)
      safety_net_attestation (~> 0.4.0)
      tpm-key_attestation (~> 0.12.0)
    webfinger (2.1.2)
      activesupport
      faraday (~> 2.0)
      faraday-follow_redirects
    webmock (3.19.1)
      addressable (>= 2.8.0)
      crack (>= 0.3.2)
      hashdiff (>= 0.4.0, < 2.0.0)
    websocket (1.2.10)
    websocket-driver (0.7.6)
      websocket-extensions (>= 0.1.0)
    websocket-extensions (0.1.5)
    xml-simple (1.1.9)
      rexml
    xpath (3.2.0)
      nokogiri (~> 1.8)
    zeitwerk (2.6.12)

PLATFORMS
  ruby

DEPENDENCIES
  aggregate_assertions (~> 0.2.0)
  amazing_print (~> 1.4)
  autoprefixer-rails (~> 10.4)
  avo (~> 2.46)
  aws-sdk-s3 (~> 1.141)
  aws-sdk-sqs (~> 1.69)
  bcrypt (~> 3.1)
  bootsnap (~> 1.16)
  brakeman (~> 6.1)
  browser (~> 5.3, >= 5.3.1)
  capybara (~> 3.38)
  chartkick (~> 5.0)
  clearance (~> 2.6)
  compact_index (~> 0.15.0)
  dalli (~> 3.2)
  dartsass-sprockets (~> 3.0)
  ddtrace (~> 1.18)
  derailed_benchmarks (~> 2.1)
  dogstatsd-ruby (~> 5.5)
  dotenv-rails (~> 2.8)
  factory_bot_rails (~> 6.4)
  faraday (~> 2.7)
  faraday_middleware-aws-sigv4 (~> 1.0)
  good_job (~> 3.21)
  google-protobuf (~> 3.25)
  gravtastic (~> 3.2)
  groupdate (~> 6.2)
  high_voltage (~> 3.1)
  honeybadger (~> 5.4)
  http_accept_language (~> 2.1)
  jquery-rails (~> 4.5)
  kaminari (~> 1.2)
  launchdarkly-server-sdk (~> 8.0)
  launchy (~> 2.5)
  letter_opener (~> 1.8)
  letter_opener_web (~> 2.0)
  listen (~> 3.8)
  mail (~> 2.8)
  maintenance_tasks (~> 2.1)
  memory_profiler (~> 1.0)
  minitest (~> 5.18)
  minitest-gcstats (~> 1.3)
  minitest-profile (~> 0.0.2)
  minitest-reporters (~> 1.6)
  mocha (~> 2.0)
  octokit (~> 8.0)
  omniauth (~> 2.1)
  omniauth-github (~> 2.0)
  omniauth-rails_csrf_protection (~> 1.0)
  openid_connect (~> 2.2)
  opensearch-ruby (~> 3.1)
  pg (~> 1.4)
  phlex-rails (~> 1.1)
  pry-byebug (~> 3.10)
  puma (~> 6.4)
  pundit (~> 2.3)
  rack (~> 2.2)
  rack-attack (~> 6.6)
  rack-test (~> 2.1)
  rack-utf8_sanitizer (~> 1.8)
  rails (~> 7.0.0)
  rails-controller-testing (~> 1.0)
  rails-erd (~> 1.7)
  rails-i18n (~> 7.0)
  rails_semantic_logger (~> 4.14)
  rbtrace (~> 0.5.0)
  rdoc (~> 6.6)
  roadie-rails (~> 3.0)
  rotp (~> 6.2)
  rqrcode (~> 2.1)
  rubocop (~> 1.48)
  rubocop-capybara (~> 2.17)
  rubocop-minitest (~> 0.29)
  rubocop-performance (~> 1.16)
  rubocop-rails (~> 2.18)
  ruby-magic (~> 0.6)
  searchkick (~> 5.3)
  selenium-webdriver (~> 4.16)
  shoryuken (~> 6.1)
  shoulda-context (~> 2.0)
  shoulda-matchers (~> 5.3)
  simplecov (~> 0.22)
  simplecov-cobertura (~> 2.1)
  sprockets-rails (~> 3.4)
  statsd-instrument (~> 3.5)
  strong_migrations (~> 1.6)
  tailwindcss-rails (~> 2.0)
  terser (~> 1.1)
  toxiproxy (~> 2.0)
  unpwn (~> 1.0)
  validates_formatting_of (~> 0.9)
  view_component (~> 3.8)
  webauthn (~> 3.0)
  webmock (~> 3.18)
  xml-simple (~> 1.1)

CHECKSUMS
  actioncable (7.0.8) sha256=1f504ddb4ab6a34f7c52e9df924441a403e9f358bace330c36dcca6358ecfb84
  actionmailbox (7.0.8) sha256=9420037b801e44aa4e36cf113f4bd6eb25c17eb1b84d9c8865e8abf8846c14e5
  actionmailer (7.0.8) sha256=22574f270ed80bcd158f16b99068fad7772173e21c4332504238dae58fdccf70
  actionpack (7.0.8) sha256=2b998c6f6540ec07ad2e16b39f9acae22c8c4fda6b377417c2cfddf8c04d61d0
  actiontext (7.0.8) sha256=f7966296cec0a48e8644b59de2bfc8b7847d43a7809dfe040015a32aecc88744
  actionview (7.0.8) sha256=a22d692b9a6422f36882425301a4043fbe078a66e94a909a60a6a216246fd776
  active_link_to (1.0.5) sha256=4830847b3d14589df1e9fc62038ceec015257fce975ec1c2a77836c461b139ba
  activejob (7.0.8) sha256=cb63d6a9f9af3379b7927bcb09a453d63db66ba9ec681018a8b21c5a0f8bc1b2
  activemodel (7.0.8) sha256=95beb8a2f6d1e0c7b4e3c0f17771b3a3024a25ad8c6e9d2d357e3cf1d5479c00
  activerecord (7.0.8) sha256=f236255235ab8c15f7a7bea3b77a35377801827e24d6e536dc776080f4dd8a13
  activestorage (7.0.8) sha256=8c2cae8de321ec899c7e7c4655331714fdd57f0966215286330f5c4d95a9db34
  activesupport (7.0.8) sha256=458316bb5098211ba9436d3c64d883177f09c49d1e29aa00f970d160275f13a1
  addressable (2.8.5) sha256=63f0fbcde42edf116d6da98a9437f19dd1692152f1efa3fcc4741e443c772117
  aes_key_wrap (1.1.0) sha256=b935f4756b37375895db45669e79dfcdc0f7901e12d4e08974d5540c8e0776a5
  aggregate_assertions (0.2.0) sha256=9bc51a48323a8e7b82f47cc38d48132817247345e5a8713686c9d65b25daca9e
  amazing_print (1.5.0) sha256=f9f411b37257333a0f0cc16ce6520b2217a6f0b5a9f35656e1d403cd5e0c3362
  android_key_attestation (0.3.0) sha256=467eb01a99d2bb48ef9cf24cc13712669d7056cba5a52d009554ff037560570b
  ansi (1.5.0) sha256=5408253274e33d9d27d4a98c46d2998266fd51cba58a7eb9d08f50e57ed23592
  argon2 (2.1.1) sha256=0fd6b50051102026e8b776b55fe5096065d84c214f837c94cede890370d3983c
  ast (2.4.2) sha256=1e280232e6a33754cde542bc5ef85520b74db2aac73ec14acef453784447cc12
  attr_required (1.0.1) sha256=024e10393bd30901e1adf6769bd756b873a5ef7da60f86f8f11066116b5742bc
  autoprefixer-rails (10.4.15.0) sha256=5396dd3a68e108ab5195a305b708b3d5ea8a858162dbe61520e89c548f551175
  avo (2.42.2) sha256=c919ddd8622c552f60ca5dbd9a8f1acb50460e4399ac67a43801cff13fd8fc8a
  awrence (1.2.1) sha256=dd1d214c12a91f449d1ef81d7ee3babc2816944e450752e7522c65521872483e
  aws-eventstream (1.2.0) sha256=ffa53482c92880b001ff2fb06919b9bb82fd847cbb0fa244985d2ebb6dd0d1df
  aws-partitions (1.831.0) sha256=402069dec3e2e3f813ef4a687b0d0ca4cc686b21400b9bfc007f0bdc4b558bb7
  aws-sdk-core (3.185.0) sha256=2c8fe9a952bd8423181734dfcb4138ce48c7675bee365036b1577c110e70db03
  aws-sdk-kms (1.71.0) sha256=00f3d5dba274d28a0315bd6dad6d647d9d81a18baff863fd5225a12699e025ff
  aws-sdk-s3 (1.136.0) sha256=3547302a85d51de6cc75b48fb37d328f65f6526e7fc73a27a5b1b871f99a8d63
  aws-sdk-sqs (1.64.0) sha256=3ef0851f27998ffa367188df4193464cd4e60f450df2c970edf8c606e43c9b0b
  aws-sigv4 (1.6.0) sha256=ca9e6a15cd424f1f32b524b9760995331459bc22e67d3daad4fcf0c0084b087d
  bcrypt (3.1.19) sha256=e94fe5cac1c9da5ddced396fb565789f9cdcc477ecbfdf539e3a7acdaa669991
  benchmark-ips (2.12.0) sha256=09dd4d5be05db42470e7e7b01be7310564073a054e35d9d9ec7840c523f3dbcb
  bindata (2.4.15) sha256=e567e4278223e041caf4e623de870b2df8a93479d8f13e2b478bad45e0fbc413
  bitarray (1.2.0) sha256=7f9f31fadbd87bf51544cf13058e81cd6ec408ff40f127902cef3d6767b23f11
  bloomer (1.0.0) sha256=57a0d3a78628db9a92c6723f06c67697e420abcdb05aa757c6dfae607251d272
  bootsnap (1.16.0) sha256=f87410c00f69cd84a6e72a6c4bdba733f800d80d934f4315849d18ca9f288fed
  brakeman (6.0.1) sha256=39641c63bc247bbdf993a349de90a13e146c464c872191f2adc12555bde591be
  browser (5.3.1) sha256=62745301701ff2c6c5d32d077bb12532b20be261929dcb52c6781ed0d5658b3c
  builder (3.2.4) sha256=99caf08af60c8d7f3a6b004029c4c3c0bdaebced6c949165fe98f1db27fbbc10
  byebug (11.1.3) sha256=2485944d2bb21283c593d562f9ae1019bf80002143cc3a255aaffd4e9cf4a35b
  capybara (3.39.2) sha256=d6f0ca5f30897e64789428d4b047a0df105815a302069913578ac35d5ca99884
  cbor (0.5.9.6) sha256=434a147658dd1df24ec9e7b3297c1fd4f8a691c97d0e688b3049df8e728b2114
  chartkick (5.0.4) sha256=b0512df7577e795116488d4eb135b1f9f4a0b73b2ef641bd1f5b7719e95b6820
  choice (0.2.0) sha256=a19617f7dfd4921b38a85d0616446620de685a113ec6d1ecc85bdb67bf38c974
  chunky_png (1.4.0) sha256=89d5b31b55c0cf4da3cf89a2b4ebc3178d8abe8cbaf116a1dba95668502fdcfe
  clearance (2.6.1) sha256=20593dfbe647d063b950f27bf5deca6f2090ea04db6728a403dd973f50d7ffca
  coderay (1.1.3) sha256=dc530018a4684512f8f38143cd2a096c9f02a1fc2459edcfe534787a7fc77d4b
  compact_index (0.14.0) sha256=3ee70c9b1f8dfff49856011074f7294ef1f21d5ade20bb8f0d8104eca9a39723
  concurrent-ruby (1.2.2) sha256=3879119b8b75e3b62616acc256c64a134d0b0a7a9a3fcba5a233025bcde22c4f
  cose (1.3.0) sha256=63247c66a5bc76e53926756574fe3724cc0a88707e358c90532ae2a320e98601
  crack (0.4.5) sha256=798416fb29b8c9f655d139d5559169b39c4a0a3b8f8f39b7f670eec1af9b21b3
  crass (1.0.6) sha256=dc516022a56e7b3b156099abc81b6d2b08ea1ed12676ac7a5657617f012bd45d
  css_parser (1.16.0) sha256=f70fb492254418522ea77c01d57bf64452d6c7465001926c3620d0b50289b1a2
  dalli (3.2.6) sha256=879092a248bc0c8ff4b40ff233686d794422e8af4f3a5395c7bdc7432de0fd8c
  dartsass-ruby (3.0.1) sha256=e6929ed3b4059236b10766dfb4218a04e0fe708ee2a8c85fb24fb6edad6e6f7c
  dartsass-sprockets (3.0.0) sha256=9dd57f8b2471356cb25ed0a3069c6242433eaac80affcf89113f4693629982a0
  datadog-ci (0.2.0) sha256=b26518f62030139ba99a0d99d9690f81a09af5587ccd84a483d92328303e82ed
  date (3.3.3) sha256=819792019d5712b748fb15f6dfaaedef14b0328723ef23583ea35f186774530f
  ddtrace (1.15.0) sha256=c3a7498703578d2c3ef1b3ee5767101dc96d3bc1928fe744e0c0a9ac076baeba
  dead_end (4.0.0) sha256=695c8438993bb4c5415b1618a1b6e0afcae849ef2812fb8cb3846723904307eb
  debase-ruby_core_source (3.2.2) sha256=b57519cd68b8b8e72405dcf49c776490eed81b108e079d9e3d9c591fc2f8966d
  derailed_benchmarks (2.1.2) sha256=eaadc6206ceeb5538ff8f5e04a0023d54ebdd95d04f33e8960fb95a5f189a14f
  docile (1.4.0) sha256=5f1734bde23721245c20c3d723e76c104208e1aa01277a69901ce770f0ebb8d3
  dogstatsd-ruby (5.6.1) sha256=615dd1328c57ab66fb48cbf83b38ce2060d8353707be0bc3deb0ae960a659982
  domain_name (0.5.20190701) sha256=000a600454cb4a344769b2f10b531765ea7bd3a304fe47ed12e5ca1eab969851
  dotenv (2.8.1) sha256=c5944793349ae03c432e1780a2ca929d60b88c7d14d52d630db0508c3a8a17d8
  dotenv-rails (2.8.1) sha256=b05b81b7f4e51d1359e218d92279db1d84b12440f7118c9df19b5dfffb620f6c
  dry-initializer (3.1.1) sha256=4d267dea367ccabe498b259c62b909b99d577d6db547d9510561999403546dec
  email_validator (2.2.3) sha256=4ff52cb6e6f90f898c66de66a221e69b3104767eeea46e7f4c2deab73cbbe399
  erubi (1.12.0) sha256=27bedb74dfb1e04ff60674975e182d8ca787f2224f2e8143268c7696f42e4723
  et-orbi (1.2.7) sha256=3b693d47f94a4060ccc07e60adda488759b1e8b9228a633ebbad842dfc245fb4
  execjs (2.9.1) sha256=e8fd066f6df60c8e8fbebc32c6fb356b5212c77374e8416a9019ca4bb154dcfb
  factory_bot (6.2.0) sha256=d181902cdda531cf6cef036001b3a700a7b5e04bac63976864530120b2ac7d13
  factory_bot_rails (6.2.0) sha256=278b969666b078e76e1c972c501da9b1fac15e5b0ff328cc7ce400366164d0a1
  faraday (1.10.3) sha256=20f52e9f73231e5f3d43fb645901573ce2b75f0bd01ea52a2772133d0106e6b0
  faraday-em_http (1.0.0) sha256=7a3d4c7079789121054f57e08cd4ef7e40ad1549b63101f38c7093a9d6c59689
  faraday-em_synchrony (1.0.0) sha256=460dad1c30cc692d6e77d4c391ccadb4eca4854b315632cd7e560f74275cf9ed
  faraday-excon (1.1.0) sha256=b055c842376734d7f74350fe8611542ae2000c5387348d9ba9708109d6e40940
  faraday-httpclient (1.0.1) sha256=4c8ff1f0973ff835be8d043ef16aaf54f47f25b7578f6d916deee8399a04d33b
  faraday-multipart (1.0.4) sha256=9012021ab57790f7d712f590b48d5f948b19b43cfa11ca83e6459f06090b0725
  faraday-net_http (1.0.1) sha256=3245ce406ebb77b40e17a77bfa66191dda04be2fd4e13a78d8a4305854d328ba
  faraday-net_http_persistent (1.2.0) sha256=0b0cbc8f03dab943c3e1cc58d8b7beb142d9df068b39c718cd83e39260348335
  faraday-patron (1.0.0) sha256=dc2cd7b340bb3cc8e36bcb9e6e7eff43d134b6d526d5f3429c7a7680ddd38fa7
  faraday-rack (1.0.0) sha256=ef60ec969a2bb95b8dbf24400155aee64a00fc8ba6c6a4d3968562bcc92328c0
  faraday-retry (1.0.3) sha256=add154f4f399243cbe070806ed41b96906942e7f5259bb1fe6daf2ec8f497194
  faraday_middleware-aws-sigv4 (0.6.1) sha256=8a3652ad487945f5e732d13c28be8278f1017921118e8f6abbd569db0c95f444
  ffi (1.16.3) sha256=6d3242ff10c87271b0675c58d68d3f10148fabc2ad6da52a18123f06078871fb
  ffi-compiler (1.0.1) sha256=019f389b078a2fec9de7f4f65771095f80a447e34436b4588bcb629e2a564c30
  fugit (1.8.1) sha256=18ffb26813869610f71bb0b7d568c3624d2b3025aeebb6600a18df0c77a6a2b2
  get_process_mem (0.2.7) sha256=4afd3c3641dd6a817c09806c7d6d509d8a9984512ac38dea8b917426bbf77eba
  globalid (1.2.1) sha256=70bf76711871f843dbba72beb8613229a49429d1866828476f9c9d6ccc327ce9
  good_job (3.19.4) sha256=1b0ed67f2ecbcf5f293bc57403b3fe270a881c98fa11a7627b5ce3ce03065e47
  google-protobuf (3.24.4) sha256=38a403ca2fd905d3ed7c20f8d2e4718af1be3eb99093d35d7021383f6e72f2ca
  gravtastic (3.2.6) sha256=ef98abcecf7c402b61cff1ae7c50a2c6d97dd22bac21ea9b421ce05bc03d734f
  groupdate (6.4.0) sha256=65940645bf2a48f9b2d10ab7a1d19bdc78f3c89559d8fce39cea3448a15aec54
  hashdiff (1.0.1) sha256=2cd4d04f5080314ecc8403c4e2e00dbaa282dff395e2d031bc16c8d501bdd6db
  hashie (5.0.0) sha256=9d6c4e51f2a36d4616cbc8a322d619a162d8f42815a792596039fc95595603da
  heapy (0.2.0) sha256=74141e845d61ffc7c1e8bf8b127c8cf94544ec7a1181aec613288682543585ea
  high_voltage (3.1.2) sha256=7786716114cc21b3754e537818a6d9b2c91aa1126aa77272977d50598e556c2f
  honeybadger (5.2.1) sha256=329535df930e8648564a6a4652b9b5b826769b41d07eca83e2eb2d4bf7097b16
  http (5.1.1) sha256=fcaec14a4f82de6d2f9cb978c07326814c6c2b42b8974f6ec166ff19c645ebaf
  http-cookie (1.0.5) sha256=73756d46c7dbdc7023deecdb8a171348ea95a1b99810b31cfe8b4fb4e9a6318f
  http-form_data (2.3.0) sha256=cc4eeb1361d9876821e31d7b1cf0b68f1cf874b201d27903480479d86448a5f3
  http_accept_language (2.1.1) sha256=0043f0d55a148cf45b604dbdd197cb36437133e990016c68c892d49dbea31634
  httparty (0.21.0) sha256=00ef7bf9a71f30a3bff88edeb5b16a34bea883ab67c246b3f0db2d6794fe1214
  httpclient (2.8.3) sha256=2951e4991214464c3e92107e46438527d23048e634f3aee91c719e0bdfaebda6
  i18n (1.14.1) sha256=9d03698903547c060928e70a9bc8b6b87fda674453cda918fc7ab80235ae4a61
  inline_svg (1.9.0) sha256=f44c5e3d2e401fd619ad3047b7c8cee384517d855edb1d1fb1a248d3cae535d6
  jmespath (1.6.2) sha256=238d774a58723d6c090494c8879b5e9918c19485f7e840f2c1c7532cf84ebcb1
  job-iteration (1.4.1) sha256=7243c40e4decc3d49529867e9c504afaea332976c967ffdebed9ff863c6424af
  jquery-rails (4.6.0) sha256=3c4e6bf47274340b44d836b8aa1b5472c6d451e2739af5ec094421f39025a7e2
  json (2.6.3) sha256=86aaea16adf346a2b22743d88f8dcceeb1038843989ab93cda44b5176c845459
  json-jwt (1.15.3) sha256=66db4f14e538a774c15502a5b5b26b1f3e7585481bbb96df490aa74b5c2d6110
  jwt (2.7.0) sha256=b7e0b8669170abfe90cae8b6534d3d05d60fa3f785f0f005e44a41abcb1fd227
  kaminari (1.2.2) sha256=c4076ff9adccc6109408333f87b5c4abbda5e39dc464bd4c66d06d9f73442a3e
  kaminari-actionview (1.2.2) sha256=1330f6fc8b59a4a4ef6a549ff8a224797289ebf7a3a503e8c1652535287cc909
  kaminari-activerecord (1.2.2) sha256=0dd3a67bab356a356f36b3b7236bcb81cef313095365befe8e98057dd2472430
  kaminari-core (1.2.2) sha256=3bd26fec7370645af40ca73b9426a448d09b8a8ba7afa9ba3c3e0d39cdbb83ff
  launchdarkly-server-sdk (7.3.0) sha256=ae56c4c57e9bdd67b9cd55a0998541404b37732fccc7c37c533724c61211c78a
  launchy (2.5.2) sha256=8aa0441655aec5514008e1d04892c2de3ba57bd337afb984568da091121a241b
  ld-eventsource (2.2.2) sha256=5ea087a6f06bbd8e325d2c1aaead50f37f13d025b952985739e9380a78a96beb
  letter_opener (1.8.1) sha256=2d2841ec4767786996498f3f71e591458d1d0ba14d7df5162a5b044a6e24adf8
  letter_opener_web (2.0.0) sha256=33860ad41e1785d75456500e8ca8bba8ed71ee6eaf08a98d06bbab67c5577b6f
  libdatadog (5.0.0.1.0) sha256=c61b02584c02447089ad8e71b7aa8e5a660fd675b727635c1a2eaec59b1840e8
  libddwaf (1.14.0.0.0) sha256=b91ea9675f7d79d1cd10dd6513e3706760ac442cb8902164fbcef79b7082a8fd
  listen (3.8.0) sha256=9679040ac6e7845ad9f19cf59ecde60861c78e2fae57a5c20fe35e94959b2f8f
  llhttp-ffi (0.4.0) sha256=e5f7327db3cf8007e648342ef76347d6e0ae545a8402e519cca9c886eb37b001
  loofah (2.21.4) sha256=2c18cd5db9fd92a48a270344e57a5b84cf22d668b78e1481f10e4f2cde4eb734
  mail (2.8.1) sha256=ec3b9fadcf2b3755c78785cb17bc9a0ca9ee9857108a64b6f5cfc9c0b5bfc9ad
  maintenance_tasks (2.3.3) sha256=c27ccee383140dbe73921ea66488b5546e35781edc424b7772abf848981811eb
  marcel (1.0.2) sha256=a013b677ef46cbcb49fd5c59b3d35803d2ee04dd75d8bfdc43533fc5a31f7e4e
  matrix (0.4.2) sha256=71083ccbd67a14a43bfa78d3e4dc0f4b503b9cc18e5b4b1d686dc0f9ef7c4cc0
  memory_profiler (1.0.1) sha256=38cdb42f22d9100df2eba0365c199724b58b05c38e765cd764a07392916901b1
  meta-tags (2.19.0) sha256=7e7f78d430dfbf5efaff97d02609766e6a0296ea82db3bba776af9f8ca41e2ef
  method_source (1.0.0) sha256=d779455a2b5666a079ce58577bfad8534f571af7cec8107f4dce328f0981dede
  mini_histogram (0.3.1) sha256=6a114b504e4618b0e076cc672996036870f7cc6f16b8e5c25c0c637726d2dd94
  mini_mime (1.1.5) sha256=8681b7e2e4215f2a159f9400b5816d85e9d8c6c6b491e96a12797e798f8bccef
  mini_portile2 (2.8.4) sha256=180bc4193701bbeb9b6c02df5a6b8185bff7f32abd466dd97d6532d36e45b20a
  minitest (5.20.0) sha256=a3faf26a757ced073aaae0bd10481340f53e221a4f50d8a6033591555374752e
  minitest-gcstats (1.3.0) sha256=c1bef6374d53771a6f7776f7a9c9fac5d1231fc83dfff5acea16fed66b886afd
  minitest-profile (0.0.2) sha256=caf5306217b59ea2854d75ff6b312e2c139f2948f2b6a39486677b8317b7048e
  minitest-reporters (1.6.1) sha256=f8fe74e46ab40dada29402f55ca236368d0af65afc410db4219189b7a1c0fc38
  mocha (2.1.0) sha256=f98757589e417b492383592ca6a3d7a98ed367a2289c797d13c120b522a25453
  msgpack (1.7.2) sha256=59ab62fd8a4d0dfbde45009f87eb6f158ab2628a7c48886b0256f175166baaa8
  multi_json (1.15.0) sha256=1fd04138b6e4a90017e8d1b804c039031399866ff3fbabb7822aea367c78615d
  multi_xml (0.6.0) sha256=d24393cf958adb226db884b976b007914a89c53ad88718e25679d7008823ad52
  multipart-post (2.3.0) sha256=3dcdd74a767302559fcf91a63b568ee00770494ce24195167b1c147ab3f6fe51
  net-imap (0.3.7) sha256=231fc961974fe32c59a019893ae0849d55792412b65a8d43910a7e761ee6c751
  net-pop (0.1.2) sha256=848b4e982013c15b2f0382792268763b748cce91c9e91e36b0f27ed26420dff3
  net-protocol (0.2.1) sha256=21adb19c197768899c389bd257545de9d5af64adb1928787653460c2699eac37
  net-smtp (0.3.3) sha256=3d51dcaa981b74aff2d89cbe89de4503bc2d682365ea5176366e950a0d68d5b0
  nio4r (2.5.9) sha256=0e9d160662fd38d5a26cfe75308f32dfebe4c0523bceaa86873838c93f3a2971
  nokogiri (1.15.4) sha256=e4a801e5ef643cc0036f0a7e93433d18818b31d48c9c287596b68e92c0173c4d
  oauth2 (2.0.9) sha256=b21f9defcf52dc1610e0dfab4c868342173dcd707fd15c777d9f4f04e153f7fb
  octokit (6.1.1) sha256=920e4a9d820205f70738f58de6a7e6ef0e2f25b27db954b5806a63105207b0bf
  omniauth (2.1.1) sha256=f2e43fc889fd915838bd1c812569e7e8211b7a1a53d1e0dbb9f694a163d7b297
  omniauth-github (2.0.1) sha256=8ff8e70ac6d6db9d52485eef52cfa894938c941496e66b52b5e2773ade3ccad4
  omniauth-oauth2 (1.8.0) sha256=b2f8e9559cc7e2d4efba57607691d6d2b634b879fc5b5b6ccfefa3da85089e78
  omniauth-rails_csrf_protection (1.0.1) sha256=fc546aeb7d43b7b9d7737051c380156e61c8f080b898cd4934d523eaa7e59acf
  openid_connect (1.4.2) sha256=887dab7309d559bcbe5a89130a85940f9dd1e07785dadc3edc661772776c33cd
  opensearch-api (1.0.0) sha256=08a975c4e6455685fdd7e5559e23023a804537d9b06887151ecec3c9a74eb042
  opensearch-dsl (0.2.1) sha256=606792cf9831fd5280ac6e4b4a97eae800af97b1df060ed3f4f19f7e20c54b57
  opensearch-ruby (1.0.1) sha256=d74f3f76e5b7b205ce615247a26d8dbb40c8f417e783d7efb6417882f89daa7e
  opensearch-transport (1.0.1) sha256=990fa01af9baf9c1371d02a8d545ca75521e11ac555557364957fa8a825b2a52
  openssl (3.1.0) sha256=e3a01279e918a7a5cf741db69b124864878b1a9783b1f2d34854bc1d444ac430
  openssl-signature_algorithm (1.3.0) sha256=a3b40b5e8276162d4a6e50c7c97cdaf1446f9b2c3946a6fa2c14628e0c957e80
  optimist (3.0.1) sha256=336b753676d6117cad9301fac7e91dab4228f747d4e7179891ad3a163c64e2ed
  pagy (6.1.0) sha256=ec9112874430444a191830ae6667c071cf45c81f038d8a35f04a0c5d3cbfea6d
  parallel (1.22.1) sha256=ebdf1f0c51f182df38522f70ba770214940bef998cdb6e00f36492b29699761f
  parser (3.2.1.1) sha256=2c3fe2cbc54c90b74f2de92e61bc533090bc6eb84290db03a9dd1eee902b5ba8
  pg (1.5.4) sha256=04f7b247151c639a0b955d8e5a9a41541343f4640aa3c2bdf749a872c339d25d
  pry (0.14.1) sha256=99b6df0665875dd5a39d85e0150aa5a12e2bb4fef401b6c4f64d32ee502f8454
  pry-byebug (3.10.1) sha256=c8f975c32255bfdb29e151f5532130be64ff3d0042dc858d0907e849125581f8
  psych (5.0.0) sha256=fe1b31d87cb899443cda72e2ed8fc372578dc0cd4442c9ec270ae3d8d1fab747
  public_suffix (5.0.3) sha256=337d475da2bd2ea1de0446751cb972ad43243b4b00aa8cf91cb904fa593d3259
  puma (6.4.0) sha256=d5dda11362744df9f4694708a62e3cfddf72eba7498c16016ebbb30f106712f9
  pundit (2.3.1) sha256=5c62a2e7c65278828d51fb921a3e608472a262a39a046d53d0e78588a556b181
  pwned (2.3.0) sha256=63f5a9576f109203684e9dd053f815649fd5bc0a0348b7190568272641b22353
  raabro (1.4.0) sha256=d4fa9ff5172391edb92b242eed8be802d1934b1464061ae5e70d80962c5da882
  racc (1.7.1) sha256=af64124836fdd3c00e830703d7f873ea5deabde923f37006a39f5a5e0da16387
  rack (2.2.8) sha256=7b83a1f1304a8f5554c67bc83632d29ecd2ed1daeb88d276b7898533fde22d97
  rack-attack (6.7.0) sha256=3ca47e8f66cd33b2c96af53ea4754525cd928ed3fa8da10ee6dad0277791d77c
  rack-oauth2 (1.21.3) sha256=4e72a79dd6a866692e84422a552b27c38a5a1918ded06661e04910f2bbe676ba
  rack-protection (3.0.5) sha256=3a428f9de18ee2a4080e2fab308f20f9e98d74dcbe06ed407a8035b46ba822a8
  rack-test (2.1.0) sha256=0c61fc61904049d691922ea4bb99e28004ed3f43aa5cfd495024cc345f125dfb
  rack-utf8_sanitizer (1.9.1) sha256=6414b70172f5678e23044abf1d00f6a32e62a335507c9548bc5caf9e3bff6da0
  rails (7.0.8) sha256=8e43af921acf766fb429126f020ec90c3b25809631f8fbdff95c3553828d5867
  rails-controller-testing (1.0.5) sha256=741448db59366073e86fc965ba403f881c636b79a2c39a48d0486f2607182e94
  rails-dom-testing (2.2.0) sha256=e515712e48df1f687a1d7c380fd7b07b8558faa26464474da64183a7426fa93b
  rails-erd (1.7.2) sha256=0b17d0fba25d319d8da8af7a3e5e2149d02d6187cc7351e8be43423f07c48bcd
  rails-html-sanitizer (1.6.0) sha256=86e9f19d2e6748890dcc2633c8945ca45baa08a1df9d8c215ce17b3b0afaa4de
  rails-i18n (7.0.8) sha256=ee9ff92bc4734085aaf234157a7c1c795a29bf3f7edeede1e14e3d4247dd12cd
  rails_semantic_logger (4.12.0) sha256=28e4ed6ac1c4f5c1147a669a5196ad0664d62205e70f6022b36fe5f25fcda2af
  railties (7.0.8) sha256=12325c3933efd33f8ead640197dec3b8c27c8d45607dd68b7b925896bf09cc69
  rainbow (3.1.1) sha256=039491aa3a89f42efa1d6dec2fc4e62ede96eb6acd95e52f1ad581182b79bc6a
  rake (13.1.0) sha256=be6a3e1aa7f66e6c65fa57555234eb75ce4cf4ada077658449207205474199c6
  rb-fsevent (0.11.2) sha256=43900b972e7301d6570f64b850a5aa67833ee7d87b458ee92805d56b7318aefe
  rb-inotify (0.10.1) sha256=050062d4f31d307cca52c3f6a7f4b946df8de25fc4bd373e1a5142e41034a7ca
  rbtrace (0.4.14) sha256=162bbf89cecabfc4f09c869b655f6f3a679c4870ebb7cbdcadf7393a81cc1769
  rdoc (6.5.0) sha256=95b98a0b087fcd9ab59e05864fab605b1ead12bab4212eb1d2295fc574672217
  regexp_parser (2.8.1) sha256=83f63e2bfae3db38f988c66f114485140ff1791321fd827480bc75aa42cacb8c
  rexml (3.2.6) sha256=e0669a2d4e9f109951cb1fde723d8acd285425d81594a2ea929304af50282816
  roadie (5.2.0) sha256=f4dc8e41ccc331ebe4833cfa8e7495446db8bfd725c1a9b480147cb53c4945e3
  roadie-rails (3.1.0) sha256=5a45e1a7eb2f7cac29325ef8be64684c9d67cec608b235a69e38a7b79c64de21
  rotp (6.3.0) sha256=75d40087e65ed0d8022c33055a6306c1c400d1c12261932533b5d6cbcd868854
  rqrcode (2.2.0) sha256=23eea88bb44c7ee6d6cab9354d08c287f7ebcdc6112e1fe7bcc2d010d1ffefc1
  rqrcode_core (1.2.0) sha256=cf4989dc82d24e2877984738c4ee569308625fed2a810960f1b02d68d0308d1a
  rubocop (1.48.0) sha256=2a90d242c2155c6d72cfaaf86d68bbbe58a6816cc8b192ac8c6702466c40c231
  rubocop-ast (1.27.0) sha256=0a88b64598ce7a7422579a11f419e4424fb2b10537b34b1a1b107f88f95c2a9a
  rubocop-capybara (2.17.1) sha256=d648a6efd9607da494e379cdeb8d4569f88eb0e6c0a35ba964af2f0c6815e5df
  rubocop-minitest (0.29.0) sha256=e815a04e68bffe10701c7537d388cbfef85b44d445d2651b7db9db8b70448ab6
  rubocop-performance (1.16.0) sha256=cc764f84bf37c6ef269973e686c3b33f258ffd612130e40856b25103de06efd8
  rubocop-rails (2.18.0) sha256=a646566f436b18f66e0b89a23df87ec4eb5318a74c9e6044271aca126b03fd8d
  ruby-graphviz (1.2.5) sha256=1c2bb44e3f6da9e2b829f5e7fd8d75a521485fb6b4d1fc66ff0f93f906121504
  ruby-magic (0.6.0) sha256=7b2138877b7d23aff812c95564eba6473b74b815ef85beb0eb792e729a2b6101
  ruby-progressbar (1.13.0) sha256=80fc9c47a9b640d6834e0dc7b3c94c9df37f08cb072b7761e4a71e22cff29b33
  ruby-statistics (3.0.2) sha256=fb53e7a9f9681dac144c02539d3535fb2e8fae626f78b907219b0586ff53ec20
  ruby2_keywords (0.0.5) sha256=ffd13740c573b7301cf7a2e61fc857b2a8e3d3aff32545d6f8300d8bae10e3ef
  rubyzip (2.3.2) sha256=3f57e3935dc2255c414484fbf8d673b4909d8a6a57007ed754dde39342d2373f
  safety_net_attestation (0.4.0) sha256=96be2d74e7ed26453a51894913449bea0e072f44490021545ac2d1c38b0718ce
  sass-embedded (1.66.1) sha256=5e7660b520109584f441d60bfa9d349884dab6be70aa4392a389eb82d7fc0e0d
  sawyer (0.9.2) sha256=fa3a72d62a4525517b18857ddb78926aab3424de0129be6772a8e2ba240e7aca
  searchkick (5.3.0) sha256=e2d526be4be2b459c319bce8bf6307ce0e41b6aafe2af257d526fd20d60fe211
  selenium-webdriver (4.14.0) sha256=55726f81021d3f085ed9fcd318486b7ba90155598bb9e1fde7e4deeefe139d24
  semantic (1.6.1) sha256=3cdbb48f59198ebb782a3fdfb87b559e0822a311610db153bae22777a7d0c163
  semantic_logger (4.13.0) sha256=e86ed9d8ef9293c5722ca513ab8a80cb0554b705a282b030447d51c4c7f42ccd
  shoryuken (4.0.3) sha256=ccbf521fa77c7d549e7e3d4648796639701610344364dbbb0e2cb996b5b368f8
  shoulda (4.0.0) sha256=e677218c432eaa102a173e7047fbcf396ebc8ccea467725ba4e6053bc9e09c0a
  shoulda-context (2.0.0) sha256=7adf45342cd800f507d2a053658cb1cce2884b616b26004d39684b912ea32c34
  shoulda-matchers (4.4.1) sha256=f4f0184d6c33bc0b963a03bb48a6b24719dddc9e03c9016daeae91dce95aa1f1
  simplecov (0.22.0) sha256=fe2622c7834ff23b98066bb0a854284b2729a569ac659f82621fc22ef36213a5
  simplecov-cobertura (2.1.0) sha256=2c6532e34df2e38a379d72cef9a05c3b16c64ce90566beebc6887801c4ad3f02
  simplecov-html (0.12.3) sha256=4b1aad33259ffba8b29c6876c12db70e5750cb9df829486e4c6e5da4fa0aa07b
  simplecov_json_formatter (0.1.4) sha256=529418fbe8de1713ac2b2d612aa3daa56d316975d307244399fa4838c601b428
  snaky_hash (2.0.1) sha256=1ac87ec157fcfe7a460e821e0cd48ae1e6f5e3e082ab520f03f31a9259dbdc31
  sprockets (4.0.2) sha256=68d44758ae3da4f172c80abeff323100b4c4bb2f0ff6e1a3cb6e6c69e8e26f46
  sprockets-rails (3.4.2) sha256=36d6327757ccf7460a00d1d52b2d5ef0019a4670503046a129fa1fb1300931ad
  statsd-instrument (3.5.12) sha256=162b4abb58b30e0a5bf0ae2af7f0b9ae9438fcd749a3f2dad67415166a241dc9
  stringio (3.0.8) sha256=135b23c65628dc395d49cf660df1c10b6417338f8dac175bf59762b97a33a947
  strong_migrations (1.6.4) sha256=0e67822fc47e778835339d10955d687d71db7f36a89e76d399542661e20e8761
  swd (1.3.0) sha256=bc382a19e1d36a95529b25152976db61b80376c3d486b21c8dd60ac2b5c06389
  tailwindcss-rails (2.0.31) sha256=54ed1c682d66d1d165e489f7eca8b5e8eebfd0e7f7c319198b27bbe199c2a3bc
  terser (1.1.19) sha256=462dfcce4c98c3b1bb8bc121c7583ea5f2640bd2e9565872a607ca336a6754a1
  thor (1.3.0) sha256=1adc7f9e5b3655a68c71393fee8bd0ad088d14ee8e83a0b73726f23cbb3ca7c3
  tilt (2.2.0) sha256=e76f850e611128a87992bb13ba74807624a9b8ec748e2c2ea7139580f67ab22e
  timeout (0.4.0) sha256=cd6d1f3e83594a90ac1f3de8235399bff87112d97fec928ee2b77de240dd2cb5
  toxiproxy (2.0.2) sha256=2e3b53604fb921d40da3db8f78a52b3133fcae33e93d440725335b15974e440a
  tpm-key_attestation (0.12.0) sha256=e133d80cf24fef0e7a7dfad00fd6aeff01fc79875fbfc66cd8537bbd622b1e6d
  turbo-rails (1.5.0) sha256=b426cc762fb0940277729b3f1751a9f0bd269f5613c1d62ac73e5f0be7c7a83e
  tzinfo (2.0.6) sha256=8daf828cc77bcf7d63b0e3bdb6caa47e2272dcfaf4fbfe46f8c3a9df087a829b
  unf (0.1.4) sha256=4999517a531f2a955750f8831941891f6158498ec9b6cb1c81ce89388e63022e
  unf_ext (0.0.8.2) sha256=90b9623ee359cc4878461c5d2eab7d3d3ce5801a680a9e7ac83b8040c5b742fa
  unicode-display_width (2.4.2) sha256=6a10205d1a19ca790c4e53064ba93f09d9eb234bf6bd135d9deb6001c21428be
  unpwn (1.0.0) sha256=6239d17d46a882b3719b24fb79c78a34caff89d57ab0f5e546be5b5c882bc7d3
  validate_email (0.1.6) sha256=9dfe9016d527b17a8d3a6e95e4dc50a125400eef899d13d4cc2a254393f82ee4
  validate_url (1.0.15) sha256=72fe164c0713d63a9970bd6700bea948babbfbdcec392f2342b6704042f57451
  validates_formatting_of (0.9.0) sha256=139590a4b87596dbfb04d93e897bd2e6d30fb849d04fab0343e71ed2ca856e7e
  version_gem (1.1.1) sha256=3c2da6ded29045ddcc0387e152dc634e1f0c490b7128dce0697ccc1cf0915b6c
  view_component (2.82.0) sha256=c8b69561e19d8f9c4ba8c16df7f3bf2a5f0bba439dd25a597948e118f6bc9baf
  webauthn (3.0.0) sha256=3f77d422c2a8a4b31e56cf42f83414bd066e0506e9896936e1730262dc4a20e6
  webfinger (1.2.0) sha256=7814ef1c85da47514f65c6e5ca14205fa9ce41ea2a70785e0c872842162852a2
  webmock (3.19.1) sha256=eae7eee33989478188451f1fda4224d7fbe097c5c14e96b40b57347ef2d5d16d
  websocket (1.2.10) sha256=2cc1a4a79b6e63637b326b4273e46adcddf7871caa5dc5711f2ca4061a629fa8
  websocket-driver (0.7.6) sha256=f69400be7bc197879726ad8e6f5869a61823147372fd8928836a53c2c741d0db
  websocket-extensions (0.1.5) sha256=1c6ba63092cda343eb53fc657110c71c754c56484aad42578495227d717a8241
  xml-simple (1.1.9) sha256=d21131e519c86f1a5bc2b6d2d57d46e6998e47f18ed249b25cad86433dbd695d
  xpath (3.2.0) sha256=6dfda79d91bb3b949b947ecc5919f042ef2f399b904013eb3ef6d20dd3a4082e
  zeitwerk (2.6.12) sha256=561e12975d0332fd3b62cc859aff3bab432e5f320689c8a10cd4674b5c0439be

BUNDLED WITH
   2.5.1
